##TITLE=Parameter List
##JCAMPDX=4.24
##DATATYPE=Parameter Values
##ORIGIN=Bruker BioSpin MRI GmbH
##OWNER=agoldsher
$$ Wed Jun 14 12:25:28 2017 MST (UT-7h)  agoldsher
$$ /opt/PV51/data/agoldsher/nmr/AVG-uPA-T1-AL1.HY1/3/pdata/1/visu_pars
##$VisuVersion=1
##$VisuUid=( 65 )
<2.16.756.5.5.100.4167689927.15715.1497468328.554>
##$VisuCreator=( 65 )
<ParaVision>
##$VisuCreatorVersion=( 65 )
<5.1>
##$VisuCreationDate=( 21 )
<11:33:47 14 Jun 2017>
$$ @vis= VisuVersion VisuUid VisuCreator VisuCreatorVersion VisuCreationDate
##$VisuCoreFrameCount=552
##$VisuCoreDim=2
##$VisuCoreSize=( 2 )
96 96
##$VisuCoreDimDesc=( 2 )
spatial spatial
$$ @vis= VisuInstance VisuCoreFrameCount VisuCoreDim VisuCoreSize
##$VisuCoreExtent=( 2 )
48 48
##$VisuCoreFrameThickness=( 1 )
2
##$VisuCoreUnits=( 2, 65 )
<mm> <mm>
##$VisuCoreOrientation=( 1, 9 )
1 0 0 0 1 0 0 0 1
$$ @vis= VisuCoreDimDesc VisuCoreExtent VisuCoreFrameThickness VisuCoreUnits
##$VisuCorePosition=( 1, 3 )
-24 -24 0
##$VisuCoreDataMin=( 552 )
0 0 0 0 0 0 0 0 0 0 0 0 0 0 0 0 0 0 0 0 0 0 0 0 0 0 0 0 0 0 0 0 0 0 0 0 0 0 0 
0 0 0 0 0 0 0 0 0 0 0 0 0 0 0 0 0 0 0 0 0 0 0 0 0 0 0 0 0 0 0 0 0 0 0 0 0 0 0 
0 0 0 0 0 0 0 0 0 0 0 0 0 0 0 0 0 0 0 0 0 0 0 0 0 0 0 0 0 0 0 0 0 0 0 0 0 0 0 
0 0 0 0 0 0 0 0 0 0 0 0 0 0 0 0 0 0 0 0 0 0 0 0 0 0 0 0 0 0 0 0 0 0 0 0 0 0 0 
0 0 0 0 0 0 0 0 0 0 0 0 0 0 0 0 0 0 0 0 0 0 0 0 0 0 0 0 0 0 0 0 0 0 0 0 0 0 0 
0 0 0 0 0 0 0 0 0 0 0 0 0 0 0 0 0 0 0 0 0 0 0 0 0 0 0 0 0 0 0 0 0 0 0 0 0 0 0 
0 0 0 0 0 0 0 0 0 0 0 0 0 0 0 0 0 0 0 0 0 0 0 0 0 0 0 0 0 0 0 0 0 0 0 0 0 0 0 
0 0 0 0 0 0 0 0 0 0 0 0 0 0 0 0 0 0 0 0 0 0 0 0 0 0 0 0 0 0 0 0 0 0 0 0 0 0 0 
0 0 0 0 0 0 0 0 0 0 0 0 0 0 0 0 0 0 0 0 0 0 0 0 0 0 0 0 0 0 0 0 0 0 0 0 0 0 0 
0 0 0 0 0 0 0 0 0 0 0 0 0 0 0 0 0 0 0 0 0 0 0 0 0 0 0 0 0 0 0 0 0 0 0 0 0 0 0 
0 0 0 0 0 0 0 0 0 0 0 0 0 0 0 0 0 0 0 0 0 0 0 0 0 0 0 0 0 0 0 0 0 0 0 0 0 0 0 
0 0 0 0 0 0 0 0 0 0 0 0 0 0 0 0 0 0 0 0 0 0 0 0 0 0 0 0 0 0 0 0 0 0 0 0 0 0 0 
0 0 0 0 0 0 0 0 0 0 0 0 0 0 0 0 0 0 0 0 0 0 0 0 0 0 0 0 0 0 0 0 0 0 0 0 0 0 0 
0 0 0 0 0 0 0 0 0 0 0 0 0 0 0 0 0 0 0 0 0 0 0 0 0 0 0 0 0 0 0 0 0 0 0 0 0 0 0 
0 0 0 0 0 0
##$VisuCoreDataMax=( 552 )
32767 29801 29187 28850 29157 29665 29576 30130 28721 28346 28823 28970 29176 
28578 28632 30619 27624 28154 27304 28256 27014 26491 27002 28163 25847 25672 
23164 22112 21031 19995 16395 15515 14767 14107 13870 17806 22243 22717 23421 
25058 25271 25400 26646 29490 31289 29915 29457 29078 32127 28840 28570 29554 
29388 29361 28421 29403 28942 28719 28575 28728 28899 28263 30083 27527 28755 
28547 27877 27150 26536 25978 24275 24123 23435 22258 20278 18452 15978 14025 
13870 14008 13305 17207 20337 23077 23149 23767 24649 26793 26321 28057 28854 
29174 30040 29642 29234 28507 29172 28422 29546 28806 28366 29052 29323 27713 
27862 28000 28028 28517 27886 28077 27278 26922 27137 26392 25652 25476 24828 
24006 23907 22045 19721 18944 15787 14378 14626 14154 12917 16870 20235 21953 
23170 24212 24914 24584 27509 28131 28387 28151 28767 28868 28603 27494 28742 
28693 27234 27327 27717 27970 28167 27815 26789 27479 27599 27999 27709 27444 
27196 26588 27144 26671 26090 24310 24034 24467 21957 21927 20359 18803 16814 
14945 14592 13366 13268 16926 21310 22074 22942 23715 25205 24760 26945 28097 
28190 29124 29393 28597 28652 29231 29831 28126 28129 30193 27960 28328 28741 
27833 27613 27310 27362 28062 27382 28338 26640 26402 26688 26546 25511 25870 
23263 23842 23340 21831 20597 18601 15471 14588 13859 13405 12397 17305 20754 
21824 22164 23965 24371 24544 25406 27475 28495 27553 28952 28302 27860 28055 
28127 28539 28229 28172 29551 27966 26975 29775 26671 27042 27511 26990 27086 
27229 27364 26771 25777 25946 25758 24799 24500 23038 22539 21383 20150 18307 
16606 14287 12980 12382 13575 16407 20995 21070 24056 23053 23936 24030 25554 
27262 28156 28523 28414 27689 27815 29787 29332 27328 27708 27851 29670 27510 
27114 26986 27534 27690 26569 27596 26964 26743 25700 26144 25517 25325 27487 
25155 24790 23728 23069 21392 20582 19079 15923 14555 13853 13282 12954 18074 
19717 21999 21846 22089 23803 23522 25024 27134 27433 30664 28345 28053 28199 
27126 27486 26629 27630 28565 27614 27458 27752 27844 26929 27837 28809 26536 
28630 27273 26562 25464 25477 25736 25482 25359 23930 23983 22719 22226 19929 
19310 16342 13713 13653 13600 13269 18814 20546 23804 22115 22873 22599 24272 
26153 27527 27915 28228 28443 28136 28409 30369 27810 28217 27620 28070 28116 
28004 27608 27808 27117 27530 27117 28539 26548 27087 26914 26905 28486 26292 
25887 27576 24755 24524 23405 22399 20432 19092 17267 13982 13482 12593 12883 
17834 20904 21842 24053 22311 22792 24204 26268 27794 31215 28530 28899 30517 
28491 28801 27908 28926 28490 28274 28556 28823 28584 26703 28486 27752 27654 
29480 27579 27623 27657 26521 26767 26247 27975 25289 25199 24733 24885 22781 
21035 18403 16676 14111 13746 12447 12646 17194 21488 22580 22133 22589 23654 
24867 26683 27670 28234 29487 29031 28459 31068 27950 29859 28609 29440 28575 
28400 28212 28921 28222 27696 28109 27577 28213 27280 26884 27262 27819 26134 
26869 25724 25818 24500 24322 23126 22607 21214 19451 16419 13898 13304 12717 
12623 17856 21184 22781 22321 22923 23632 24664 26056 28475 28059 31164 28737 
28605 28263 28930 28128 28600 27592 28635 28045 28343 27953 28642 27445 28210 
27290 27938 27849 26435 26997 26695 26883 26739 25791 24863 24444 23302 25115 
21897 20774 18537 16698 14797 13327 13204 12845 17520 21444 22342 23065 22909 
23932 24625 27299 28092 28201 28756
##$VisuCoreDataOffs=( 552 )
0 0 0 0 0 0 0 0 0 0 0 0 0 0 0 0 0 0 0 0 0 0 0 0 0 0 0 0 0 0 0 0 0 0 0 0 0 0 0 
0 0 0 0 0 0 0 0 0 0 0 0 0 0 0 0 0 0 0 0 0 0 0 0 0 0 0 0 0 0 0 0 0 0 0 0 0 0 0 
0 0 0 0 0 0 0 0 0 0 0 0 0 0 0 0 0 0 0 0 0 0 0 0 0 0 0 0 0 0 0 0 0 0 0 0 0 0 0 
0 0 0 0 0 0 0 0 0 0 0 0 0 0 0 0 0 0 0 0 0 0 0 0 0 0 0 0 0 0 0 0 0 0 0 0 0 0 0 
0 0 0 0 0 0 0 0 0 0 0 0 0 0 0 0 0 0 0 0 0 0 0 0 0 0 0 0 0 0 0 0 0 0 0 0 0 0 0 
0 0 0 0 0 0 0 0 0 0 0 0 0 0 0 0 0 0 0 0 0 0 0 0 0 0 0 0 0 0 0 0 0 0 0 0 0 0 0 
0 0 0 0 0 0 0 0 0 0 0 0 0 0 0 0 0 0 0 0 0 0 0 0 0 0 0 0 0 0 0 0 0 0 0 0 0 0 0 
0 0 0 0 0 0 0 0 0 0 0 0 0 0 0 0 0 0 0 0 0 0 0 0 0 0 0 0 0 0 0 0 0 0 0 0 0 0 0 
0 0 0 0 0 0 0 0 0 0 0 0 0 0 0 0 0 0 0 0 0 0 0 0 0 0 0 0 0 0 0 0 0 0 0 0 0 0 0 
0 0 0 0 0 0 0 0 0 0 0 0 0 0 0 0 0 0 0 0 0 0 0 0 0 0 0 0 0 0 0 0 0 0 0 0 0 0 0 
0 0 0 0 0 0 0 0 0 0 0 0 0 0 0 0 0 0 0 0 0 0 0 0 0 0 0 0 0 0 0 0 0 0 0 0 0 0 0 
0 0 0 0 0 0 0 0 0 0 0 0 0 0 0 0 0 0 0 0 0 0 0 0 0 0 0 0 0 0 0 0 0 0 0 0 0 0 0 
0 0 0 0 0 0 0 0 0 0 0 0 0 0 0 0 0 0 0 0 0 0 0 0 0 0 0 0 0 0 0 0 0 0 0 0 0 0 0 
0 0 0 0 0 0 0 0 0 0 0 0 0 0 0 0 0 0 0 0 0 0 0 0 0 0 0 0 0 0 0 0 0 0 0 0 0 0 0 
0 0 0 0 0 0
$$ @vis= VisuCoreOrientation VisuCorePosition VisuCoreDataMin VisuCoreDataMax
##$VisuCoreDataSlope=( 552 )
50.8689223788578 50.8689223788578 50.8689223788578 50.8689223788578 
50.8689223788578 50.8689223788578 50.8689223788578 50.8689223788578 
50.8689223788578 50.8689223788578 50.8689223788578 50.8689223788578 
50.8689223788578 50.8689223788578 50.8689223788578 50.8689223788578 
50.8689223788578 50.8689223788578 50.8689223788578 50.8689223788578 
50.8689223788578 50.8689223788578 50.8689223788578 50.8689223788578 
50.8689223788578 50.8689223788578 50.8689223788578 50.8689223788578 
50.8689223788578 50.8689223788578 50.8689223788578 50.8689223788578 
50.8689223788578 50.8689223788578 50.8689223788578 50.8689223788578 
50.8689223788578 50.8689223788578 50.8689223788578 50.8689223788578 
50.8689223788578 50.8689223788578 50.8689223788578 50.8689223788578 
50.8689223788578 50.8689223788578 50.8689223788578 50.8689223788578 
50.8689223788578 50.8689223788578 50.8689223788578 50.8689223788578 
50.8689223788578 50.8689223788578 50.8689223788578 50.8689223788578 
50.8689223788578 50.8689223788578 50.8689223788578 50.8689223788578 
50.8689223788578 50.8689223788578 50.8689223788578 50.8689223788578 
50.8689223788578 50.8689223788578 50.8689223788578 50.8689223788578 
50.8689223788578 50.8689223788578 50.8689223788578 50.8689223788578 
50.8689223788578 50.8689223788578 50.8689223788578 50.8689223788578 
50.8689223788578 50.8689223788578 50.8689223788578 50.8689223788578 
50.8689223788578 50.8689223788578 50.8689223788578 50.8689223788578 
50.8689223788578 50.8689223788578 50.8689223788578 50.8689223788578 
50.8689223788578 50.8689223788578 50.8689223788578 50.8689223788578 
50.8689223788578 50.8689223788578 50.8689223788578 50.8689223788578 
50.8689223788578 50.8689223788578 50.8689223788578 50.8689223788578 
50.8689223788578 50.8689223788578 50.8689223788578 50.8689223788578 
50.8689223788578 50.8689223788578 50.8689223788578 50.8689223788578 
50.8689223788578 50.8689223788578 50.8689223788578 50.8689223788578 
50.8689223788578 50.8689223788578 50.8689223788578 50.8689223788578 
50.8689223788578 50.8689223788578 50.8689223788578 50.8689223788578 
50.8689223788578 50.8689223788578 50.8689223788578 50.8689223788578 
50.8689223788578 50.8689223788578 50.8689223788578 50.8689223788578 
50.8689223788578 50.8689223788578 50.8689223788578 50.8689223788578 
50.8689223788578 50.8689223788578 50.8689223788578 50.8689223788578 
50.8689223788578 50.8689223788578 50.8689223788578 50.8689223788578 
50.8689223788578 50.8689223788578 50.8689223788578 50.8689223788578 
50.8689223788578 50.8689223788578 50.8689223788578 50.8689223788578 
50.8689223788578 50.8689223788578 50.8689223788578 50.8689223788578 
50.8689223788578 50.8689223788578 50.8689223788578 50.8689223788578 
50.8689223788578 50.8689223788578 50.8689223788578 50.8689223788578 
50.8689223788578 50.8689223788578 50.8689223788578 50.8689223788578 
50.8689223788578 50.8689223788578 50.8689223788578 50.8689223788578 
50.8689223788578 50.8689223788578 50.8689223788578 50.8689223788578 
50.8689223788578 50.8689223788578 50.8689223788578 50.8689223788578 
50.8689223788578 50.8689223788578 50.8689223788578 50.8689223788578 
50.8689223788578 50.8689223788578 50.8689223788578 50.8689223788578 
50.8689223788578 50.8689223788578 50.8689223788578 50.8689223788578 
50.8689223788578 50.8689223788578 50.8689223788578 50.8689223788578 
50.8689223788578 50.8689223788578 50.8689223788578 50.8689223788578 
50.8689223788578 50.8689223788578 50.8689223788578 50.8689223788578 
50.8689223788578 50.8689223788578 50.8689223788578 50.8689223788578 
50.8689223788578 50.8689223788578 50.8689223788578 50.8689223788578 
50.8689223788578 50.8689223788578 50.8689223788578 50.8689223788578 
50.8689223788578 50.8689223788578 50.8689223788578 50.8689223788578 
50.8689223788578 50.8689223788578 50.8689223788578 50.8689223788578 
50.8689223788578 50.8689223788578 50.8689223788578 50.8689223788578 
50.8689223788578 50.8689223788578 50.8689223788578 50.8689223788578 
50.8689223788578 50.8689223788578 50.8689223788578 50.8689223788578 
50.8689223788578 50.8689223788578 50.8689223788578 50.8689223788578 
50.8689223788578 50.8689223788578 50.8689223788578 50.8689223788578 
50.8689223788578 50.8689223788578 50.8689223788578 50.8689223788578 
50.8689223788578 50.8689223788578 50.8689223788578 50.8689223788578 
50.8689223788578 50.8689223788578 50.8689223788578 50.8689223788578 
50.8689223788578 50.8689223788578 50.8689223788578 50.8689223788578 
50.8689223788578 50.8689223788578 50.8689223788578 50.8689223788578 
50.8689223788578 50.8689223788578 50.8689223788578 50.8689223788578 
50.8689223788578 50.8689223788578 50.8689223788578 50.8689223788578 
50.8689223788578 50.8689223788578 50.8689223788578 50.8689223788578 
50.8689223788578 50.8689223788578 50.8689223788578 50.8689223788578 
50.8689223788578 50.8689223788578 50.8689223788578 50.8689223788578 
50.8689223788578 50.8689223788578 50.8689223788578 50.8689223788578 
50.8689223788578 50.8689223788578 50.8689223788578 50.8689223788578 
50.8689223788578 50.8689223788578 50.8689223788578 50.8689223788578 
50.8689223788578 50.8689223788578 50.8689223788578 50.8689223788578 
50.8689223788578 50.8689223788578 50.8689223788578 50.8689223788578 
50.8689223788578 50.8689223788578 50.8689223788578 50.8689223788578 
50.8689223788578 50.8689223788578 50.8689223788578 50.8689223788578 
50.8689223788578 50.8689223788578 50.8689223788578 50.8689223788578 
50.8689223788578 50.8689223788578 50.8689223788578 50.8689223788578 
50.8689223788578 50.8689223788578 50.8689223788578 50.8689223788578 
50.8689223788578 50.8689223788578 50.8689223788578 50.8689223788578 
50.8689223788578 50.8689223788578 50.8689223788578 50.8689223788578 
50.8689223788578 50.8689223788578 50.8689223788578 50.8689223788578 
50.8689223788578 50.8689223788578 50.8689223788578 50.8689223788578 
50.8689223788578 50.8689223788578 50.8689223788578 50.8689223788578 
50.8689223788578 50.8689223788578 50.8689223788578 50.8689223788578 
50.8689223788578 50.8689223788578 50.8689223788578 50.8689223788578 
50.8689223788578 50.8689223788578 50.8689223788578 50.8689223788578 
50.8689223788578 50.8689223788578 50.8689223788578 50.8689223788578 
50.8689223788578 50.8689223788578 50.8689223788578 50.8689223788578 
50.8689223788578 50.8689223788578 50.8689223788578 50.8689223788578 
50.8689223788578 50.8689223788578 50.8689223788578 50.8689223788578 
50.8689223788578 50.8689223788578 50.8689223788578 50.8689223788578 
50.8689223788578 50.8689223788578 50.8689223788578 50.8689223788578 
50.8689223788578 50.8689223788578 50.8689223788578 50.8689223788578 
50.8689223788578 50.8689223788578 50.8689223788578 50.8689223788578 
50.8689223788578 50.8689223788578 50.8689223788578 50.8689223788578 
50.8689223788578 50.8689223788578 50.8689223788578 50.8689223788578 
50.8689223788578 50.8689223788578 50.8689223788578 50.8689223788578 
50.8689223788578 50.8689223788578 50.8689223788578 50.8689223788578 
50.8689223788578 50.8689223788578 50.8689223788578 50.8689223788578 
50.8689223788578 50.8689223788578 50.8689223788578 50.8689223788578 
50.8689223788578 50.8689223788578 50.8689223788578 50.8689223788578 
50.8689223788578 50.8689223788578 50.8689223788578 50.8689223788578 
50.8689223788578 50.8689223788578 50.8689223788578 50.8689223788578 
50.8689223788578 50.8689223788578 50.8689223788578 50.8689223788578 
50.8689223788578 50.8689223788578 50.8689223788578 50.8689223788578 
50.8689223788578 50.8689223788578 50.8689223788578 50.8689223788578 
50.8689223788578 50.8689223788578 50.8689223788578 50.8689223788578 
50.8689223788578 50.8689223788578 50.8689223788578 50.8689223788578 
50.8689223788578 50.8689223788578 50.8689223788578 50.8689223788578 
50.8689223788578 50.8689223788578 50.8689223788578 50.8689223788578 
50.8689223788578 50.8689223788578 50.8689223788578 50.8689223788578 
50.8689223788578 50.8689223788578 50.8689223788578 50.8689223788578 
50.8689223788578 50.8689223788578 50.8689223788578 50.8689223788578 
50.8689223788578 50.8689223788578 50.8689223788578 50.8689223788578 
50.8689223788578 50.8689223788578 50.8689223788578 50.8689223788578 
50.8689223788578 50.8689223788578 50.8689223788578 50.8689223788578 
50.8689223788578 50.8689223788578 50.8689223788578 50.8689223788578 
50.8689223788578 50.8689223788578 50.8689223788578 50.8689223788578 
50.8689223788578 50.8689223788578 50.8689223788578 50.8689223788578 
50.8689223788578 50.8689223788578 50.8689223788578 50.8689223788578 
50.8689223788578 50.8689223788578 50.8689223788578 50.8689223788578 
50.8689223788578 50.8689223788578 50.8689223788578 50.8689223788578 
50.8689223788578 50.8689223788578 50.8689223788578 50.8689223788578 
50.8689223788578 50.8689223788578 50.8689223788578 50.8689223788578 
50.8689223788578 50.8689223788578 50.8689223788578 50.8689223788578 
50.8689223788578 50.8689223788578 50.8689223788578 50.8689223788578 
50.8689223788578 50.8689223788578 50.8689223788578 50.8689223788578 
50.8689223788578 50.8689223788578 50.8689223788578 50.8689223788578 
50.8689223788578 50.8689223788578 50.8689223788578 50.8689223788578 
50.8689223788578 50.8689223788578 50.8689223788578 50.8689223788578 
50.8689223788578 50.8689223788578 50.8689223788578 50.8689223788578 
50.8689223788578 50.8689223788578 50.8689223788578 50.8689223788578 
50.8689223788578 50.8689223788578 50.8689223788578 50.8689223788578 
50.8689223788578 50.8689223788578 50.8689223788578 50.8689223788578 
50.8689223788578 50.8689223788578 50.8689223788578 50.8689223788578 
50.8689223788578 50.8689223788578 50.8689223788578 50.8689223788578
##$VisuCoreFrameType=MAGNITUDE_IMAGE
##$VisuFGElemComment=( 46, 65 )
<VCEST=  4800.0Hz> <VCEST=  4260.0Hz> <VCEST=  4140.0Hz> <VCEST=  4028.3Hz> <
VCEST=  3916.6Hz> <VCEST=  3804.8Hz> <VCEST=  3693.1Hz> <VCEST=  3581.4Hz> <
VCEST=  3469.7Hz> <VCEST=  3357.9Hz> <VCEST=  3246.2Hz> <VCEST=  3134.5Hz> <
VCEST=  3022.8Hz> <VCEST=  2911.0Hz> <VCEST=  2799.3Hz> <VCEST=  2687.6Hz> <
VCEST=  2575.9Hz> <VCEST=  2464.1Hz> <VCEST=  2352.4Hz> <VCEST=  2240.7Hz> <
VCEST=  2129.0Hz> <VCEST=  2017.2Hz> <VCEST=  1905.5Hz> <VCEST=  1793.8Hz> <
VCEST=  1682.1Hz> <VCEST=  1570.3Hz> <VCEST=  1458.6Hz> <VCEST=  1346.9Hz> <
VCEST=  1235.2Hz> <VCEST=  1123.4Hz> <VCEST=  1011.7Hz> <VCEST=   900.0Hz> <
VCEST=   750.0Hz> <VCEST=   600.0Hz> <VCEST=   450.0Hz> <VCEST=   300.0Hz> <
VCEST=   150.0Hz> <VCEST=     0.0Hz> <VCEST=  -150.0Hz> <VCEST=  -300.0Hz> <
VCEST=  -450.0Hz> <VCEST=  -600.0Hz> <VCEST=  -900.0Hz> <VCEST= -1800.0Hz> <
VCEST= -2700.0Hz> <VCEST= -3600.0Hz>
$$ @vis= VisuCoreDataOffs VisuCoreDataSlope VisuCoreFrameType
##$VisuCoreWordType=_16BIT_SGN_INT
##$VisuCoreByteOrder=littleEndian
$$ @vis= VisuFGElemComment VisuCore VisuCoreWordType VisuCoreByteOrder
##$VisuFGOrderDescDim=2
##$VisuFGOrderDesc=( 2 )
(46, <FG_MOVIE>, <>, 0, 1) (12, <FG_CYCLE>, <>, 1, 0)
##$VisuGroupDepVals=( 2 )
(<VisuFGElemComment>, 0) (<>, 0)
$$ @vis= VisuPixel VisuFGOrderDescDim VisuFGOrderDesc VisuGroupDepVals
##$VisuSubjectName=( 65 )
<AVG-uPA-T1-AL1>
##$VisuSubjectId=( 65 )
<AVG-uPA-T1-AL1>
##$VisuSubjectBirthDate=( 9 )
<>
##$VisuSubjectSex=FEMALE
$$ @vis= VisuFrameOrderDesc VisuSubjectName VisuSubjectId VisuSubjectBirthDate
##$VisuSubjectComment=( 2048 )
<>
##$VisuStudyUid=( 65 )
<2.16.756.5.5.100.4167689927.11109.1497458175.3009>
##$VisuStudyDate=( 21 )
<09:36:15 14 Jun 2017>
$$ @vis= VisuSubjectSex VisuSubjectComment VisuSubject VisuStudyUid
##$VisuStudyId=( 65 )
<AVG-uPA-T1-AL1>
##$VisuStudyNumber=1
##$VisuSubjectWeight=5
##$VisuStudyReferringPhysician=( 65 )
<>
$$ @vis= VisuStudyDate VisuStudyId VisuStudyNumber VisuSubjectWeight
##$VisuStudyDescription=( 65 )
<>
##$VisuSeriesNumber=196609
$$ @vis= VisuStudyReferringPhysician VisuStudyDescription VisuStudy
##$VisuSubjectPosition=Head_Supine
##$VisuSeriesTypeId=( 65 )
<ACQ_USER_PVM>
##$VisuInstitution=( 65 )
<Univ. of Arizona>
$$ @vis= VisuSeriesNumber VisuSubjectPosition VisuSeriesTypeId VisuSeries
##$VisuStation=( 65 )
<Biospec 70/20>
##$VisuAcqDate=( 21 )
<11:33:47 14 Jun 2017>
##$VisuAcqEchoTrainLength=96
$$ @vis= VisuInstitution VisuStation VisuEquipment VisuAcqDate
##$VisuAcqSequenceName=( 40 )
<cESTFISP_SSprep_gate (pvm)>
##$VisuAcqNumberOfAverages=1
##$VisuAcqImagingFrequency=300.243062205616
$$ @vis= VisuAcqEchoTrainLength VisuAcqSequenceName VisuAcqNumberOfAverages
##$VisuAcqImagedNucleus=( 8 )
<1H>
##$VisuAcqRepetitionTime=( 1 )
4.3896
##$VisuAcqPhaseEncSteps=96
$$ @vis= VisuAcqImagingFrequency VisuAcqImagedNucleus VisuAcqRepetitionTime
##$VisuAcqPixelBandwidth=964.506172839506
##$VisuAcqFlipAngle=15
##$VisuAcqSize=( 2 )
96 96
$$ @vis= VisuAcqPhaseEncSteps VisuAcqPixelBandwidth VisuAcqFlipAngle
##$VisuAcqImageSizeAccellerated=No
##$VisuAcqImagePhaseEncDir=( 552 )
col_dir col_dir col_dir col_dir col_dir col_dir col_dir col_dir col_dir 
col_dir col_dir col_dir col_dir col_dir col_dir col_dir col_dir col_dir 
col_dir col_dir col_dir col_dir col_dir col_dir col_dir col_dir col_dir 
col_dir col_dir col_dir col_dir col_dir col_dir col_dir col_dir col_dir 
col_dir col_dir col_dir col_dir col_dir col_dir col_dir col_dir col_dir 
col_dir col_dir col_dir col_dir col_dir col_dir col_dir col_dir col_dir 
col_dir col_dir col_dir col_dir col_dir col_dir col_dir col_dir col_dir 
col_dir col_dir col_dir col_dir col_dir col_dir col_dir col_dir col_dir 
col_dir col_dir col_dir col_dir col_dir col_dir col_dir col_dir col_dir 
col_dir col_dir col_dir col_dir col_dir col_dir col_dir col_dir col_dir 
col_dir col_dir col_dir col_dir col_dir col_dir col_dir col_dir col_dir 
col_dir col_dir col_dir col_dir col_dir col_dir col_dir col_dir col_dir 
col_dir col_dir col_dir col_dir col_dir col_dir col_dir col_dir col_dir 
col_dir col_dir col_dir col_dir col_dir col_dir col_dir col_dir col_dir 
col_dir col_dir col_dir col_dir col_dir col_dir col_dir col_dir col_dir 
col_dir col_dir col_dir col_dir col_dir col_dir col_dir col_dir col_dir 
col_dir col_dir col_dir col_dir col_dir col_dir col_dir col_dir col_dir 
col_dir col_dir col_dir col_dir col_dir col_dir col_dir col_dir col_dir 
col_dir col_dir col_dir col_dir col_dir col_dir col_dir col_dir col_dir 
col_dir col_dir col_dir col_dir col_dir col_dir col_dir col_dir col_dir 
col_dir col_dir col_dir col_dir col_dir col_dir col_dir col_dir col_dir 
col_dir col_dir col_dir col_dir col_dir col_dir col_dir col_dir col_dir 
col_dir col_dir col_dir col_dir col_dir col_dir col_dir col_dir col_dir 
col_dir col_dir col_dir col_dir col_dir col_dir col_dir col_dir col_dir 
col_dir col_dir col_dir col_dir col_dir col_dir col_dir col_dir col_dir 
col_dir col_dir col_dir col_dir col_dir col_dir col_dir col_dir col_dir 
col_dir col_dir col_dir col_dir col_dir col_dir col_dir col_dir col_dir 
col_dir col_dir col_dir col_dir col_dir col_dir col_dir col_dir col_dir 
col_dir col_dir col_dir col_dir col_dir col_dir col_dir col_dir col_dir 
col_dir col_dir col_dir col_dir col_dir col_dir col_dir col_dir col_dir 
col_dir col_dir col_dir col_dir col_dir col_dir col_dir col_dir col_dir 
col_dir col_dir col_dir col_dir col_dir col_dir col_dir col_dir col_dir 
col_dir col_dir col_dir col_dir col_dir col_dir col_dir col_dir col_dir 
col_dir col_dir col_dir col_dir col_dir col_dir col_dir col_dir col_dir 
col_dir col_dir col_dir col_dir col_dir col_dir col_dir col_dir col_dir 
col_dir col_dir col_dir col_dir col_dir col_dir col_dir col_dir col_dir 
col_dir col_dir col_dir col_dir col_dir col_dir col_dir col_dir col_dir 
col_dir col_dir col_dir col_dir col_dir col_dir col_dir col_dir col_dir 
col_dir col_dir col_dir col_dir col_dir col_dir col_dir col_dir col_dir 
col_dir col_dir col_dir col_dir col_dir col_dir col_dir col_dir col_dir 
col_dir col_dir col_dir col_dir col_dir col_dir col_dir col_dir col_dir 
col_dir col_dir col_dir col_dir col_dir col_dir col_dir col_dir col_dir 
col_dir col_dir col_dir col_dir col_dir col_dir col_dir col_dir col_dir 
col_dir col_dir col_dir col_dir col_dir col_dir col_dir col_dir col_dir 
col_dir col_dir col_dir col_dir col_dir col_dir col_dir col_dir col_dir 
col_dir col_dir col_dir col_dir col_dir col_dir col_dir col_dir col_dir 
col_dir col_dir col_dir col_dir col_dir col_dir col_dir col_dir col_dir 
col_dir col_dir col_dir col_dir col_dir col_dir col_dir col_dir col_dir 
col_dir col_dir col_dir col_dir col_dir col_dir col_dir col_dir col_dir 
col_dir col_dir col_dir col_dir col_dir col_dir col_dir col_dir col_dir 
col_dir col_dir col_dir col_dir col_dir col_dir col_dir col_dir col_dir 
col_dir col_dir col_dir col_dir col_dir col_dir col_dir col_dir col_dir 
col_dir col_dir col_dir col_dir col_dir col_dir col_dir col_dir col_dir 
col_dir col_dir col_dir col_dir col_dir col_dir col_dir col_dir col_dir 
col_dir col_dir col_dir col_dir col_dir col_dir col_dir col_dir col_dir 
col_dir col_dir col_dir col_dir col_dir col_dir col_dir col_dir col_dir 
col_dir col_dir col_dir col_dir col_dir col_dir col_dir col_dir col_dir 
col_dir col_dir col_dir col_dir col_dir col_dir col_dir col_dir col_dir 
col_dir col_dir col_dir col_dir col_dir col_dir col_dir col_dir col_dir 
col_dir col_dir col_dir col_dir col_dir col_dir col_dir col_dir col_dir 
col_dir col_dir col_dir col_dir col_dir col_dir col_dir col_dir col_dir 
col_dir col_dir col_dir
##$VisuAcqEchoTime=( 1 )
1.9948
$$ @vis= VisuAcqSize VisuAcqImageSizeAccellerated VisuAcqImagePhaseEncDir
##$VisuAcquisitionProtocol=( 65 )
<PREinvivoCEST_GFC_20170614>
##$VisuAcqScanTime=333518
$$ @vis= VisuAcqEchoTime VisuAcquisitionProtocol VisuAcqScanTime
$$ @vis= VisuAcquisition Visu
##END=
