##TITLE=Parameter List
##JCAMPDX=4.24
##DATATYPE=Parameter Values
##ORIGIN=Bruker BioSpin MRI GmbH
##OWNER=agoldsher
$$ Wed Jun 14 17:11:18 2017 MST (UT-7h)  agoldsher
$$ /opt/PV51/data/agoldsher/nmr/AVG-uPA-T1-AOO.HY1/3/pdata/1/reco
##$RECO_mode=FT_MODE
##$RecoAutoDerive=Yes
##$RECO_inp_order=NO_REORDERING
##$RECO_inp_size=( 2 )
96 96
##$RECO_ft_size=( 2 )
96 96
##$RECO_fov=( 2 )
4.8 4.8
##$RECO_size=( 2 )
96 96
$$ @vis= RECO_mode RecoAutoDerive RECO_inp_order RECO_ft_size RECO_fov
##$RECO_offset=( 2, 1 )
0 0
##$RECO_regrid_mode=NO_REGRID
##$RECO_regrid_offset=0
##$RECO_ramp_gap=0
##$RECO_ramp_time=0
##$RECO_ne_mode=NO_NAV_DATA
##$RECO_ne_dist=NeNoInterleave
##$RECO_ne_dens=NeCorrPerScan
##$RECO_ne_type=NAV_PHASE
##$RECO_ne_vals=( 1, 2 )
0 0
##$RECO_bc_mode=( 2 )
NO_BC NO_BC
##$RECO_bc_start=( 2 )
72 72
##$RECO_bc_len=( 2 )
24 24
##$RECO_dc_offset=( 2 )
0 0
##$RECO_dc_divisor=1
##$RECO_bc_coroff=( 2 )
0 0
##$RECO_qopts=( 2 )
CONJ_AND_QNEG NO_QOPTS
##$RECO_wdw_mode=( 2 )
NO_WDW NO_WDW
$$ @vis= RECO_size RECO_regrid_mode RECO_ne_mode RECO_bc_mode RECO_qopts
##$RECO_lb=( 2 )
-0.5 -0.5
##$RECO_sw=( 2 )
92592.5925925926 1
##$RECO_gb=( 2 )
0.5 0.5
##$RECO_sbs=( 2 )
1 1
##$RECO_tm1=( 2 )
0.25 0.25
##$RECO_tm2=( 2 )
0.75 0.75
##$RECO_ft_mode=( 2 )
COMPLEX_FT COMPLEX_FT
##$RECO_pc_mode=( 2 )
NO_PC NO_PC
##$RECO_pc_lin=( 2 )
(0, 0) (0, 0)
##$RECO_rotate=( 2, 1 )
0 0.5
##$RECO_ppc_mode=NO_PPC
##$RECO_ref_image=0
##$RECO_nr_supports=0.4
##$RECO_sig_threshold=0.15
##$RECO_ppc_degree=1
##$RECO_ppc_coeffs=( 1, 2, 2 )
0 0 0 0
##$RECO_dc_elim=No
$$ @vis= RECO_wdw_mode RECO_ft_mode RECO_pc_mode RECO_rotate RECO_ppc_mode
##$RECO_transposition=( 1 )
0
##$RECO_image_type=MAGNITUDE_IMAGE
##$RECO_image_threshold=0.15
##$RECO_ir_scale=10
##$RECO_wordtype=_16BIT_SGN_INT
##$RECO_map_mode=ABSOLUTE_MAPPING
$$ @vis= RECO_dc_elim RECO_transposition RECO_image_type RECO_wordtype
##$RECO_map_range=( 2 )
-2147483647 2147483647
##$RECO_map_percentile=( 2 )
1 99.99
##$RECO_map_error=0.0025
##$RECO_globex=( 552 )
0 0 0 0 0 0 0 0 0 0 0 0 0 0 0 0 0 0 0 0 0 0 0 0 0 0 0 0 0 0 0 0 0 0 0 0 0 0 0 
0 0 0 0 0 0 0 0 0 0 0 0 0 0 0 0 0 0 0 0 0 0 0 0 0 0 0 0 0 0 0 0 0 0 0 0 0 0 0 
0 0 0 0 0 0 0 0 0 0 0 0 0 0 0 0 0 0 0 0 0 0 0 0 0 0 0 0 0 0 0 0 0 0 0 0 0 0 0 
0 0 0 0 0 0 0 0 0 0 0 0 0 0 0 0 0 0 0 0 0 0 0 0 0 0 0 0 0 0 0 0 0 0 0 0 0 0 0 
0 0 0 0 0 0 0 0 0 0 0 0 0 0 0 0 0 0 0 0 0 0 0 0 0 0 0 0 0 0 0 0 0 0 0 0 0 0 0 
0 0 0 0 0 0 0 0 0 0 0 0 0 0 0 0 0 0 0 0 0 0 0 0 0 0 0 0 0 0 0 0 0 0 0 0 0 0 0 
0 0 0 0 0 0 0 0 0 0 0 0 0 0 0 0 0 0 0 0 0 0 0 0 0 0 0 0 0 0 0 0 0 0 0 0 0 0 0 
0 0 0 0 0 0 0 0 0 0 0 0 0 0 0 0 0 0 0 0 0 0 0 0 0 0 0 0 0 0 0 0 0 0 0 0 0 0 0 
0 0 0 0 0 0 0 0 0 0 0 0 0 0 0 0 0 0 0 0 0 0 0 0 0 0 0 0 0 0 0 0 0 0 0 0 0 0 0 
0 0 0 0 0 0 0 0 0 0 0 0 0 0 0 0 0 0 0 0 0 0 0 0 0 0 0 0 0 0 0 0 0 0 0 0 0 0 0 
0 0 0 0 0 0 0 0 0 0 0 0 0 0 0 0 0 0 0 0 0 0 0 0 0 0 0 0 0 0 0 0 0 0 0 0 0 0 0 
0 0 0 0 0 0 0 0 0 0 0 0 0 0 0 0 0 0 0 0 0 0 0 0 0 0 0 0 0 0 0 0 0 0 0 0 0 0 0 
0 0 0 0 0 0 0 0 0 0 0 0 0 0 0 0 0 0 0 0 0 0 0 0 0 0 0 0 0 0 0 0 0 0 0 0 0 0 0 
0 0 0 0 0 0 0 0 0 0 0 0 0 0 0 0 0 0 0 0 0 0 0 0 0 0 0 0 0 0 0 0 0 0 0 0 0 0 0 
0 0 0 0 0 0
##$RECO_minima=( 552 )
0 0 0 0 0 0 0 0 0 0 0 0 0 0 0 0 0 0 0 0 0 0 0 0 0 0 0 0 0 0 0 0 0 0 0 0 0 0 0 
0 0 0 0 0 0 0 0 0 0 0 0 0 0 0 0 0 0 0 0 0 0 0 0 0 0 0 0 0 0 0 0 0 0 0 0 0 0 0 
0 0 0 0 0 0 0 0 0 0 0 0 0 0 0 0 0 0 0 0 0 0 0 0 0 0 0 0 0 0 0 0 0 0 0 0 0 0 0 
0 0 0 0 0 0 0 0 0 0 0 0 0 0 0 0 0 0 0 0 0 0 0 0 0 0 0 0 0 0 0 0 0 0 0 0 0 0 0 
0 0 0 0 0 0 0 0 0 0 0 0 0 0 0 0 0 0 0 0 0 0 0 0 0 0 0 0 0 0 0 0 0 0 0 0 0 0 0 
0 0 0 0 0 0 0 0 0 0 0 0 0 0 0 0 0 0 0 0 0 0 0 0 0 0 0 0 0 0 0 0 0 0 0 0 0 0 0 
0 0 0 0 0 0 0 0 0 0 0 0 0 0 0 0 0 0 0 0 0 0 0 0 0 0 0 0 0 0 0 0 0 0 0 0 0 0 0 
0 0 0 0 0 0 0 0 0 0 0 0 0 0 0 0 0 0 0 0 0 0 0 0 0 0 0 0 0 0 0 0 0 0 0 0 0 0 0 
0 0 0 0 0 0 0 0 0 0 0 0 0 0 0 0 0 0 0 0 0 0 0 0 0 0 0 0 0 0 0 0 0 0 0 0 0 0 0 
0 0 0 0 0 0 0 0 0 0 0 0 0 0 0 0 0 0 0 0 0 0 0 0 0 0 0 0 0 0 0 0 0 0 0 0 0 0 0 
0 0 0 0 0 0 0 0 0 0 0 0 0 0 0 0 0 0 0 0 0 0 0 0 0 0 0 0 0 0 0 0 0 0 0 0 0 0 0 
0 0 0 0 0 0 0 0 0 0 0 0 0 0 0 0 0 0 0 0 0 0 0 0 0 0 0 0 0 0 0 0 0 0 0 0 0 0 0 
0 0 0 0 0 0 0 0 0 0 0 0 0 0 0 0 0 0 0 0 0 0 0 0 0 0 0 0 0 0 0 0 0 0 0 0 0 0 0 
0 0 0 0 0 0 0 0 0 0 0 0 0 0 0 0 0 0 0 0 0 0 0 0 0 0 0 0 0 0 0 0 0 0 0 0 0 0 0 
0 0 0 0 0 0
##$RECO_maxima=( 552 )
32766 29889 29003 28864 29437 29196 28990 28464 29132 28669 28429 28386 28010 
27636 27919 27051 27623 26692 26471 24326 24304 23302 22368 22162 20177 18597 
17021 14388 13170 14004 13053 12263 12486 17278 20473 23282 23999 25335 25556 
25920 27614 27506 27642 28987 29405 29258 29338 28514 28579 28659 28476 28973 
28977 28832 28881 28809 29006 29065 28010 27909 27254 27257 26537 26990 25866 
25435 25197 23598 23383 21712 20304 19087 16519 14472 13280 13146 13428 12867 
12879 16856 21066 22569 24433 24659 24767 26387 26768 26918 28149 28181 29192 
29601 29514 28797 28755 29023 29377 28969 28692 28749 27991 28652 28015 28338 
28110 28435 27574 27181 26744 26371 25317 25180 24520 24176 22421 21915 20899 
18889 17372 14727 12761 13289 12882 12330 11872 16423 20417 23070 23452 24636 
25576 25896 26195 27187 28551 28403 29371 29159 29424 29328 28354 28545 28933 
28558 28723 28603 28450 28653 28141 28055 28095 27586 27556 27666 27030 26376 
26451 25170 24287 24142 23015 21962 21080 18680 17820 14306 13075 13371 12884 
12983 12238 16176 20377 22653 23936 24632 25589 25968 27141 27137 27240 28556 
28640 29159 29511 28961 29229 27742 28799 29026 29556 28319 29359 28253 28441 
27572 28354 27736 27362 26867 26873 26671 25940 25494 24276 24043 23053 21549 
21120 19312 17007 14531 12862 13740 13169 12799 12043 16091 20351 22956 23996 
24597 25395 26102 25921 25643 27484 27439 29468 29834 28723 28157 28104 27661 
28735 27711 28238 28303 28796 28879 28780 28017 27388 27611 27916 26931 26147 
25557 25917 25424 24558 23532 22710 21878 20643 19332 16898 14685 13195 12769 
12792 12358 11830 16208 20004 22654 22751 23938 24875 26249 26147 26406 26874 
27069 28341 28704 28884 29306 28466 28385 27630 28292 28447 27607 28017 28052 
27706 26800 27526 27434 27129 26651 26652 25971 25365 24907 23803 23433 23239 
21503 20542 18937 17197 14692 12160 12706 12566 12572 12144 15508 19479 22805 
23453 24599 24733 26567 26076 26476 26905 28434 28442 29523 28879 27872 27111 
28004 28399 27826 27040 27791 28195 28019 27726 27265 26974 27503 27001 25337 
26077 26344 25952 24874 24539 24216 23096 21153 20755 19229 17506 14701 13203 
12869 12145 12067 12422 15992 20013 22830 23682 24214 24851 25512 25890 26755 
26745 27276 28315 28550 28632 28597 28342 28390 28202 27521 28139 28044 28226 
26612 27600 27391 27406 27210 27223 26232 25988 26580 25662 24907 24550 22750 
23017 21933 19881 19303 17448 15343 12272 13498 12205 11942 11702 15465 19251 
22675 22971 24443 25301 25766 26491 27114 28275 28318 28551 29211 29132 28527 
28686 28299 28430 27779 28102 27789 27890 28805 28157 27672 27537 27340 27258 
27352 26164 26157 25965 25115 24573 23607 22796 22467 21601 18854 17295 14337 
12674 12772 12769 12742 12125 14980 19926 22455 23782 23723 25140 26484 26295 
27075 26755 28563 28763 29132 28603 29517 29261 28578 28506 28090 28648 28006 
28086 28418 28060 27459 27328 27265 26507 27042 26482 26138 25559 25229 24449 
23533 22755 21834 20716 18886 17594 14470 12883 12980 12680 11693 12524 15635 
19711 21968 23848 24879 25081 25863 26418 27422 27435 28426 29248 28849 29038 
28645 28561 28996 28064 27753 27604 28011 28202 28070 28750 28486 27376 26382 
27512 26638 26741 25971 25759 25188 24832 23877 22844 21664 20641 18936 16910 
14370 12699 12516 12790 12397 11990 15497 20206 22603 24012 24546 25156 25994 
26218 26607 27889 28398 27210 27842
##$RECO_map_min=( 552 )
-1544155 -1544155 -1544155 -1544155 -1544155 -1544155 -1544155 -1544155 
-1544155 -1544155 -1544155 -1544155 -1544155 -1544155 -1544155 -1544155 
-1544155 -1544155 -1544155 -1544155 -1544155 -1544155 -1544155 -1544155 
-1544155 -1544155 -1544155 -1544155 -1544155 -1544155 -1544155 -1544155 
-1544155 -1544155 -1544155 -1544155 -1544155 -1544155 -1544155 -1544155 
-1544155 -1544155 -1544155 -1544155 -1544155 -1544155 -1544155 -1544155 
-1544155 -1544155 -1544155 -1544155 -1544155 -1544155 -1544155 -1544155 
-1544155 -1544155 -1544155 -1544155 -1544155 -1544155 -1544155 -1544155 
-1544155 -1544155 -1544155 -1544155 -1544155 -1544155 -1544155 -1544155 
-1544155 -1544155 -1544155 -1544155 -1544155 -1544155 -1544155 -1544155 
-1544155 -1544155 -1544155 -1544155 -1544155 -1544155 -1544155 -1544155 
-1544155 -1544155 -1544155 -1544155 -1544155 -1544155 -1544155 -1544155 
-1544155 -1544155 -1544155 -1544155 -1544155 -1544155 -1544155 -1544155 
-1544155 -1544155 -1544155 -1544155 -1544155 -1544155 -1544155 -1544155 
-1544155 -1544155 -1544155 -1544155 -1544155 -1544155 -1544155 -1544155 
-1544155 -1544155 -1544155 -1544155 -1544155 -1544155 -1544155 -1544155 
-1544155 -1544155 -1544155 -1544155 -1544155 -1544155 -1544155 -1544155 
-1544155 -1544155 -1544155 -1544155 -1544155 -1544155 -1544155 -1544155 
-1544155 -1544155 -1544155 -1544155 -1544155 -1544155 -1544155 -1544155 
-1544155 -1544155 -1544155 -1544155 -1544155 -1544155 -1544155 -1544155 
-1544155 -1544155 -1544155 -1544155 -1544155 -1544155 -1544155 -1544155 
-1544155 -1544155 -1544155 -1544155 -1544155 -1544155 -1544155 -1544155 
-1544155 -1544155 -1544155 -1544155 -1544155 -1544155 -1544155 -1544155 
-1544155 -1544155 -1544155 -1544155 -1544155 -1544155 -1544155 -1544155 
-1544155 -1544155 -1544155 -1544155 -1544155 -1544155 -1544155 -1544155 
-1544155 -1544155 -1544155 -1544155 -1544155 -1544155 -1544155 -1544155 
-1544155 -1544155 -1544155 -1544155 -1544155 -1544155 -1544155 -1544155 
-1544155 -1544155 -1544155 -1544155 -1544155 -1544155 -1544155 -1544155 
-1544155 -1544155 -1544155 -1544155 -1544155 -1544155 -1544155 -1544155 
-1544155 -1544155 -1544155 -1544155 -1544155 -1544155 -1544155 -1544155 
-1544155 -1544155 -1544155 -1544155 -1544155 -1544155 -1544155 -1544155 
-1544155 -1544155 -1544155 -1544155 -1544155 -1544155 -1544155 -1544155 
-1544155 -1544155 -1544155 -1544155 -1544155 -1544155 -1544155 -1544155 
-1544155 -1544155 -1544155 -1544155 -1544155 -1544155 -1544155 -1544155 
-1544155 -1544155 -1544155 -1544155 -1544155 -1544155 -1544155 -1544155 
-1544155 -1544155 -1544155 -1544155 -1544155 -1544155 -1544155 -1544155 
-1544155 -1544155 -1544155 -1544155 -1544155 -1544155 -1544155 -1544155 
-1544155 -1544155 -1544155 -1544155 -1544155 -1544155 -1544155 -1544155 
-1544155 -1544155 -1544155 -1544155 -1544155 -1544155 -1544155 -1544155 
-1544155 -1544155 -1544155 -1544155 -1544155 -1544155 -1544155 -1544155 
-1544155 -1544155 -1544155 -1544155 -1544155 -1544155 -1544155 -1544155 
-1544155 -1544155 -1544155 -1544155 -1544155 -1544155 -1544155 -1544155 
-1544155 -1544155 -1544155 -1544155 -1544155 -1544155 -1544155 -1544155 
-1544155 -1544155 -1544155 -1544155 -1544155 -1544155 -1544155 -1544155 
-1544155 -1544155 -1544155 -1544155 -1544155 -1544155 -1544155 -1544155 
-1544155 -1544155 -1544155 -1544155 -1544155 -1544155 -1544155 -1544155 
-1544155 -1544155 -1544155 -1544155 -1544155 -1544155 -1544155 -1544155 
-1544155 -1544155 -1544155 -1544155 -1544155 -1544155 -1544155 -1544155 
-1544155 -1544155 -1544155 -1544155 -1544155 -1544155 -1544155 -1544155 
-1544155 -1544155 -1544155 -1544155 -1544155 -1544155 -1544155 -1544155 
-1544155 -1544155 -1544155 -1544155 -1544155 -1544155 -1544155 -1544155 
-1544155 -1544155 -1544155 -1544155 -1544155 -1544155 -1544155 -1544155 
-1544155 -1544155 -1544155 -1544155 -1544155 -1544155 -1544155 -1544155 
-1544155 -1544155 -1544155 -1544155 -1544155 -1544155 -1544155 -1544155 
-1544155 -1544155 -1544155 -1544155 -1544155 -1544155 -1544155 -1544155 
-1544155 -1544155 -1544155 -1544155 -1544155 -1544155 -1544155 -1544155 
-1544155 -1544155 -1544155 -1544155 -1544155 -1544155 -1544155 -1544155 
-1544155 -1544155 -1544155 -1544155 -1544155 -1544155 -1544155 -1544155 
-1544155 -1544155 -1544155 -1544155 -1544155 -1544155 -1544155 -1544155 
-1544155 -1544155 -1544155 -1544155 -1544155 -1544155 -1544155 -1544155 
-1544155 -1544155 -1544155 -1544155 -1544155 -1544155 -1544155 -1544155 
-1544155 -1544155 -1544155 -1544155 -1544155 -1544155 -1544155 -1544155 
-1544155 -1544155 -1544155 -1544155 -1544155 -1544155 -1544155 -1544155 
-1544155 -1544155 -1544155 -1544155 -1544155 -1544155 -1544155 -1544155 
-1544155 -1544155 -1544155 -1544155 -1544155 -1544155 -1544155 -1544155 
-1544155 -1544155 -1544155 -1544155 -1544155 -1544155 -1544155 -1544155 
-1544155 -1544155 -1544155 -1544155 -1544155 -1544155 -1544155 -1544155 
-1544155 -1544155 -1544155 -1544155 -1544155 -1544155 -1544155 -1544155 
-1544155 -1544155 -1544155 -1544155 -1544155 -1544155 -1544155 -1544155
##$RECO_map_max=( 552 )
1544155 1544155 1544155 1544155 1544155 1544155 1544155 1544155 1544155 
1544155 1544155 1544155 1544155 1544155 1544155 1544155 1544155 1544155 
1544155 1544155 1544155 1544155 1544155 1544155 1544155 1544155 1544155 
1544155 1544155 1544155 1544155 1544155 1544155 1544155 1544155 1544155 
1544155 1544155 1544155 1544155 1544155 1544155 1544155 1544155 1544155 
1544155 1544155 1544155 1544155 1544155 1544155 1544155 1544155 1544155 
1544155 1544155 1544155 1544155 1544155 1544155 1544155 1544155 1544155 
1544155 1544155 1544155 1544155 1544155 1544155 1544155 1544155 1544155 
1544155 1544155 1544155 1544155 1544155 1544155 1544155 1544155 1544155 
1544155 1544155 1544155 1544155 1544155 1544155 1544155 1544155 1544155 
1544155 1544155 1544155 1544155 1544155 1544155 1544155 1544155 1544155 
1544155 1544155 1544155 1544155 1544155 1544155 1544155 1544155 1544155 
1544155 1544155 1544155 1544155 1544155 1544155 1544155 1544155 1544155 
1544155 1544155 1544155 1544155 1544155 1544155 1544155 1544155 1544155 
1544155 1544155 1544155 1544155 1544155 1544155 1544155 1544155 1544155 
1544155 1544155 1544155 1544155 1544155 1544155 1544155 1544155 1544155 
1544155 1544155 1544155 1544155 1544155 1544155 1544155 1544155 1544155 
1544155 1544155 1544155 1544155 1544155 1544155 1544155 1544155 1544155 
1544155 1544155 1544155 1544155 1544155 1544155 1544155 1544155 1544155 
1544155 1544155 1544155 1544155 1544155 1544155 1544155 1544155 1544155 
1544155 1544155 1544155 1544155 1544155 1544155 1544155 1544155 1544155 
1544155 1544155 1544155 1544155 1544155 1544155 1544155 1544155 1544155 
1544155 1544155 1544155 1544155 1544155 1544155 1544155 1544155 1544155 
1544155 1544155 1544155 1544155 1544155 1544155 1544155 1544155 1544155 
1544155 1544155 1544155 1544155 1544155 1544155 1544155 1544155 1544155 
1544155 1544155 1544155 1544155 1544155 1544155 1544155 1544155 1544155 
1544155 1544155 1544155 1544155 1544155 1544155 1544155 1544155 1544155 
1544155 1544155 1544155 1544155 1544155 1544155 1544155 1544155 1544155 
1544155 1544155 1544155 1544155 1544155 1544155 1544155 1544155 1544155 
1544155 1544155 1544155 1544155 1544155 1544155 1544155 1544155 1544155 
1544155 1544155 1544155 1544155 1544155 1544155 1544155 1544155 1544155 
1544155 1544155 1544155 1544155 1544155 1544155 1544155 1544155 1544155 
1544155 1544155 1544155 1544155 1544155 1544155 1544155 1544155 1544155 
1544155 1544155 1544155 1544155 1544155 1544155 1544155 1544155 1544155 
1544155 1544155 1544155 1544155 1544155 1544155 1544155 1544155 1544155 
1544155 1544155 1544155 1544155 1544155 1544155 1544155 1544155 1544155 
1544155 1544155 1544155 1544155 1544155 1544155 1544155 1544155 1544155 
1544155 1544155 1544155 1544155 1544155 1544155 1544155 1544155 1544155 
1544155 1544155 1544155 1544155 1544155 1544155 1544155 1544155 1544155 
1544155 1544155 1544155 1544155 1544155 1544155 1544155 1544155 1544155 
1544155 1544155 1544155 1544155 1544155 1544155 1544155 1544155 1544155 
1544155 1544155 1544155 1544155 1544155 1544155 1544155 1544155 1544155 
1544155 1544155 1544155 1544155 1544155 1544155 1544155 1544155 1544155 
1544155 1544155 1544155 1544155 1544155 1544155 1544155 1544155 1544155 
1544155 1544155 1544155 1544155 1544155 1544155 1544155 1544155 1544155 
1544155 1544155 1544155 1544155 1544155 1544155 1544155 1544155 1544155 
1544155 1544155 1544155 1544155 1544155 1544155 1544155 1544155 1544155 
1544155 1544155 1544155 1544155 1544155 1544155 1544155 1544155 1544155 
1544155 1544155 1544155 1544155 1544155 1544155 1544155 1544155 1544155 
1544155 1544155 1544155 1544155 1544155 1544155 1544155 1544155 1544155 
1544155 1544155 1544155 1544155 1544155 1544155 1544155 1544155 1544155 
1544155 1544155 1544155 1544155 1544155 1544155 1544155 1544155 1544155 
1544155 1544155 1544155 1544155 1544155 1544155 1544155 1544155 1544155 
1544155 1544155 1544155 1544155 1544155 1544155 1544155 1544155 1544155 
1544155 1544155 1544155 1544155 1544155 1544155 1544155 1544155 1544155 
1544155 1544155 1544155 1544155 1544155 1544155 1544155 1544155 1544155 
1544155 1544155 1544155 1544155 1544155 1544155 1544155 1544155 1544155 
1544155 1544155 1544155 1544155 1544155 1544155 1544155 1544155 1544155 
1544155 1544155 1544155 1544155 1544155 1544155 1544155 1544155 1544155 
1544155 1544155 1544155 1544155 1544155 1544155 1544155 1544155 1544155 
1544155 1544155 1544155 1544155 1544155 1544155 1544155 1544155 1544155 
1544155 1544155 1544155
$$ @vis= RECO_map_mode RECO_globex RECO_minima RECO_maxima RECO_map_min
##$RECO_map_offset=( 552 )
0 0 0 0 0 0 0 0 0 0 0 0 0 0 0 0 0 0 0 0 0 0 0 0 0 0 0 0 0 0 0 0 0 0 0 0 0 0 0 
0 0 0 0 0 0 0 0 0 0 0 0 0 0 0 0 0 0 0 0 0 0 0 0 0 0 0 0 0 0 0 0 0 0 0 0 0 0 0 
0 0 0 0 0 0 0 0 0 0 0 0 0 0 0 0 0 0 0 0 0 0 0 0 0 0 0 0 0 0 0 0 0 0 0 0 0 0 0 
0 0 0 0 0 0 0 0 0 0 0 0 0 0 0 0 0 0 0 0 0 0 0 0 0 0 0 0 0 0 0 0 0 0 0 0 0 0 0 
0 0 0 0 0 0 0 0 0 0 0 0 0 0 0 0 0 0 0 0 0 0 0 0 0 0 0 0 0 0 0 0 0 0 0 0 0 0 0 
0 0 0 0 0 0 0 0 0 0 0 0 0 0 0 0 0 0 0 0 0 0 0 0 0 0 0 0 0 0 0 0 0 0 0 0 0 0 0 
0 0 0 0 0 0 0 0 0 0 0 0 0 0 0 0 0 0 0 0 0 0 0 0 0 0 0 0 0 0 0 0 0 0 0 0 0 0 0 
0 0 0 0 0 0 0 0 0 0 0 0 0 0 0 0 0 0 0 0 0 0 0 0 0 0 0 0 0 0 0 0 0 0 0 0 0 0 0 
0 0 0 0 0 0 0 0 0 0 0 0 0 0 0 0 0 0 0 0 0 0 0 0 0 0 0 0 0 0 0 0 0 0 0 0 0 0 0 
0 0 0 0 0 0 0 0 0 0 0 0 0 0 0 0 0 0 0 0 0 0 0 0 0 0 0 0 0 0 0 0 0 0 0 0 0 0 0 
0 0 0 0 0 0 0 0 0 0 0 0 0 0 0 0 0 0 0 0 0 0 0 0 0 0 0 0 0 0 0 0 0 0 0 0 0 0 0 
0 0 0 0 0 0 0 0 0 0 0 0 0 0 0 0 0 0 0 0 0 0 0 0 0 0 0 0 0 0 0 0 0 0 0 0 0 0 0 
0 0 0 0 0 0 0 0 0 0 0 0 0 0 0 0 0 0 0 0 0 0 0 0 0 0 0 0 0 0 0 0 0 0 0 0 0 0 0 
0 0 0 0 0 0 0 0 0 0 0 0 0 0 0 0 0 0 0 0 0 0 0 0 0 0 0 0 0 0 0 0 0 0 0 0 0 0 0 
0 0 0 0 0 0
##$RECO_map_slope=( 552 )
0.0212200190871954 0.0212200190871954 0.0212200190871954 0.0212200190871954 
0.0212200190871954 0.0212200190871954 0.0212200190871954 0.0212200190871954 
0.0212200190871954 0.0212200190871954 0.0212200190871954 0.0212200190871954 
0.0212200190871954 0.0212200190871954 0.0212200190871954 0.0212200190871954 
0.0212200190871954 0.0212200190871954 0.0212200190871954 0.0212200190871954 
0.0212200190871954 0.0212200190871954 0.0212200190871954 0.0212200190871954 
0.0212200190871954 0.0212200190871954 0.0212200190871954 0.0212200190871954 
0.0212200190871954 0.0212200190871954 0.0212200190871954 0.0212200190871954 
0.0212200190871954 0.0212200190871954 0.0212200190871954 0.0212200190871954 
0.0212200190871954 0.0212200190871954 0.0212200190871954 0.0212200190871954 
0.0212200190871954 0.0212200190871954 0.0212200190871954 0.0212200190871954 
0.0212200190871954 0.0212200190871954 0.0212200190871954 0.0212200190871954 
0.0212200190871954 0.0212200190871954 0.0212200190871954 0.0212200190871954 
0.0212200190871954 0.0212200190871954 0.0212200190871954 0.0212200190871954 
0.0212200190871954 0.0212200190871954 0.0212200190871954 0.0212200190871954 
0.0212200190871954 0.0212200190871954 0.0212200190871954 0.0212200190871954 
0.0212200190871954 0.0212200190871954 0.0212200190871954 0.0212200190871954 
0.0212200190871954 0.0212200190871954 0.0212200190871954 0.0212200190871954 
0.0212200190871954 0.0212200190871954 0.0212200190871954 0.0212200190871954 
0.0212200190871954 0.0212200190871954 0.0212200190871954 0.0212200190871954 
0.0212200190871954 0.0212200190871954 0.0212200190871954 0.0212200190871954 
0.0212200190871954 0.0212200190871954 0.0212200190871954 0.0212200190871954 
0.0212200190871954 0.0212200190871954 0.0212200190871954 0.0212200190871954 
0.0212200190871954 0.0212200190871954 0.0212200190871954 0.0212200190871954 
0.0212200190871954 0.0212200190871954 0.0212200190871954 0.0212200190871954 
0.0212200190871954 0.0212200190871954 0.0212200190871954 0.0212200190871954 
0.0212200190871954 0.0212200190871954 0.0212200190871954 0.0212200190871954 
0.0212200190871954 0.0212200190871954 0.0212200190871954 0.0212200190871954 
0.0212200190871954 0.0212200190871954 0.0212200190871954 0.0212200190871954 
0.0212200190871954 0.0212200190871954 0.0212200190871954 0.0212200190871954 
0.0212200190871954 0.0212200190871954 0.0212200190871954 0.0212200190871954 
0.0212200190871954 0.0212200190871954 0.0212200190871954 0.0212200190871954 
0.0212200190871954 0.0212200190871954 0.0212200190871954 0.0212200190871954 
0.0212200190871954 0.0212200190871954 0.0212200190871954 0.0212200190871954 
0.0212200190871954 0.0212200190871954 0.0212200190871954 0.0212200190871954 
0.0212200190871954 0.0212200190871954 0.0212200190871954 0.0212200190871954 
0.0212200190871954 0.0212200190871954 0.0212200190871954 0.0212200190871954 
0.0212200190871954 0.0212200190871954 0.0212200190871954 0.0212200190871954 
0.0212200190871954 0.0212200190871954 0.0212200190871954 0.0212200190871954 
0.0212200190871954 0.0212200190871954 0.0212200190871954 0.0212200190871954 
0.0212200190871954 0.0212200190871954 0.0212200190871954 0.0212200190871954 
0.0212200190871954 0.0212200190871954 0.0212200190871954 0.0212200190871954 
0.0212200190871954 0.0212200190871954 0.0212200190871954 0.0212200190871954 
0.0212200190871954 0.0212200190871954 0.0212200190871954 0.0212200190871954 
0.0212200190871954 0.0212200190871954 0.0212200190871954 0.0212200190871954 
0.0212200190871954 0.0212200190871954 0.0212200190871954 0.0212200190871954 
0.0212200190871954 0.0212200190871954 0.0212200190871954 0.0212200190871954 
0.0212200190871954 0.0212200190871954 0.0212200190871954 0.0212200190871954 
0.0212200190871954 0.0212200190871954 0.0212200190871954 0.0212200190871954 
0.0212200190871954 0.0212200190871954 0.0212200190871954 0.0212200190871954 
0.0212200190871954 0.0212200190871954 0.0212200190871954 0.0212200190871954 
0.0212200190871954 0.0212200190871954 0.0212200190871954 0.0212200190871954 
0.0212200190871954 0.0212200190871954 0.0212200190871954 0.0212200190871954 
0.0212200190871954 0.0212200190871954 0.0212200190871954 0.0212200190871954 
0.0212200190871954 0.0212200190871954 0.0212200190871954 0.0212200190871954 
0.0212200190871954 0.0212200190871954 0.0212200190871954 0.0212200190871954 
0.0212200190871954 0.0212200190871954 0.0212200190871954 0.0212200190871954 
0.0212200190871954 0.0212200190871954 0.0212200190871954 0.0212200190871954 
0.0212200190871954 0.0212200190871954 0.0212200190871954 0.0212200190871954 
0.0212200190871954 0.0212200190871954 0.0212200190871954 0.0212200190871954 
0.0212200190871954 0.0212200190871954 0.0212200190871954 0.0212200190871954 
0.0212200190871954 0.0212200190871954 0.0212200190871954 0.0212200190871954 
0.0212200190871954 0.0212200190871954 0.0212200190871954 0.0212200190871954 
0.0212200190871954 0.0212200190871954 0.0212200190871954 0.0212200190871954 
0.0212200190871954 0.0212200190871954 0.0212200190871954 0.0212200190871954 
0.0212200190871954 0.0212200190871954 0.0212200190871954 0.0212200190871954 
0.0212200190871954 0.0212200190871954 0.0212200190871954 0.0212200190871954 
0.0212200190871954 0.0212200190871954 0.0212200190871954 0.0212200190871954 
0.0212200190871954 0.0212200190871954 0.0212200190871954 0.0212200190871954 
0.0212200190871954 0.0212200190871954 0.0212200190871954 0.0212200190871954 
0.0212200190871954 0.0212200190871954 0.0212200190871954 0.0212200190871954 
0.0212200190871954 0.0212200190871954 0.0212200190871954 0.0212200190871954 
0.0212200190871954 0.0212200190871954 0.0212200190871954 0.0212200190871954 
0.0212200190871954 0.0212200190871954 0.0212200190871954 0.0212200190871954 
0.0212200190871954 0.0212200190871954 0.0212200190871954 0.0212200190871954 
0.0212200190871954 0.0212200190871954 0.0212200190871954 0.0212200190871954 
0.0212200190871954 0.0212200190871954 0.0212200190871954 0.0212200190871954 
0.0212200190871954 0.0212200190871954 0.0212200190871954 0.0212200190871954 
0.0212200190871954 0.0212200190871954 0.0212200190871954 0.0212200190871954 
0.0212200190871954 0.0212200190871954 0.0212200190871954 0.0212200190871954 
0.0212200190871954 0.0212200190871954 0.0212200190871954 0.0212200190871954 
0.0212200190871954 0.0212200190871954 0.0212200190871954 0.0212200190871954 
0.0212200190871954 0.0212200190871954 0.0212200190871954 0.0212200190871954 
0.0212200190871954 0.0212200190871954 0.0212200190871954 0.0212200190871954 
0.0212200190871954 0.0212200190871954 0.0212200190871954 0.0212200190871954 
0.0212200190871954 0.0212200190871954 0.0212200190871954 0.0212200190871954 
0.0212200190871954 0.0212200190871954 0.0212200190871954 0.0212200190871954 
0.0212200190871954 0.0212200190871954 0.0212200190871954 0.0212200190871954 
0.0212200190871954 0.0212200190871954 0.0212200190871954 0.0212200190871954 
0.0212200190871954 0.0212200190871954 0.0212200190871954 0.0212200190871954 
0.0212200190871954 0.0212200190871954 0.0212200190871954 0.0212200190871954 
0.0212200190871954 0.0212200190871954 0.0212200190871954 0.0212200190871954 
0.0212200190871954 0.0212200190871954 0.0212200190871954 0.0212200190871954 
0.0212200190871954 0.0212200190871954 0.0212200190871954 0.0212200190871954 
0.0212200190871954 0.0212200190871954 0.0212200190871954 0.0212200190871954 
0.0212200190871954 0.0212200190871954 0.0212200190871954 0.0212200190871954 
0.0212200190871954 0.0212200190871954 0.0212200190871954 0.0212200190871954 
0.0212200190871954 0.0212200190871954 0.0212200190871954 0.0212200190871954 
0.0212200190871954 0.0212200190871954 0.0212200190871954 0.0212200190871954 
0.0212200190871954 0.0212200190871954 0.0212200190871954 0.0212200190871954 
0.0212200190871954 0.0212200190871954 0.0212200190871954 0.0212200190871954 
0.0212200190871954 0.0212200190871954 0.0212200190871954 0.0212200190871954 
0.0212200190871954 0.0212200190871954 0.0212200190871954 0.0212200190871954 
0.0212200190871954 0.0212200190871954 0.0212200190871954 0.0212200190871954 
0.0212200190871954 0.0212200190871954 0.0212200190871954 0.0212200190871954 
0.0212200190871954 0.0212200190871954 0.0212200190871954 0.0212200190871954 
0.0212200190871954 0.0212200190871954 0.0212200190871954 0.0212200190871954 
0.0212200190871954 0.0212200190871954 0.0212200190871954 0.0212200190871954 
0.0212200190871954 0.0212200190871954 0.0212200190871954 0.0212200190871954 
0.0212200190871954 0.0212200190871954 0.0212200190871954 0.0212200190871954 
0.0212200190871954 0.0212200190871954 0.0212200190871954 0.0212200190871954 
0.0212200190871954 0.0212200190871954 0.0212200190871954 0.0212200190871954 
0.0212200190871954 0.0212200190871954 0.0212200190871954 0.0212200190871954 
0.0212200190871954 0.0212200190871954 0.0212200190871954 0.0212200190871954 
0.0212200190871954 0.0212200190871954 0.0212200190871954 0.0212200190871954 
0.0212200190871954 0.0212200190871954 0.0212200190871954 0.0212200190871954 
0.0212200190871954 0.0212200190871954 0.0212200190871954 0.0212200190871954 
0.0212200190871954 0.0212200190871954 0.0212200190871954 0.0212200190871954 
0.0212200190871954 0.0212200190871954 0.0212200190871954 0.0212200190871954 
0.0212200190871954 0.0212200190871954 0.0212200190871954 0.0212200190871954 
0.0212200190871954 0.0212200190871954 0.0212200190871954 0.0212200190871954 
0.0212200190871954 0.0212200190871954 0.0212200190871954 0.0212200190871954 
0.0212200190871954 0.0212200190871954 0.0212200190871954 0.0212200190871954 
0.0212200190871954 0.0212200190871954 0.0212200190871954 0.0212200190871954 
0.0212200190871954 0.0212200190871954 0.0212200190871954 0.0212200190871954 
0.0212200190871954 0.0212200190871954 0.0212200190871954 0.0212200190871954 
0.0212200190871954 0.0212200190871954 0.0212200190871954 0.0212200190871954 
0.0212200190871954 0.0212200190871954 0.0212200190871954 0.0212200190871954 
0.0212200190871954 0.0212200190871954 0.0212200190871954 0.0212200190871954 
0.0212200190871954 0.0212200190871954 0.0212200190871954 0.0212200190871954 
0.0212200190871954 0.0212200190871954 0.0212200190871954 0.0212200190871954 
0.0212200190871954 0.0212200190871954 0.0212200190871954 0.0212200190871954 
0.0212200190871954 0.0212200190871954 0.0212200190871954 0.0212200190871954 
0.0212200190871954 0.0212200190871954 0.0212200190871954 0.0212200190871954 
0.0212200190871954 0.0212200190871954 0.0212200190871954 0.0212200190871954 
0.0212200190871954 0.0212200190871954 0.0212200190871954 0.0212200190871954 
0.0212200190871954 0.0212200190871954 0.0212200190871954 0.0212200190871954 
0.0212200190871954 0.0212200190871954 0.0212200190871954 0.0212200190871954
##$RECO_byte_order=littleEndian
##$RECO_time=( 24 )
<16:19:38 14 Jun 2017>
##$RECO_abs_time=1497482378
$$ @vis= RECO_map_max RECO_map_offset RECO_map_slope RECO_byte_order RECO_time
##$RECO_base_image_uid=( 65 )
<2.16.756.5.5.100.4167689927.15715.1497485478.2262>
##$GS_reco_display=Yes
$$ @vis= RECO_abs_time RECO_base_image_uid RecoRegridNGroup GS_reco_display
##$GO_reco_display=Yes
##$GO_reco_each_nr=No
##$GO_max_reco_mem=0
$$ @vis= RECO_GS GO_reco_display GO_reco_each_nr GO_max_reco_mem RECO_GO RECO
##END=
