##TITLE=Parameter List
##JCAMPDX=4.24
##DATATYPE=Parameter Values
##ORIGIN=Bruker BioSpin MRI GmbH
##OWNER=agoldsher
$$ Wed Jun 14 18:49:44 2017 MST (UT-7h)  agoldsher
$$ /opt/PV51/data/agoldsher/nmr/AVG-uPA-T1-BR2.HY1/3/pdata/1/reco
##$RECO_mode=FT_MODE
##$RecoAutoDerive=Yes
##$RECO_inp_order=NO_REORDERING
##$RECO_inp_size=( 2 )
96 96
##$RECO_ft_size=( 2 )
96 96
##$RECO_fov=( 2 )
4.8 4.8
##$RECO_size=( 2 )
96 96
$$ @vis= RECO_mode RecoAutoDerive RECO_inp_order RECO_ft_size RECO_fov
##$RECO_offset=( 2, 1 )
0 0
##$RECO_regrid_mode=NO_REGRID
##$RECO_regrid_offset=0
##$RECO_ramp_gap=0
##$RECO_ramp_time=0
##$RECO_ne_mode=NO_NAV_DATA
##$RECO_ne_dist=NeNoInterleave
##$RECO_ne_dens=NeCorrPerScan
##$RECO_ne_type=NAV_PHASE
##$RECO_ne_vals=( 1, 2 )
0 0
##$RECO_bc_mode=( 2 )
NO_BC NO_BC
##$RECO_bc_start=( 2 )
72 72
##$RECO_bc_len=( 2 )
24 24
##$RECO_dc_offset=( 2 )
0 0
##$RECO_dc_divisor=1
##$RECO_bc_coroff=( 2 )
0 0
##$RECO_qopts=( 2 )
CONJ_AND_QNEG NO_QOPTS
##$RECO_wdw_mode=( 2 )
NO_WDW NO_WDW
$$ @vis= RECO_size RECO_regrid_mode RECO_ne_mode RECO_bc_mode RECO_qopts
##$RECO_lb=( 2 )
-0.5 -0.5
##$RECO_sw=( 2 )
92592.5925925926 1
##$RECO_gb=( 2 )
0.5 0.5
##$RECO_sbs=( 2 )
1 1
##$RECO_tm1=( 2 )
0.25 0.25
##$RECO_tm2=( 2 )
0.75 0.75
##$RECO_ft_mode=( 2 )
COMPLEX_FT COMPLEX_FT
##$RECO_pc_mode=( 2 )
NO_PC NO_PC
##$RECO_pc_lin=( 2 )
(0, 0) (0, 0)
##$RECO_rotate=( 2, 1 )
0 0.5
##$RECO_ppc_mode=NO_PPC
##$RECO_ref_image=0
##$RECO_nr_supports=0.4
##$RECO_sig_threshold=0.15
##$RECO_ppc_degree=1
##$RECO_ppc_coeffs=( 1, 2, 2 )
0 0 0 0
##$RECO_dc_elim=No
$$ @vis= RECO_wdw_mode RECO_ft_mode RECO_pc_mode RECO_rotate RECO_ppc_mode
##$RECO_transposition=( 1 )
0
##$RECO_image_type=MAGNITUDE_IMAGE
##$RECO_image_threshold=0.15
##$RECO_ir_scale=10
##$RECO_wordtype=_16BIT_SGN_INT
##$RECO_map_mode=ABSOLUTE_MAPPING
$$ @vis= RECO_dc_elim RECO_transposition RECO_image_type RECO_wordtype
##$RECO_map_range=( 2 )
-2147483647 2147483647
##$RECO_map_percentile=( 2 )
1 99.99
##$RECO_map_error=0.0025
##$RECO_globex=( 552 )
0 0 0 0 0 0 0 0 0 0 0 0 0 0 0 0 0 0 0 0 0 0 0 0 0 0 0 0 0 0 0 0 0 0 0 0 0 0 0 
0 0 0 0 0 0 0 0 0 0 0 0 0 0 0 0 0 0 0 0 0 0 0 0 0 0 0 0 0 0 0 0 0 0 0 0 0 0 0 
0 0 0 0 0 0 0 0 0 0 0 0 0 0 0 0 0 0 0 0 0 0 0 0 0 0 0 0 0 0 0 0 0 0 0 0 0 0 0 
0 0 0 0 0 0 0 0 0 0 0 0 0 0 0 0 0 0 0 0 0 0 0 0 0 0 0 0 0 0 0 0 0 0 0 0 0 0 0 
0 0 0 0 0 0 0 0 0 0 0 0 0 0 0 0 0 0 0 0 0 0 0 0 0 0 0 0 0 0 0 0 0 0 0 0 0 0 0 
0 0 0 0 0 0 0 0 0 0 0 0 0 0 0 0 0 0 0 0 0 0 0 0 0 0 0 0 0 0 0 0 0 0 0 0 0 0 0 
0 0 0 0 0 0 0 0 0 0 0 0 0 0 0 0 0 0 0 0 0 0 0 0 0 0 0 0 0 0 0 0 0 0 0 0 0 0 0 
0 0 0 0 0 0 0 0 0 0 0 0 0 0 0 0 0 0 0 0 0 0 0 0 0 0 0 0 0 0 0 0 0 0 0 0 0 0 0 
0 0 0 0 0 0 0 0 0 0 0 0 0 0 0 0 0 0 0 0 0 0 0 0 0 0 0 0 0 0 0 0 0 0 0 0 0 0 0 
0 0 0 0 0 0 0 0 0 0 0 0 0 0 0 0 0 0 0 0 0 0 0 0 0 0 0 0 0 0 0 0 0 0 0 0 0 0 0 
0 0 0 0 0 0 0 0 0 0 0 0 0 0 0 0 0 0 0 0 0 0 0 0 0 0 0 0 0 0 0 0 0 0 0 0 0 0 0 
0 0 0 0 0 0 0 0 0 0 0 0 0 0 0 0 0 0 0 0 0 0 0 0 0 0 0 0 0 0 0 0 0 0 0 0 0 0 0 
0 0 0 0 0 0 0 0 0 0 0 0 0 0 0 0 0 0 0 0 0 0 0 0 0 0 0 0 0 0 0 0 0 0 0 0 0 0 0 
0 0 0 0 0 0 0 0 0 0 0 0 0 0 0 0 0 0 0 0 0 0 0 0 0 0 0 0 0 0 0 0 0 0 0 0 0 0 0 
0 0 0 0 0 0
##$RECO_minima=( 552 )
0 0 0 0 0 0 0 0 0 0 0 0 0 0 0 0 0 0 0 0 0 0 0 0 0 0 0 0 0 0 0 0 0 0 0 0 0 0 0 
0 0 0 0 0 0 0 0 0 0 0 0 0 0 0 0 0 0 0 0 0 0 0 0 0 0 0 0 0 0 0 0 0 0 0 0 0 0 0 
0 0 0 0 0 0 0 0 0 0 0 0 0 0 0 0 0 0 0 0 0 0 0 0 0 0 0 0 0 0 0 0 0 0 0 0 0 0 0 
0 0 0 0 0 0 0 0 0 0 0 0 0 0 0 0 0 0 0 0 0 0 0 0 0 0 0 0 0 0 0 0 0 0 0 0 0 0 0 
0 0 0 0 0 0 0 0 0 0 0 0 0 0 0 0 0 0 0 0 0 0 0 0 0 0 0 0 0 0 0 0 0 0 0 0 0 0 0 
0 0 0 0 0 0 0 0 0 0 0 0 0 0 0 0 0 0 0 0 0 0 0 0 0 0 0 0 0 0 0 0 0 0 0 0 0 0 0 
0 0 0 0 0 0 0 0 0 0 0 0 0 0 0 0 0 0 0 0 0 0 0 0 0 0 0 0 0 0 0 0 0 0 0 0 0 0 0 
0 0 0 0 0 0 0 0 0 0 0 0 0 0 0 0 0 0 0 0 0 0 0 0 0 0 0 0 0 0 0 0 0 0 0 0 0 0 0 
0 0 0 0 0 0 0 0 0 0 0 0 0 0 0 0 0 0 0 0 0 0 0 0 0 0 0 0 0 0 0 0 0 0 0 0 0 0 0 
0 0 0 0 0 0 0 0 0 0 0 0 0 0 0 0 0 0 0 0 0 0 0 0 0 0 0 0 0 0 0 0 0 0 0 0 0 0 0 
0 0 0 0 0 0 0 0 0 0 0 0 0 0 0 0 0 0 0 0 0 0 0 0 0 0 0 0 0 0 0 0 0 0 0 0 0 0 0 
0 0 0 0 0 0 0 0 0 0 0 0 0 0 0 0 0 0 0 0 0 0 0 0 0 0 0 0 0 0 0 0 0 0 0 0 0 0 0 
0 0 0 0 0 0 0 0 0 0 0 0 0 0 0 0 0 0 0 0 0 0 0 0 0 0 0 0 0 0 0 0 0 0 0 0 0 0 0 
0 0 0 0 0 0 0 0 0 0 0 0 0 0 0 0 0 0 0 0 0 0 0 0 0 0 0 0 0 0 0 0 0 0 0 0 0 0 0 
0 0 0 0 0 0
##$RECO_maxima=( 552 )
32767 27123 25865 26499 25280 26248 25527 26131 25779 25028 24937 25184 23919 
23149 24416 22815 23125 22830 23472 22221 22086 22730 21144 20845 21179 20723 
20611 20610 20293 20685 20084 20377 18948 18230 18792 18918 19603 20327 22256 
22520 22732 24593 25666 25503 26008 27990 26699 25630 25450 26654 24982 25408 
26016 25644 25472 26054 24709 23427 24433 23831 22448 23562 23774 22067 20907 
22545 21445 21664 22168 20583 20912 20769 20305 21515 20562 21469 21431 20294 
20545 20002 19121 18978 19761 20562 21485 21146 23247 23732 23636 25240 26162 
27225 26090 26252 26761 26415 26670 24749 25466 24101 24191 24570 24039 24643 
22268 23734 22463 22815 23026 22603 22596 21713 21421 20660 21132 21426 21153 
21420 21678 21170 21311 20213 20937 20366 20622 19323 18484 18985 20521 20484 
21069 21364 21544 21426 23589 24566 25421 26881 25694 25632 24712 24950 26275 
24178 23946 24989 24007 24589 24080 23580 23453 22410 22554 22969 22116 22038 
22314 21680 21957 20720 21854 21777 20389 21165 20948 19684 20468 20120 20988 
21385 19800 19105 18824 19111 19340 20751 21081 23504 22234 22268 24715 24556 
24892 26637 25957 26785 24996 26040 25908 24960 25215 25754 24915 25919 24725 
22750 24903 24723 23950 23755 24011 22572 22191 22034 22168 21227 21781 20674 
20801 21709 20331 20499 21177 20469 20883 20953 21724 19733 19716 19197 20614 
21447 22184 23612 22363 23760 24958 27765 28355 27073 27955 26085 27420 24959 
25243 26181 26663 26211 24558 27546 25824 24881 25628 23884 23864 24703 23655 
23673 22994 22989 21533 22310 22246 21327 21882 22100 20888 21395 20887 20841 
21471 20785 19708 19266 19677 19642 19799 21907 21902 23488 24993 23831 24388 
26617 26850 28316 27284 28214 27624 26297 26227 27206 26412 26308 26082 25687 
25747 23406 24754 24839 24449 23747 24167 23640 23047 22850 22469 21753 22099 
21327 21283 20887 21499 20972 20826 21248 20679 21057 21430 19325 20095 20869 
20440 21599 22207 21989 24864 24938 25018 26259 28219 27859 28143 27724 25422 
27755 25987 25962 26339 25469 26633 25459 24512 24141 23897 24404 24461 22494 
23919 22724 22687 22636 23212 21404 22906 22438 21045 22445 22212 21385 20891 
20351 21118 20894 20088 19597 19138 19354 19919 21823 21983 21732 22924 23174 
24412 25704 27300 26992 26407 26166 25152 26055 25888 25976 25977 25609 24862 
25828 24529 23956 23796 24018 24284 22958 22594 22586 23741 22882 22742 22967 
21722 22046 21623 21429 22562 21376 22357 21322 20992 21160 21501 18901 19333 
19965 21346 21165 22231 23023 24146 23653 23986 24696 27228 28396 26041 24628 
25113 26230 25476 25388 24272 25292 25012 25142 24530 23675 23974 23473 24163 
23174 23557 23089 23019 22383 23166 21596 20840 21321 21749 21527 22335 22480 
21201 21738 22766 21006 20618 19053 19877 19861 20633 20834 20480 21885 21589 
22464 23305 25197 26339 26872 26477 26769 27038 26172 26387 24942 25383 26281 
24558 24788 24242 24140 23911 24545 22959 23348 23228 22751 21985 21403 22589 
21484 21812 21724 20656 21572 22432 21608 21129 20135 20907 20369 20961 18905 
19019 19431 18752 20551 22195 21411 23387 22365 21845 25427 25013 26203 25798 
25329 26481 25964 25172 25162 23546 24857 24592 24069 24919 25199 22756 23018 
23866 22876 22920 22299 23299 21212 22151 22020 22821 21583 21426 23281 20803 
20904 21109 21636 20643 20665 21908 20539 19602 18594 20735 21099 21786 21908 
22850 23341 24420 25703 26844 26198
##$RECO_map_min=( 552 )
-894313 -894313 -894313 -894313 -894313 -894313 -894313 -894313 -894313 
-894313 -894313 -894313 -894313 -894313 -894313 -894313 -894313 -894313 
-894313 -894313 -894313 -894313 -894313 -894313 -894313 -894313 -894313 
-894313 -894313 -894313 -894313 -894313 -894313 -894313 -894313 -894313 
-894313 -894313 -894313 -894313 -894313 -894313 -894313 -894313 -894313 
-894313 -894313 -894313 -894313 -894313 -894313 -894313 -894313 -894313 
-894313 -894313 -894313 -894313 -894313 -894313 -894313 -894313 -894313 
-894313 -894313 -894313 -894313 -894313 -894313 -894313 -894313 -894313 
-894313 -894313 -894313 -894313 -894313 -894313 -894313 -894313 -894313 
-894313 -894313 -894313 -894313 -894313 -894313 -894313 -894313 -894313 
-894313 -894313 -894313 -894313 -894313 -894313 -894313 -894313 -894313 
-894313 -894313 -894313 -894313 -894313 -894313 -894313 -894313 -894313 
-894313 -894313 -894313 -894313 -894313 -894313 -894313 -894313 -894313 
-894313 -894313 -894313 -894313 -894313 -894313 -894313 -894313 -894313 
-894313 -894313 -894313 -894313 -894313 -894313 -894313 -894313 -894313 
-894313 -894313 -894313 -894313 -894313 -894313 -894313 -894313 -894313 
-894313 -894313 -894313 -894313 -894313 -894313 -894313 -894313 -894313 
-894313 -894313 -894313 -894313 -894313 -894313 -894313 -894313 -894313 
-894313 -894313 -894313 -894313 -894313 -894313 -894313 -894313 -894313 
-894313 -894313 -894313 -894313 -894313 -894313 -894313 -894313 -894313 
-894313 -894313 -894313 -894313 -894313 -894313 -894313 -894313 -894313 
-894313 -894313 -894313 -894313 -894313 -894313 -894313 -894313 -894313 
-894313 -894313 -894313 -894313 -894313 -894313 -894313 -894313 -894313 
-894313 -894313 -894313 -894313 -894313 -894313 -894313 -894313 -894313 
-894313 -894313 -894313 -894313 -894313 -894313 -894313 -894313 -894313 
-894313 -894313 -894313 -894313 -894313 -894313 -894313 -894313 -894313 
-894313 -894313 -894313 -894313 -894313 -894313 -894313 -894313 -894313 
-894313 -894313 -894313 -894313 -894313 -894313 -894313 -894313 -894313 
-894313 -894313 -894313 -894313 -894313 -894313 -894313 -894313 -894313 
-894313 -894313 -894313 -894313 -894313 -894313 -894313 -894313 -894313 
-894313 -894313 -894313 -894313 -894313 -894313 -894313 -894313 -894313 
-894313 -894313 -894313 -894313 -894313 -894313 -894313 -894313 -894313 
-894313 -894313 -894313 -894313 -894313 -894313 -894313 -894313 -894313 
-894313 -894313 -894313 -894313 -894313 -894313 -894313 -894313 -894313 
-894313 -894313 -894313 -894313 -894313 -894313 -894313 -894313 -894313 
-894313 -894313 -894313 -894313 -894313 -894313 -894313 -894313 -894313 
-894313 -894313 -894313 -894313 -894313 -894313 -894313 -894313 -894313 
-894313 -894313 -894313 -894313 -894313 -894313 -894313 -894313 -894313 
-894313 -894313 -894313 -894313 -894313 -894313 -894313 -894313 -894313 
-894313 -894313 -894313 -894313 -894313 -894313 -894313 -894313 -894313 
-894313 -894313 -894313 -894313 -894313 -894313 -894313 -894313 -894313 
-894313 -894313 -894313 -894313 -894313 -894313 -894313 -894313 -894313 
-894313 -894313 -894313 -894313 -894313 -894313 -894313 -894313 -894313 
-894313 -894313 -894313 -894313 -894313 -894313 -894313 -894313 -894313 
-894313 -894313 -894313 -894313 -894313 -894313 -894313 -894313 -894313 
-894313 -894313 -894313 -894313 -894313 -894313 -894313 -894313 -894313 
-894313 -894313 -894313 -894313 -894313 -894313 -894313 -894313 -894313 
-894313 -894313 -894313 -894313 -894313 -894313 -894313 -894313 -894313 
-894313 -894313 -894313 -894313 -894313 -894313 -894313 -894313 -894313 
-894313 -894313 -894313 -894313 -894313 -894313 -894313 -894313 -894313 
-894313 -894313 -894313 -894313 -894313 -894313 -894313 -894313 -894313 
-894313 -894313 -894313 -894313 -894313 -894313 -894313 -894313 -894313 
-894313 -894313 -894313 -894313 -894313 -894313 -894313 -894313 -894313 
-894313 -894313 -894313 -894313 -894313 -894313 -894313 -894313 -894313 
-894313 -894313 -894313 -894313 -894313 -894313 -894313 -894313 -894313 
-894313 -894313 -894313 -894313 -894313 -894313 -894313 -894313 -894313 
-894313 -894313 -894313 -894313 -894313 -894313 -894313 -894313 -894313 
-894313 -894313 -894313 -894313 -894313 -894313 -894313 -894313 -894313 
-894313 -894313 -894313 -894313 -894313 -894313 -894313 -894313 -894313 
-894313 -894313 -894313 -894313 -894313 -894313 -894313 -894313 -894313 
-894313 -894313 -894313 -894313 -894313 -894313 -894313 -894313 -894313 
-894313 -894313 -894313
##$RECO_map_max=( 552 )
894313 894313 894313 894313 894313 894313 894313 894313 894313 894313 894313 
894313 894313 894313 894313 894313 894313 894313 894313 894313 894313 894313 
894313 894313 894313 894313 894313 894313 894313 894313 894313 894313 894313 
894313 894313 894313 894313 894313 894313 894313 894313 894313 894313 894313 
894313 894313 894313 894313 894313 894313 894313 894313 894313 894313 894313 
894313 894313 894313 894313 894313 894313 894313 894313 894313 894313 894313 
894313 894313 894313 894313 894313 894313 894313 894313 894313 894313 894313 
894313 894313 894313 894313 894313 894313 894313 894313 894313 894313 894313 
894313 894313 894313 894313 894313 894313 894313 894313 894313 894313 894313 
894313 894313 894313 894313 894313 894313 894313 894313 894313 894313 894313 
894313 894313 894313 894313 894313 894313 894313 894313 894313 894313 894313 
894313 894313 894313 894313 894313 894313 894313 894313 894313 894313 894313 
894313 894313 894313 894313 894313 894313 894313 894313 894313 894313 894313 
894313 894313 894313 894313 894313 894313 894313 894313 894313 894313 894313 
894313 894313 894313 894313 894313 894313 894313 894313 894313 894313 894313 
894313 894313 894313 894313 894313 894313 894313 894313 894313 894313 894313 
894313 894313 894313 894313 894313 894313 894313 894313 894313 894313 894313 
894313 894313 894313 894313 894313 894313 894313 894313 894313 894313 894313 
894313 894313 894313 894313 894313 894313 894313 894313 894313 894313 894313 
894313 894313 894313 894313 894313 894313 894313 894313 894313 894313 894313 
894313 894313 894313 894313 894313 894313 894313 894313 894313 894313 894313 
894313 894313 894313 894313 894313 894313 894313 894313 894313 894313 894313 
894313 894313 894313 894313 894313 894313 894313 894313 894313 894313 894313 
894313 894313 894313 894313 894313 894313 894313 894313 894313 894313 894313 
894313 894313 894313 894313 894313 894313 894313 894313 894313 894313 894313 
894313 894313 894313 894313 894313 894313 894313 894313 894313 894313 894313 
894313 894313 894313 894313 894313 894313 894313 894313 894313 894313 894313 
894313 894313 894313 894313 894313 894313 894313 894313 894313 894313 894313 
894313 894313 894313 894313 894313 894313 894313 894313 894313 894313 894313 
894313 894313 894313 894313 894313 894313 894313 894313 894313 894313 894313 
894313 894313 894313 894313 894313 894313 894313 894313 894313 894313 894313 
894313 894313 894313 894313 894313 894313 894313 894313 894313 894313 894313 
894313 894313 894313 894313 894313 894313 894313 894313 894313 894313 894313 
894313 894313 894313 894313 894313 894313 894313 894313 894313 894313 894313 
894313 894313 894313 894313 894313 894313 894313 894313 894313 894313 894313 
894313 894313 894313 894313 894313 894313 894313 894313 894313 894313 894313 
894313 894313 894313 894313 894313 894313 894313 894313 894313 894313 894313 
894313 894313 894313 894313 894313 894313 894313 894313 894313 894313 894313 
894313 894313 894313 894313 894313 894313 894313 894313 894313 894313 894313 
894313 894313 894313 894313 894313 894313 894313 894313 894313 894313 894313 
894313 894313 894313 894313 894313 894313 894313 894313 894313 894313 894313 
894313 894313 894313 894313 894313 894313 894313 894313 894313 894313 894313 
894313 894313 894313 894313 894313 894313 894313 894313 894313 894313 894313 
894313 894313 894313 894313 894313 894313 894313 894313 894313 894313 894313 
894313 894313 894313 894313 894313 894313 894313 894313 894313 894313 894313 
894313 894313 894313 894313 894313 894313 894313 894313 894313 894313 894313 
894313 894313 894313 894313 894313 894313 894313 894313 894313 894313 894313 
894313 894313 894313 894313 894313 894313 894313 894313 894313 894313 894313 
894313 894313 894313 894313 894313 894313 894313 894313 894313 894313 894313 
894313 894313 894313 894313 894313 894313 894313 894313 894313 894313 894313 
894313 894313
$$ @vis= RECO_map_mode RECO_globex RECO_minima RECO_maxima RECO_map_min
##$RECO_map_offset=( 552 )
0 0 0 0 0 0 0 0 0 0 0 0 0 0 0 0 0 0 0 0 0 0 0 0 0 0 0 0 0 0 0 0 0 0 0 0 0 0 0 
0 0 0 0 0 0 0 0 0 0 0 0 0 0 0 0 0 0 0 0 0 0 0 0 0 0 0 0 0 0 0 0 0 0 0 0 0 0 0 
0 0 0 0 0 0 0 0 0 0 0 0 0 0 0 0 0 0 0 0 0 0 0 0 0 0 0 0 0 0 0 0 0 0 0 0 0 0 0 
0 0 0 0 0 0 0 0 0 0 0 0 0 0 0 0 0 0 0 0 0 0 0 0 0 0 0 0 0 0 0 0 0 0 0 0 0 0 0 
0 0 0 0 0 0 0 0 0 0 0 0 0 0 0 0 0 0 0 0 0 0 0 0 0 0 0 0 0 0 0 0 0 0 0 0 0 0 0 
0 0 0 0 0 0 0 0 0 0 0 0 0 0 0 0 0 0 0 0 0 0 0 0 0 0 0 0 0 0 0 0 0 0 0 0 0 0 0 
0 0 0 0 0 0 0 0 0 0 0 0 0 0 0 0 0 0 0 0 0 0 0 0 0 0 0 0 0 0 0 0 0 0 0 0 0 0 0 
0 0 0 0 0 0 0 0 0 0 0 0 0 0 0 0 0 0 0 0 0 0 0 0 0 0 0 0 0 0 0 0 0 0 0 0 0 0 0 
0 0 0 0 0 0 0 0 0 0 0 0 0 0 0 0 0 0 0 0 0 0 0 0 0 0 0 0 0 0 0 0 0 0 0 0 0 0 0 
0 0 0 0 0 0 0 0 0 0 0 0 0 0 0 0 0 0 0 0 0 0 0 0 0 0 0 0 0 0 0 0 0 0 0 0 0 0 0 
0 0 0 0 0 0 0 0 0 0 0 0 0 0 0 0 0 0 0 0 0 0 0 0 0 0 0 0 0 0 0 0 0 0 0 0 0 0 0 
0 0 0 0 0 0 0 0 0 0 0 0 0 0 0 0 0 0 0 0 0 0 0 0 0 0 0 0 0 0 0 0 0 0 0 0 0 0 0 
0 0 0 0 0 0 0 0 0 0 0 0 0 0 0 0 0 0 0 0 0 0 0 0 0 0 0 0 0 0 0 0 0 0 0 0 0 0 0 
0 0 0 0 0 0 0 0 0 0 0 0 0 0 0 0 0 0 0 0 0 0 0 0 0 0 0 0 0 0 0 0 0 0 0 0 0 0 0 
0 0 0 0 0 0
##$RECO_map_slope=( 552 )
0.0366392992436886 0.0366392992436886 0.0366392992436886 0.0366392992436886 
0.0366392992436886 0.0366392992436886 0.0366392992436886 0.0366392992436886 
0.0366392992436886 0.0366392992436886 0.0366392992436886 0.0366392992436886 
0.0366392992436886 0.0366392992436886 0.0366392992436886 0.0366392992436886 
0.0366392992436886 0.0366392992436886 0.0366392992436886 0.0366392992436886 
0.0366392992436886 0.0366392992436886 0.0366392992436886 0.0366392992436886 
0.0366392992436886 0.0366392992436886 0.0366392992436886 0.0366392992436886 
0.0366392992436886 0.0366392992436886 0.0366392992436886 0.0366392992436886 
0.0366392992436886 0.0366392992436886 0.0366392992436886 0.0366392992436886 
0.0366392992436886 0.0366392992436886 0.0366392992436886 0.0366392992436886 
0.0366392992436886 0.0366392992436886 0.0366392992436886 0.0366392992436886 
0.0366392992436886 0.0366392992436886 0.0366392992436886 0.0366392992436886 
0.0366392992436886 0.0366392992436886 0.0366392992436886 0.0366392992436886 
0.0366392992436886 0.0366392992436886 0.0366392992436886 0.0366392992436886 
0.0366392992436886 0.0366392992436886 0.0366392992436886 0.0366392992436886 
0.0366392992436886 0.0366392992436886 0.0366392992436886 0.0366392992436886 
0.0366392992436886 0.0366392992436886 0.0366392992436886 0.0366392992436886 
0.0366392992436886 0.0366392992436886 0.0366392992436886 0.0366392992436886 
0.0366392992436886 0.0366392992436886 0.0366392992436886 0.0366392992436886 
0.0366392992436886 0.0366392992436886 0.0366392992436886 0.0366392992436886 
0.0366392992436886 0.0366392992436886 0.0366392992436886 0.0366392992436886 
0.0366392992436886 0.0366392992436886 0.0366392992436886 0.0366392992436886 
0.0366392992436886 0.0366392992436886 0.0366392992436886 0.0366392992436886 
0.0366392992436886 0.0366392992436886 0.0366392992436886 0.0366392992436886 
0.0366392992436886 0.0366392992436886 0.0366392992436886 0.0366392992436886 
0.0366392992436886 0.0366392992436886 0.0366392992436886 0.0366392992436886 
0.0366392992436886 0.0366392992436886 0.0366392992436886 0.0366392992436886 
0.0366392992436886 0.0366392992436886 0.0366392992436886 0.0366392992436886 
0.0366392992436886 0.0366392992436886 0.0366392992436886 0.0366392992436886 
0.0366392992436886 0.0366392992436886 0.0366392992436886 0.0366392992436886 
0.0366392992436886 0.0366392992436886 0.0366392992436886 0.0366392992436886 
0.0366392992436886 0.0366392992436886 0.0366392992436886 0.0366392992436886 
0.0366392992436886 0.0366392992436886 0.0366392992436886 0.0366392992436886 
0.0366392992436886 0.0366392992436886 0.0366392992436886 0.0366392992436886 
0.0366392992436886 0.0366392992436886 0.0366392992436886 0.0366392992436886 
0.0366392992436886 0.0366392992436886 0.0366392992436886 0.0366392992436886 
0.0366392992436886 0.0366392992436886 0.0366392992436886 0.0366392992436886 
0.0366392992436886 0.0366392992436886 0.0366392992436886 0.0366392992436886 
0.0366392992436886 0.0366392992436886 0.0366392992436886 0.0366392992436886 
0.0366392992436886 0.0366392992436886 0.0366392992436886 0.0366392992436886 
0.0366392992436886 0.0366392992436886 0.0366392992436886 0.0366392992436886 
0.0366392992436886 0.0366392992436886 0.0366392992436886 0.0366392992436886 
0.0366392992436886 0.0366392992436886 0.0366392992436886 0.0366392992436886 
0.0366392992436886 0.0366392992436886 0.0366392992436886 0.0366392992436886 
0.0366392992436886 0.0366392992436886 0.0366392992436886 0.0366392992436886 
0.0366392992436886 0.0366392992436886 0.0366392992436886 0.0366392992436886 
0.0366392992436886 0.0366392992436886 0.0366392992436886 0.0366392992436886 
0.0366392992436886 0.0366392992436886 0.0366392992436886 0.0366392992436886 
0.0366392992436886 0.0366392992436886 0.0366392992436886 0.0366392992436886 
0.0366392992436886 0.0366392992436886 0.0366392992436886 0.0366392992436886 
0.0366392992436886 0.0366392992436886 0.0366392992436886 0.0366392992436886 
0.0366392992436886 0.0366392992436886 0.0366392992436886 0.0366392992436886 
0.0366392992436886 0.0366392992436886 0.0366392992436886 0.0366392992436886 
0.0366392992436886 0.0366392992436886 0.0366392992436886 0.0366392992436886 
0.0366392992436886 0.0366392992436886 0.0366392992436886 0.0366392992436886 
0.0366392992436886 0.0366392992436886 0.0366392992436886 0.0366392992436886 
0.0366392992436886 0.0366392992436886 0.0366392992436886 0.0366392992436886 
0.0366392992436886 0.0366392992436886 0.0366392992436886 0.0366392992436886 
0.0366392992436886 0.0366392992436886 0.0366392992436886 0.0366392992436886 
0.0366392992436886 0.0366392992436886 0.0366392992436886 0.0366392992436886 
0.0366392992436886 0.0366392992436886 0.0366392992436886 0.0366392992436886 
0.0366392992436886 0.0366392992436886 0.0366392992436886 0.0366392992436886 
0.0366392992436886 0.0366392992436886 0.0366392992436886 0.0366392992436886 
0.0366392992436886 0.0366392992436886 0.0366392992436886 0.0366392992436886 
0.0366392992436886 0.0366392992436886 0.0366392992436886 0.0366392992436886 
0.0366392992436886 0.0366392992436886 0.0366392992436886 0.0366392992436886 
0.0366392992436886 0.0366392992436886 0.0366392992436886 0.0366392992436886 
0.0366392992436886 0.0366392992436886 0.0366392992436886 0.0366392992436886 
0.0366392992436886 0.0366392992436886 0.0366392992436886 0.0366392992436886 
0.0366392992436886 0.0366392992436886 0.0366392992436886 0.0366392992436886 
0.0366392992436886 0.0366392992436886 0.0366392992436886 0.0366392992436886 
0.0366392992436886 0.0366392992436886 0.0366392992436886 0.0366392992436886 
0.0366392992436886 0.0366392992436886 0.0366392992436886 0.0366392992436886 
0.0366392992436886 0.0366392992436886 0.0366392992436886 0.0366392992436886 
0.0366392992436886 0.0366392992436886 0.0366392992436886 0.0366392992436886 
0.0366392992436886 0.0366392992436886 0.0366392992436886 0.0366392992436886 
0.0366392992436886 0.0366392992436886 0.0366392992436886 0.0366392992436886 
0.0366392992436886 0.0366392992436886 0.0366392992436886 0.0366392992436886 
0.0366392992436886 0.0366392992436886 0.0366392992436886 0.0366392992436886 
0.0366392992436886 0.0366392992436886 0.0366392992436886 0.0366392992436886 
0.0366392992436886 0.0366392992436886 0.0366392992436886 0.0366392992436886 
0.0366392992436886 0.0366392992436886 0.0366392992436886 0.0366392992436886 
0.0366392992436886 0.0366392992436886 0.0366392992436886 0.0366392992436886 
0.0366392992436886 0.0366392992436886 0.0366392992436886 0.0366392992436886 
0.0366392992436886 0.0366392992436886 0.0366392992436886 0.0366392992436886 
0.0366392992436886 0.0366392992436886 0.0366392992436886 0.0366392992436886 
0.0366392992436886 0.0366392992436886 0.0366392992436886 0.0366392992436886 
0.0366392992436886 0.0366392992436886 0.0366392992436886 0.0366392992436886 
0.0366392992436886 0.0366392992436886 0.0366392992436886 0.0366392992436886 
0.0366392992436886 0.0366392992436886 0.0366392992436886 0.0366392992436886 
0.0366392992436886 0.0366392992436886 0.0366392992436886 0.0366392992436886 
0.0366392992436886 0.0366392992436886 0.0366392992436886 0.0366392992436886 
0.0366392992436886 0.0366392992436886 0.0366392992436886 0.0366392992436886 
0.0366392992436886 0.0366392992436886 0.0366392992436886 0.0366392992436886 
0.0366392992436886 0.0366392992436886 0.0366392992436886 0.0366392992436886 
0.0366392992436886 0.0366392992436886 0.0366392992436886 0.0366392992436886 
0.0366392992436886 0.0366392992436886 0.0366392992436886 0.0366392992436886 
0.0366392992436886 0.0366392992436886 0.0366392992436886 0.0366392992436886 
0.0366392992436886 0.0366392992436886 0.0366392992436886 0.0366392992436886 
0.0366392992436886 0.0366392992436886 0.0366392992436886 0.0366392992436886 
0.0366392992436886 0.0366392992436886 0.0366392992436886 0.0366392992436886 
0.0366392992436886 0.0366392992436886 0.0366392992436886 0.0366392992436886 
0.0366392992436886 0.0366392992436886 0.0366392992436886 0.0366392992436886 
0.0366392992436886 0.0366392992436886 0.0366392992436886 0.0366392992436886 
0.0366392992436886 0.0366392992436886 0.0366392992436886 0.0366392992436886 
0.0366392992436886 0.0366392992436886 0.0366392992436886 0.0366392992436886 
0.0366392992436886 0.0366392992436886 0.0366392992436886 0.0366392992436886 
0.0366392992436886 0.0366392992436886 0.0366392992436886 0.0366392992436886 
0.0366392992436886 0.0366392992436886 0.0366392992436886 0.0366392992436886 
0.0366392992436886 0.0366392992436886 0.0366392992436886 0.0366392992436886 
0.0366392992436886 0.0366392992436886 0.0366392992436886 0.0366392992436886 
0.0366392992436886 0.0366392992436886 0.0366392992436886 0.0366392992436886 
0.0366392992436886 0.0366392992436886 0.0366392992436886 0.0366392992436886 
0.0366392992436886 0.0366392992436886 0.0366392992436886 0.0366392992436886 
0.0366392992436886 0.0366392992436886 0.0366392992436886 0.0366392992436886 
0.0366392992436886 0.0366392992436886 0.0366392992436886 0.0366392992436886 
0.0366392992436886 0.0366392992436886 0.0366392992436886 0.0366392992436886 
0.0366392992436886 0.0366392992436886 0.0366392992436886 0.0366392992436886 
0.0366392992436886 0.0366392992436886 0.0366392992436886 0.0366392992436886 
0.0366392992436886 0.0366392992436886 0.0366392992436886 0.0366392992436886 
0.0366392992436886 0.0366392992436886 0.0366392992436886 0.0366392992436886 
0.0366392992436886 0.0366392992436886 0.0366392992436886 0.0366392992436886 
0.0366392992436886 0.0366392992436886 0.0366392992436886 0.0366392992436886 
0.0366392992436886 0.0366392992436886 0.0366392992436886 0.0366392992436886 
0.0366392992436886 0.0366392992436886 0.0366392992436886 0.0366392992436886 
0.0366392992436886 0.0366392992436886 0.0366392992436886 0.0366392992436886 
0.0366392992436886 0.0366392992436886 0.0366392992436886 0.0366392992436886 
0.0366392992436886 0.0366392992436886 0.0366392992436886 0.0366392992436886 
0.0366392992436886 0.0366392992436886 0.0366392992436886 0.0366392992436886 
0.0366392992436886 0.0366392992436886 0.0366392992436886 0.0366392992436886 
0.0366392992436886 0.0366392992436886 0.0366392992436886 0.0366392992436886 
0.0366392992436886 0.0366392992436886 0.0366392992436886 0.0366392992436886 
0.0366392992436886 0.0366392992436886 0.0366392992436886 0.0366392992436886 
0.0366392992436886 0.0366392992436886 0.0366392992436886 0.0366392992436886 
0.0366392992436886 0.0366392992436886 0.0366392992436886 0.0366392992436886 
0.0366392992436886 0.0366392992436886 0.0366392992436886 0.0366392992436886 
0.0366392992436886 0.0366392992436886 0.0366392992436886 0.0366392992436886 
0.0366392992436886 0.0366392992436886 0.0366392992436886 0.0366392992436886
##$RECO_byte_order=littleEndian
##$RECO_time=( 24 )
<17:58:04 14 Jun 2017>
##$RECO_abs_time=1497488284
$$ @vis= RECO_map_max RECO_map_offset RECO_map_slope RECO_byte_order RECO_time
##$RECO_base_image_uid=( 65 )
<2.16.756.5.5.100.4167689927.15715.1497491384.2862>
##$GS_reco_display=Yes
$$ @vis= RECO_abs_time RECO_base_image_uid RecoRegridNGroup GS_reco_display
##$GO_reco_display=Yes
##$GO_reco_each_nr=No
##$GO_max_reco_mem=0
$$ @vis= RECO_GS GO_reco_display GO_reco_each_nr GO_max_reco_mem RECO_GO RECO
##END=
