##TITLE=Parameter List
##JCAMPDX=4.24
##DATATYPE=Parameter Values
##ORIGIN=Bruker BioSpin MRI GmbH
##OWNER=agoldsher
$$ Wed Jun 14 11:24:24 2017 MST (UT-7h)  agoldsher
$$ /opt/PV51/data/agoldsher/nmr/AVG-uPA-T1-AL1.HY1/1/pdata/1/reco
##$RECO_mode=FT_MODE
##$RecoAutoDerive=Yes
##$RECO_inp_order=NO_REORDERING
##$RECO_inp_size=( 2 )
96 96
##$RECO_ft_size=( 2 )
96 96
##$RECO_fov=( 2 )
4.8 4.8
##$RECO_size=( 2 )
96 96
$$ @vis= RECO_mode RecoAutoDerive RECO_inp_order RECO_ft_size RECO_fov
##$RECO_offset=( 2, 40 )
0 0 0 0 0 0 0 0 0 0 0 0 0 0 0 0 0 0 0 0 0 0 0 0 0 0 0 0 0 0 0 0 0 0 0 0 0 0 0 
0 0 0 0 0 0 0 0 0 0 0 0 0 0 0 0 0 0 0 0 0 0 0 0 0 0 0 0 0 0 0 0 0 0 0 0 0 0 0 
0 0
##$RECO_regrid_mode=NO_REGRID
##$RECO_regrid_offset=0
##$RECO_ramp_gap=0
##$RECO_ramp_time=0
##$RECO_ne_mode=NO_NAV_DATA
##$RECO_ne_dist=NeNoInterleave
##$RECO_ne_dens=NeCorrPerScan
##$RECO_ne_type=NAV_PHASE
##$RECO_ne_vals=( 1, 2 )
0 0
##$RECO_bc_mode=( 2 )
NO_BC NO_BC
##$RECO_bc_start=( 2 )
72 72
##$RECO_bc_len=( 2 )
24 24
##$RECO_dc_offset=( 2 )
0 0
##$RECO_dc_divisor=1
##$RECO_bc_coroff=( 2 )
0 0
##$RECO_qopts=( 2 )
CONJ_AND_QNEG NO_QOPTS
##$RECO_wdw_mode=( 2 )
NO_WDW NO_WDW
$$ @vis= RECO_size RECO_regrid_mode RECO_ne_mode RECO_bc_mode RECO_qopts
##$RECO_lb=( 2 )
-0.5 -0.5
##$RECO_sw=( 2 )
50000 1
##$RECO_gb=( 2 )
0.5 0.5
##$RECO_sbs=( 2 )
1 1
##$RECO_tm1=( 2 )
0.25 0.25
##$RECO_tm2=( 2 )
0.75 0.75
##$RECO_ft_mode=( 2 )
COMPLEX_FT COMPLEX_FT
##$RECO_pc_mode=( 2 )
NO_PC NO_PC
##$RECO_pc_lin=( 2 )
(0, 0) (0, 0)
##$RECO_rotate=( 2, 40 )
0 0 0 0 0 0 0 0 0 0 0 0 0 0 0 0 0 0 0 0 0 0 0 0 0 0 0 0 0 0 0 0 0 0 0 0 0 0 0 
0 0.5 0.5 0.5 0.5 0.5 0.5 0.5 0.5 0.5 0.5 0.5 0.5 0.5 0.5 0.5 0.5 0.5 0.5 0.5 
0.5 0.5 0.5 0.5 0.5 0.5 0.5 0.5 0.5 0.5 0.5 0.5 0.5 0.5 0.5 0.5 0.5 0.5 0.5 
0.5 0.5
##$RECO_ppc_mode=NO_PPC
##$RECO_ref_image=0
##$RECO_nr_supports=0.4
##$RECO_sig_threshold=0.15
##$RECO_ppc_degree=1
##$RECO_ppc_coeffs=( 40, 2, 2 )
0 0 0 0 0 0 0 0 0 0 0 0 0 0 0 0 0 0 0 0 0 0 0 0 0 0 0 0 0 0 0 0 0 0 0 0 0 0 0 
0 0 0 0 0 0 0 0 0 0 0 0 0 0 0 0 0 0 0 0 0 0 0 0 0 0 0 0 0 0 0 0 0 0 0 0 0 0 0 
0 0 0 0 0 0 0 0 0 0 0 0 0 0 0 0 0 0 0 0 0 0 0 0 0 0 0 0 0 0 0 0 0 0 0 0 0 0 0 
0 0 0 0 0 0 0 0 0 0 0 0 0 0 0 0 0 0 0 0 0 0 0 0 0 0 0 0 0 0 0 0 0 0 0 0 0 0 0 
0 0 0 0
##$RECO_dc_elim=No
$$ @vis= RECO_wdw_mode RECO_ft_mode RECO_pc_mode RECO_rotate RECO_ppc_mode
##$RECO_transposition=( 40 )
0 0 0 0 0 0 0 0 0 0 0 0 0 0 0 0 0 0 0 0 0 0 0 0 0 0 0 0 0 0 0 0 0 0 0 0 0 0 0 
0
##$RECO_image_type=MAGNITUDE_IMAGE
##$RECO_image_threshold=0.15
##$RECO_ir_scale=10
##$RECO_wordtype=_16BIT_SGN_INT
##$RECO_map_mode=PERCENTILE_MAPPING
$$ @vis= RECO_dc_elim RECO_transposition RECO_image_type RECO_wordtype
##$RECO_map_range=( 2 )
-2147483647 2147483647
##$RECO_map_percentile=( 2 )
1 99.99
##$RECO_map_error=0.0025
##$RECO_globex=( 40 )
0 0 0 0 0 0 0 0 0 0 0 0 0 0 0 0 0 0 0 0 0 0 0 0 0 0 0 0 0 0 0 0 0 0 0 0 0 0 0 
0
##$RECO_minima=( 40 )
12 12 12 12 12 12 12 12 12 12 12 12 12 12 12 12 12 12 12 12 12 12 12 12 12 12 
12 12 12 12 12 12 12 12 12 12 12 12 12 12
$$ @vis= RECO_map_mode RECO_map_percentile RECO_map_error RECO_globex
##$RECO_maxima=( 40 )
24715 21345 15560 24943 22988 15481 26790 26631 12524 25346 22116 26541 31519 
32766 32473 32599 30575 29943 30215 30800 30635 31035 31205 31307 32269 32766 
32056 32766 32766 32766 32766 32766 32766 32697 32766 31601 32766 31343 32766 
32766
##$RECO_map_min=( 40 )
-2637238.19794456 -2637238.19794456 -2637238.19794456 -2637238.19794456 
-2637238.19794456 -2637238.19794456 -2637238.19794456 -2637238.19794456 
-2637238.19794456 -2637238.19794456 -2637238.19794456 -2637238.19794456 
-2637238.19794456 -2637238.19794456 -2637238.19794456 -2637238.19794456 
-2637238.19794456 -2637238.19794456 -2637238.19794456 -2637238.19794456 
-2637238.19794456 -2637238.19794456 -2637238.19794456 -2637238.19794456 
-2637238.19794456 -2637238.19794456 -2637238.19794456 -2637238.19794456 
-2637238.19794456 -2637238.19794456 -2637238.19794456 -2637238.19794456 
-2637238.19794456 -2637238.19794456 -2637238.19794456 -2637238.19794456 
-2637238.19794456 -2637238.19794456 -2637238.19794456 -2637238.19794456
##$RECO_map_max=( 40 )
2637238.19794456 2637238.19794456 2637238.19794456 2637238.19794456 
2637238.19794456 2637238.19794456 2637238.19794456 2637238.19794456 
2637238.19794456 2637238.19794456 2637238.19794456 2637238.19794456 
2637238.19794456 2637238.19794456 2637238.19794456 2637238.19794456 
2637238.19794456 2637238.19794456 2637238.19794456 2637238.19794456 
2637238.19794456 2637238.19794456 2637238.19794456 2637238.19794456 
2637238.19794456 2637238.19794456 2637238.19794456 2637238.19794456 
2637238.19794456 2637238.19794456 2637238.19794456 2637238.19794456 
2637238.19794456 2637238.19794456 2637238.19794456 2637238.19794456 
2637238.19794456 2637238.19794456 2637238.19794456 2637238.19794456
##$RECO_map_offset=( 40 )
0 0 0 0 0 0 0 0 0 0 0 0 0 0 0 0 0 0 0 0 0 0 0 0 0 0 0 0 0 0 0 0 0 0 0 0 0 0 0 
0
##$RECO_map_slope=( 40 )
0.0124247400090098 0.0124247400090098 0.0124247400090098 0.0124247400090098 
0.0124247400090098 0.0124247400090098 0.0124247400090098 0.0124247400090098 
0.0124247400090098 0.0124247400090098 0.0124247400090098 0.0124247400090098 
0.0124247400090098 0.0124247400090098 0.0124247400090098 0.0124247400090098 
0.0124247400090098 0.0124247400090098 0.0124247400090098 0.0124247400090098 
0.0124247400090098 0.0124247400090098 0.0124247400090098 0.0124247400090098 
0.0124247400090098 0.0124247400090098 0.0124247400090098 0.0124247400090098 
0.0124247400090098 0.0124247400090098 0.0124247400090098 0.0124247400090098 
0.0124247400090098 0.0124247400090098 0.0124247400090098 0.0124247400090098 
0.0124247400090098 0.0124247400090098 0.0124247400090098 0.0124247400090098
$$ @vis= RECO_minima RECO_maxima RECO_map_min RECO_map_max RECO_map_offset
##$RECO_byte_order=littleEndian
##$RECO_time=( 24 )
<11:23:18 14 Jun 2017>
##$RECO_abs_time=1497464598
##$RECO_base_image_uid=( 65 )
<2.16.756.5.5.100.4167689927.15715.1497464664.1>
$$ @vis= RECO_map_slope RECO_byte_order RECO_time RECO_abs_time
##$GS_reco_display=Yes
##$GO_reco_display=Yes
$$ @vis= RECO_base_image_uid RecoRegridNGroup GS_reco_display RECO_GS
##$GO_reco_each_nr=No
##$GO_max_reco_mem=0
$$ @vis= GO_reco_display GO_reco_each_nr GO_max_reco_mem RECO_GO RECO
##END=
