##TITLE=Parameter List
##JCAMPDX=4.24
##DATATYPE=Parameter Values
##ORIGIN=Bruker BioSpin MRI GmbH
##OWNER=agoldsher
$$ Wed Jun 14 13:45:45 2017 MST (UT-7h)  agoldsher
$$ /opt/PV51/data/agoldsher/nmr/AVG-uPA-T1-AL2.HY1/3/pdata/1/visu_pars
##$VisuVersion=1
##$VisuUid=( 65 )
<2.16.756.5.5.100.4167689927.15715.1497473145.1108>
##$VisuCreator=( 65 )
<ParaVision>
##$VisuCreatorVersion=( 65 )
<5.1>
##$VisuCreationDate=( 21 )
<12:54:05 14 Jun 2017>
$$ @vis= VisuVersion VisuUid VisuCreator VisuCreatorVersion VisuCreationDate
##$VisuCoreFrameCount=552
##$VisuCoreDim=2
##$VisuCoreSize=( 2 )
96 96
##$VisuCoreDimDesc=( 2 )
spatial spatial
$$ @vis= VisuInstance VisuCoreFrameCount VisuCoreDim VisuCoreSize
##$VisuCoreExtent=( 2 )
48 48
##$VisuCoreFrameThickness=( 1 )
2
##$VisuCoreUnits=( 2, 65 )
<mm> <mm>
##$VisuCoreOrientation=( 1, 9 )
1 0 0 0 1 0 0 0 1
$$ @vis= VisuCoreDimDesc VisuCoreExtent VisuCoreFrameThickness VisuCoreUnits
##$VisuCorePosition=( 1, 3 )
-24 -24 1.5
##$VisuCoreDataMin=( 552 )
0 0 0 0 0 0 0 0 0 0 0 0 0 0 0 0 0 0 0 0 0 0 0 0 0 0 0 0 0 0 0 0 0 0 0 0 0 0 0 
0 0 0 0 0 0 0 0 0 0 0 0 0 0 0 0 0 0 0 0 0 0 0 0 0 0 0 0 0 0 0 0 0 0 0 0 0 0 0 
0 0 0 0 0 0 0 0 0 0 0 0 0 0 0 0 0 0 0 0 0 0 0 0 0 0 0 0 0 0 0 0 0 0 0 0 0 0 0 
0 0 0 0 0 0 0 0 0 0 0 0 0 0 0 0 0 0 0 0 0 0 0 0 0 0 0 0 0 0 0 0 0 0 0 0 0 0 0 
0 0 0 0 0 0 0 0 0 0 0 0 0 0 0 0 0 0 0 0 0 0 0 0 0 0 0 0 0 0 0 0 0 0 0 0 0 0 0 
0 0 0 0 0 0 0 0 0 0 0 0 0 0 0 0 0 0 0 0 0 0 0 0 0 0 0 0 0 0 0 0 0 0 0 0 0 0 0 
0 0 0 0 0 0 0 0 0 0 0 0 0 0 0 0 0 0 0 0 0 0 0 0 0 0 0 0 0 0 0 0 0 0 0 0 0 0 0 
0 0 0 0 0 0 0 0 0 0 0 0 0 0 0 0 0 0 0 0 0 0 0 0 0 0 0 0 0 0 0 0 0 0 0 0 0 0 0 
0 0 0 0 0 0 0 0 0 0 0 0 0 0 0 0 0 0 0 0 0 0 0 0 0 0 0 0 0 0 0 0 0 0 0 0 0 0 0 
0 0 0 0 0 0 0 0 0 0 0 0 0 0 0 0 0 0 0 0 0 0 0 0 0 0 0 0 0 0 0 0 0 0 0 0 0 0 0 
0 0 0 0 0 0 0 0 0 0 0 0 0 0 0 0 0 0 0 0 0 0 0 0 0 0 0 0 0 0 0 0 0 0 0 0 0 0 0 
0 0 0 0 0 0 0 0 0 0 0 0 0 0 0 0 0 0 0 0 0 0 0 0 0 0 0 0 0 0 0 0 0 0 0 0 0 0 0 
0 0 0 0 0 0 0 0 0 0 0 0 0 0 0 0 0 0 0 0 0 0 0 0 0 0 0 0 0 0 0 0 0 0 0 0 0 0 0 
0 0 0 0 0 0 0 0 0 0 0 0 0 0 0 0 0 0 0 0 0 0 0 0 0 0 0 0 0 0 0 0 0 0 0 0 0 0 0 
0 0 0 0 0 0
##$VisuCoreDataMax=( 552 )
32767 29706 29296 29992 29983 27844 29975 28976 29342 29218 29243 28608 28983 
28635 28657 28422 28307 28007 27835 27007 26393 25424 24891 23364 22831 21585 
19939 17215 15715 15211 16509 16378 14998 14445 20090 23040 24859 26736 25440 
27850 27794 28427 28703 29708 29543 28489 29774 29775 29726 29082 29364 29683 
28786 29561 28832 27130 28968 27046 29122 29220 28832 27871 27821 27212 27548 
26951 26049 25069 23469 23059 22727 20767 19859 18824 15314 15158 15168 15224 
14016 14252 19789 21381 25074 25884 26751 27345 27580 25734 28263 26644 29524 
30344 30102 29569 29624 28958 27893 29582 29656 28964 29131 29409 29232 29149 
28508 28371 28613 27424 27859 27802 27006 26851 26533 25076 24637 23721 22918 
21006 19620 18917 15412 15045 16237 15971 14301 14378 19849 22973 24398 25989 
26628 27051 27937 27554 28185 29242 29250 29278 29159 28818 29104 28813 27518 
28850 28859 28352 28851 28614 28792 28425 28028 28115 27513 27451 27513 27334 
26748 26125 25613 26058 24354 23663 22567 21096 20634 17553 14743 15102 14893 
15017 13929 14000 19397 22325 25138 25489 26076 26337 27223 26750 28292 28997 
28859 29705 29819 29484 28635 29613 28681 27532 28842 28643 28423 28732 28009 
28191 28415 27253 27861 27781 26816 27093 26552 26517 26578 24954 24247 23550 
22508 21015 19717 17450 14769 14365 14809 14695 13707 14061 19112 22705 23104 
25295 26180 26202 27620 27389 26641 28656 28590 29013 29093 28872 28571 28512 
28165 28248 28772 28226 28455 27293 27877 28052 27055 28229 27366 27629 26811 
26168 27435 25486 25669 24875 24115 23141 22012 21547 20978 17265 15808 14488 
14289 14269 13032 14011 19388 22527 24434 25338 25406 26724 28046 26960 27213 
27899 28431 28358 28027 28110 29041 28369 28323 27444 28025 27805 28101 27480 
27872 27426 28778 27416 26930 27573 26388 26763 26322 26159 24759 24640 23778 
23394 23435 20946 19813 17607 15491 15240 15192 14902 13750 13310 18733 22046 
23496 24755 25345 26119 26701 26866 27123 27743 27591 29719 28251 28763 28777 
28647 28941 29186 28502 28409 27649 28040 27715 27949 27731 29421 27267 27294 
27022 26993 26662 26555 26066 25403 24493 23691 22325 21170 19604 18073 15476 
14429 14386 14393 12827 13389 18770 21726 24787 25470 25716 26334 26978 26719 
28724 28733 30896 29627 28629 28491 28822 28385 28462 28550 28360 28820 28319 
28792 28068 27864 27531 27580 28184 27107 27377 27033 26622 26703 25654 25541 
24449 23416 23248 21274 20013 17931 15444 14170 14579 14280 13093 13763 18792 
22186 23989 25162 25729 26394 26836 27068 27664 28144 28747 28771 28584 28526 
28334 28571 28606 27849 28516 30035 27861 28000 28246 27854 28153 27518 27811 
27494 28142 27187 27743 25780 26826 24976 24351 23264 22744 21393 19815 18167 
15062 14536 14088 14995 13026 13967 19154 22674 24102 25644 26475 26374 26870 
27052 29649 28514 28294 28913 28866 29721 28587 28802 28439 28985 28581 28340 
29570 28310 28325 28541 27929 27797 27843 27658 27277 28805 26926 27767 26153 
25281 24398 23701 22508 21505 20859 17563 16428 14008 13596 14522 13474 14356 
19850 22790 24649 25727 26515 26577 28482 27233 27983 28583 28163 29443 28771 
28910 28670 29383 28750 28822 28871 29115 29482 28661 28406 28254 28090 29329 
27910 29177 27922 27215 27331 26159 25764 25638 24618 24333 23063 22023 20021 
18029 15773 13533 13474 13278 13082 14249 19381 22669 25328 25885 26323 26620 
27953 27523 28026 28847 28818 29328
##$VisuCoreDataOffs=( 552 )
0 0 0 0 0 0 0 0 0 0 0 0 0 0 0 0 0 0 0 0 0 0 0 0 0 0 0 0 0 0 0 0 0 0 0 0 0 0 0 
0 0 0 0 0 0 0 0 0 0 0 0 0 0 0 0 0 0 0 0 0 0 0 0 0 0 0 0 0 0 0 0 0 0 0 0 0 0 0 
0 0 0 0 0 0 0 0 0 0 0 0 0 0 0 0 0 0 0 0 0 0 0 0 0 0 0 0 0 0 0 0 0 0 0 0 0 0 0 
0 0 0 0 0 0 0 0 0 0 0 0 0 0 0 0 0 0 0 0 0 0 0 0 0 0 0 0 0 0 0 0 0 0 0 0 0 0 0 
0 0 0 0 0 0 0 0 0 0 0 0 0 0 0 0 0 0 0 0 0 0 0 0 0 0 0 0 0 0 0 0 0 0 0 0 0 0 0 
0 0 0 0 0 0 0 0 0 0 0 0 0 0 0 0 0 0 0 0 0 0 0 0 0 0 0 0 0 0 0 0 0 0 0 0 0 0 0 
0 0 0 0 0 0 0 0 0 0 0 0 0 0 0 0 0 0 0 0 0 0 0 0 0 0 0 0 0 0 0 0 0 0 0 0 0 0 0 
0 0 0 0 0 0 0 0 0 0 0 0 0 0 0 0 0 0 0 0 0 0 0 0 0 0 0 0 0 0 0 0 0 0 0 0 0 0 0 
0 0 0 0 0 0 0 0 0 0 0 0 0 0 0 0 0 0 0 0 0 0 0 0 0 0 0 0 0 0 0 0 0 0 0 0 0 0 0 
0 0 0 0 0 0 0 0 0 0 0 0 0 0 0 0 0 0 0 0 0 0 0 0 0 0 0 0 0 0 0 0 0 0 0 0 0 0 0 
0 0 0 0 0 0 0 0 0 0 0 0 0 0 0 0 0 0 0 0 0 0 0 0 0 0 0 0 0 0 0 0 0 0 0 0 0 0 0 
0 0 0 0 0 0 0 0 0 0 0 0 0 0 0 0 0 0 0 0 0 0 0 0 0 0 0 0 0 0 0 0 0 0 0 0 0 0 0 
0 0 0 0 0 0 0 0 0 0 0 0 0 0 0 0 0 0 0 0 0 0 0 0 0 0 0 0 0 0 0 0 0 0 0 0 0 0 0 
0 0 0 0 0 0 0 0 0 0 0 0 0 0 0 0 0 0 0 0 0 0 0 0 0 0 0 0 0 0 0 0 0 0 0 0 0 0 0 
0 0 0 0 0 0
$$ @vis= VisuCoreOrientation VisuCorePosition VisuCoreDataMin VisuCoreDataMax
##$VisuCoreDataSlope=( 552 )
45.3079327357212 45.3079327357212 45.3079327357212 45.3079327357212 
45.3079327357212 45.3079327357212 45.3079327357212 45.3079327357212 
45.3079327357212 45.3079327357212 45.3079327357212 45.3079327357212 
45.3079327357212 45.3079327357212 45.3079327357212 45.3079327357212 
45.3079327357212 45.3079327357212 45.3079327357212 45.3079327357212 
45.3079327357212 45.3079327357212 45.3079327357212 45.3079327357212 
45.3079327357212 45.3079327357212 45.3079327357212 45.3079327357212 
45.3079327357212 45.3079327357212 45.3079327357212 45.3079327357212 
45.3079327357212 45.3079327357212 45.3079327357212 45.3079327357212 
45.3079327357212 45.3079327357212 45.3079327357212 45.3079327357212 
45.3079327357212 45.3079327357212 45.3079327357212 45.3079327357212 
45.3079327357212 45.3079327357212 45.3079327357212 45.3079327357212 
45.3079327357212 45.3079327357212 45.3079327357212 45.3079327357212 
45.3079327357212 45.3079327357212 45.3079327357212 45.3079327357212 
45.3079327357212 45.3079327357212 45.3079327357212 45.3079327357212 
45.3079327357212 45.3079327357212 45.3079327357212 45.3079327357212 
45.3079327357212 45.3079327357212 45.3079327357212 45.3079327357212 
45.3079327357212 45.3079327357212 45.3079327357212 45.3079327357212 
45.3079327357212 45.3079327357212 45.3079327357212 45.3079327357212 
45.3079327357212 45.3079327357212 45.3079327357212 45.3079327357212 
45.3079327357212 45.3079327357212 45.3079327357212 45.3079327357212 
45.3079327357212 45.3079327357212 45.3079327357212 45.3079327357212 
45.3079327357212 45.3079327357212 45.3079327357212 45.3079327357212 
45.3079327357212 45.3079327357212 45.3079327357212 45.3079327357212 
45.3079327357212 45.3079327357212 45.3079327357212 45.3079327357212 
45.3079327357212 45.3079327357212 45.3079327357212 45.3079327357212 
45.3079327357212 45.3079327357212 45.3079327357212 45.3079327357212 
45.3079327357212 45.3079327357212 45.3079327357212 45.3079327357212 
45.3079327357212 45.3079327357212 45.3079327357212 45.3079327357212 
45.3079327357212 45.3079327357212 45.3079327357212 45.3079327357212 
45.3079327357212 45.3079327357212 45.3079327357212 45.3079327357212 
45.3079327357212 45.3079327357212 45.3079327357212 45.3079327357212 
45.3079327357212 45.3079327357212 45.3079327357212 45.3079327357212 
45.3079327357212 45.3079327357212 45.3079327357212 45.3079327357212 
45.3079327357212 45.3079327357212 45.3079327357212 45.3079327357212 
45.3079327357212 45.3079327357212 45.3079327357212 45.3079327357212 
45.3079327357212 45.3079327357212 45.3079327357212 45.3079327357212 
45.3079327357212 45.3079327357212 45.3079327357212 45.3079327357212 
45.3079327357212 45.3079327357212 45.3079327357212 45.3079327357212 
45.3079327357212 45.3079327357212 45.3079327357212 45.3079327357212 
45.3079327357212 45.3079327357212 45.3079327357212 45.3079327357212 
45.3079327357212 45.3079327357212 45.3079327357212 45.3079327357212 
45.3079327357212 45.3079327357212 45.3079327357212 45.3079327357212 
45.3079327357212 45.3079327357212 45.3079327357212 45.3079327357212 
45.3079327357212 45.3079327357212 45.3079327357212 45.3079327357212 
45.3079327357212 45.3079327357212 45.3079327357212 45.3079327357212 
45.3079327357212 45.3079327357212 45.3079327357212 45.3079327357212 
45.3079327357212 45.3079327357212 45.3079327357212 45.3079327357212 
45.3079327357212 45.3079327357212 45.3079327357212 45.3079327357212 
45.3079327357212 45.3079327357212 45.3079327357212 45.3079327357212 
45.3079327357212 45.3079327357212 45.3079327357212 45.3079327357212 
45.3079327357212 45.3079327357212 45.3079327357212 45.3079327357212 
45.3079327357212 45.3079327357212 45.3079327357212 45.3079327357212 
45.3079327357212 45.3079327357212 45.3079327357212 45.3079327357212 
45.3079327357212 45.3079327357212 45.3079327357212 45.3079327357212 
45.3079327357212 45.3079327357212 45.3079327357212 45.3079327357212 
45.3079327357212 45.3079327357212 45.3079327357212 45.3079327357212 
45.3079327357212 45.3079327357212 45.3079327357212 45.3079327357212 
45.3079327357212 45.3079327357212 45.3079327357212 45.3079327357212 
45.3079327357212 45.3079327357212 45.3079327357212 45.3079327357212 
45.3079327357212 45.3079327357212 45.3079327357212 45.3079327357212 
45.3079327357212 45.3079327357212 45.3079327357212 45.3079327357212 
45.3079327357212 45.3079327357212 45.3079327357212 45.3079327357212 
45.3079327357212 45.3079327357212 45.3079327357212 45.3079327357212 
45.3079327357212 45.3079327357212 45.3079327357212 45.3079327357212 
45.3079327357212 45.3079327357212 45.3079327357212 45.3079327357212 
45.3079327357212 45.3079327357212 45.3079327357212 45.3079327357212 
45.3079327357212 45.3079327357212 45.3079327357212 45.3079327357212 
45.3079327357212 45.3079327357212 45.3079327357212 45.3079327357212 
45.3079327357212 45.3079327357212 45.3079327357212 45.3079327357212 
45.3079327357212 45.3079327357212 45.3079327357212 45.3079327357212 
45.3079327357212 45.3079327357212 45.3079327357212 45.3079327357212 
45.3079327357212 45.3079327357212 45.3079327357212 45.3079327357212 
45.3079327357212 45.3079327357212 45.3079327357212 45.3079327357212 
45.3079327357212 45.3079327357212 45.3079327357212 45.3079327357212 
45.3079327357212 45.3079327357212 45.3079327357212 45.3079327357212 
45.3079327357212 45.3079327357212 45.3079327357212 45.3079327357212 
45.3079327357212 45.3079327357212 45.3079327357212 45.3079327357212 
45.3079327357212 45.3079327357212 45.3079327357212 45.3079327357212 
45.3079327357212 45.3079327357212 45.3079327357212 45.3079327357212 
45.3079327357212 45.3079327357212 45.3079327357212 45.3079327357212 
45.3079327357212 45.3079327357212 45.3079327357212 45.3079327357212 
45.3079327357212 45.3079327357212 45.3079327357212 45.3079327357212 
45.3079327357212 45.3079327357212 45.3079327357212 45.3079327357212 
45.3079327357212 45.3079327357212 45.3079327357212 45.3079327357212 
45.3079327357212 45.3079327357212 45.3079327357212 45.3079327357212 
45.3079327357212 45.3079327357212 45.3079327357212 45.3079327357212 
45.3079327357212 45.3079327357212 45.3079327357212 45.3079327357212 
45.3079327357212 45.3079327357212 45.3079327357212 45.3079327357212 
45.3079327357212 45.3079327357212 45.3079327357212 45.3079327357212 
45.3079327357212 45.3079327357212 45.3079327357212 45.3079327357212 
45.3079327357212 45.3079327357212 45.3079327357212 45.3079327357212 
45.3079327357212 45.3079327357212 45.3079327357212 45.3079327357212 
45.3079327357212 45.3079327357212 45.3079327357212 45.3079327357212 
45.3079327357212 45.3079327357212 45.3079327357212 45.3079327357212 
45.3079327357212 45.3079327357212 45.3079327357212 45.3079327357212 
45.3079327357212 45.3079327357212 45.3079327357212 45.3079327357212 
45.3079327357212 45.3079327357212 45.3079327357212 45.3079327357212 
45.3079327357212 45.3079327357212 45.3079327357212 45.3079327357212 
45.3079327357212 45.3079327357212 45.3079327357212 45.3079327357212 
45.3079327357212 45.3079327357212 45.3079327357212 45.3079327357212 
45.3079327357212 45.3079327357212 45.3079327357212 45.3079327357212 
45.3079327357212 45.3079327357212 45.3079327357212 45.3079327357212 
45.3079327357212 45.3079327357212 45.3079327357212 45.3079327357212 
45.3079327357212 45.3079327357212 45.3079327357212 45.3079327357212 
45.3079327357212 45.3079327357212 45.3079327357212 45.3079327357212 
45.3079327357212 45.3079327357212 45.3079327357212 45.3079327357212 
45.3079327357212 45.3079327357212 45.3079327357212 45.3079327357212 
45.3079327357212 45.3079327357212 45.3079327357212 45.3079327357212 
45.3079327357212 45.3079327357212 45.3079327357212 45.3079327357212 
45.3079327357212 45.3079327357212 45.3079327357212 45.3079327357212 
45.3079327357212 45.3079327357212 45.3079327357212 45.3079327357212 
45.3079327357212 45.3079327357212 45.3079327357212 45.3079327357212 
45.3079327357212 45.3079327357212 45.3079327357212 45.3079327357212 
45.3079327357212 45.3079327357212 45.3079327357212 45.3079327357212 
45.3079327357212 45.3079327357212 45.3079327357212 45.3079327357212 
45.3079327357212 45.3079327357212 45.3079327357212 45.3079327357212 
45.3079327357212 45.3079327357212 45.3079327357212 45.3079327357212 
45.3079327357212 45.3079327357212 45.3079327357212 45.3079327357212 
45.3079327357212 45.3079327357212 45.3079327357212 45.3079327357212 
45.3079327357212 45.3079327357212 45.3079327357212 45.3079327357212 
45.3079327357212 45.3079327357212 45.3079327357212 45.3079327357212 
45.3079327357212 45.3079327357212 45.3079327357212 45.3079327357212 
45.3079327357212 45.3079327357212 45.3079327357212 45.3079327357212 
45.3079327357212 45.3079327357212 45.3079327357212 45.3079327357212 
45.3079327357212 45.3079327357212 45.3079327357212 45.3079327357212 
45.3079327357212 45.3079327357212 45.3079327357212 45.3079327357212 
45.3079327357212 45.3079327357212 45.3079327357212 45.3079327357212 
45.3079327357212 45.3079327357212 45.3079327357212 45.3079327357212 
45.3079327357212 45.3079327357212 45.3079327357212 45.3079327357212 
45.3079327357212 45.3079327357212 45.3079327357212 45.3079327357212 
45.3079327357212 45.3079327357212 45.3079327357212 45.3079327357212 
45.3079327357212 45.3079327357212 45.3079327357212 45.3079327357212 
45.3079327357212 45.3079327357212 45.3079327357212 45.3079327357212 
45.3079327357212 45.3079327357212 45.3079327357212 45.3079327357212 
45.3079327357212 45.3079327357212 45.3079327357212 45.3079327357212 
45.3079327357212 45.3079327357212 45.3079327357212 45.3079327357212 
45.3079327357212 45.3079327357212 45.3079327357212 45.3079327357212
##$VisuCoreFrameType=MAGNITUDE_IMAGE
##$VisuFGElemComment=( 46, 65 )
<VCEST=  4800.0Hz> <VCEST=  4260.0Hz> <VCEST=  4140.0Hz> <VCEST=  4028.3Hz> <
VCEST=  3916.6Hz> <VCEST=  3804.8Hz> <VCEST=  3693.1Hz> <VCEST=  3581.4Hz> <
VCEST=  3469.7Hz> <VCEST=  3357.9Hz> <VCEST=  3246.2Hz> <VCEST=  3134.5Hz> <
VCEST=  3022.8Hz> <VCEST=  2911.0Hz> <VCEST=  2799.3Hz> <VCEST=  2687.6Hz> <
VCEST=  2575.9Hz> <VCEST=  2464.1Hz> <VCEST=  2352.4Hz> <VCEST=  2240.7Hz> <
VCEST=  2129.0Hz> <VCEST=  2017.2Hz> <VCEST=  1905.5Hz> <VCEST=  1793.8Hz> <
VCEST=  1682.1Hz> <VCEST=  1570.3Hz> <VCEST=  1458.6Hz> <VCEST=  1346.9Hz> <
VCEST=  1235.2Hz> <VCEST=  1123.4Hz> <VCEST=  1011.7Hz> <VCEST=   900.0Hz> <
VCEST=   750.0Hz> <VCEST=   600.0Hz> <VCEST=   450.0Hz> <VCEST=   300.0Hz> <
VCEST=   150.0Hz> <VCEST=     0.0Hz> <VCEST=  -150.0Hz> <VCEST=  -300.0Hz> <
VCEST=  -450.0Hz> <VCEST=  -600.0Hz> <VCEST=  -900.0Hz> <VCEST= -1800.0Hz> <
VCEST= -2700.0Hz> <VCEST= -3600.0Hz>
$$ @vis= VisuCoreDataOffs VisuCoreDataSlope VisuCoreFrameType
##$VisuCoreWordType=_16BIT_SGN_INT
##$VisuCoreByteOrder=littleEndian
$$ @vis= VisuFGElemComment VisuCore VisuCoreWordType VisuCoreByteOrder
##$VisuFGOrderDescDim=2
##$VisuFGOrderDesc=( 2 )
(46, <FG_MOVIE>, <>, 0, 1) (12, <FG_CYCLE>, <>, 1, 0)
##$VisuGroupDepVals=( 2 )
(<VisuFGElemComment>, 0) (<>, 0)
$$ @vis= VisuPixel VisuFGOrderDescDim VisuFGOrderDesc VisuGroupDepVals
##$VisuSubjectName=( 65 )
<AVG-uPA-T1-AL2>
##$VisuSubjectId=( 65 )
<AVG-uPA-T1-AL2>
##$VisuSubjectBirthDate=( 9 )
<>
##$VisuSubjectSex=FEMALE
$$ @vis= VisuFrameOrderDesc VisuSubjectName VisuSubjectId VisuSubjectBirthDate
##$VisuSubjectComment=( 2048 )
<>
##$VisuStudyUid=( 65 )
<2.16.756.5.5.100.4167689927.13947.1497467235.3012>
##$VisuStudyDate=( 21 )
<12:07:15 14 Jun 2017>
$$ @vis= VisuSubjectSex VisuSubjectComment VisuSubject VisuStudyUid
##$VisuStudyId=( 65 )
<AVG-uPA-T1-AL2>
##$VisuStudyNumber=1
##$VisuSubjectWeight=5
##$VisuStudyReferringPhysician=( 65 )
<>
$$ @vis= VisuStudyDate VisuStudyId VisuStudyNumber VisuSubjectWeight
##$VisuStudyDescription=( 65 )
<>
##$VisuSeriesNumber=196609
$$ @vis= VisuStudyReferringPhysician VisuStudyDescription VisuStudy
##$VisuSubjectPosition=Head_Supine
##$VisuSeriesTypeId=( 65 )
<ACQ_USER_PVM>
##$VisuInstitution=( 65 )
<Univ. of Arizona>
$$ @vis= VisuSeriesNumber VisuSubjectPosition VisuSeriesTypeId VisuSeries
##$VisuStation=( 65 )
<Biospec 70/20>
##$VisuAcqDate=( 21 )
<12:54:05 14 Jun 2017>
##$VisuAcqEchoTrainLength=96
$$ @vis= VisuInstitution VisuStation VisuEquipment VisuAcqDate
##$VisuAcqSequenceName=( 40 )
<cESTFISP_SSprep_gate (pvm)>
##$VisuAcqNumberOfAverages=1
##$VisuAcqImagingFrequency=300.243039148421
$$ @vis= VisuAcqEchoTrainLength VisuAcqSequenceName VisuAcqNumberOfAverages
##$VisuAcqImagedNucleus=( 8 )
<1H>
##$VisuAcqRepetitionTime=( 1 )
4.3896
##$VisuAcqPhaseEncSteps=96
$$ @vis= VisuAcqImagingFrequency VisuAcqImagedNucleus VisuAcqRepetitionTime
##$VisuAcqPixelBandwidth=964.506172839506
##$VisuAcqFlipAngle=15
##$VisuAcqSize=( 2 )
96 96
$$ @vis= VisuAcqPhaseEncSteps VisuAcqPixelBandwidth VisuAcqFlipAngle
##$VisuAcqImageSizeAccellerated=No
##$VisuAcqImagePhaseEncDir=( 552 )
col_dir col_dir col_dir col_dir col_dir col_dir col_dir col_dir col_dir 
col_dir col_dir col_dir col_dir col_dir col_dir col_dir col_dir col_dir 
col_dir col_dir col_dir col_dir col_dir col_dir col_dir col_dir col_dir 
col_dir col_dir col_dir col_dir col_dir col_dir col_dir col_dir col_dir 
col_dir col_dir col_dir col_dir col_dir col_dir col_dir col_dir col_dir 
col_dir col_dir col_dir col_dir col_dir col_dir col_dir col_dir col_dir 
col_dir col_dir col_dir col_dir col_dir col_dir col_dir col_dir col_dir 
col_dir col_dir col_dir col_dir col_dir col_dir col_dir col_dir col_dir 
col_dir col_dir col_dir col_dir col_dir col_dir col_dir col_dir col_dir 
col_dir col_dir col_dir col_dir col_dir col_dir col_dir col_dir col_dir 
col_dir col_dir col_dir col_dir col_dir col_dir col_dir col_dir col_dir 
col_dir col_dir col_dir col_dir col_dir col_dir col_dir col_dir col_dir 
col_dir col_dir col_dir col_dir col_dir col_dir col_dir col_dir col_dir 
col_dir col_dir col_dir col_dir col_dir col_dir col_dir col_dir col_dir 
col_dir col_dir col_dir col_dir col_dir col_dir col_dir col_dir col_dir 
col_dir col_dir col_dir col_dir col_dir col_dir col_dir col_dir col_dir 
col_dir col_dir col_dir col_dir col_dir col_dir col_dir col_dir col_dir 
col_dir col_dir col_dir col_dir col_dir col_dir col_dir col_dir col_dir 
col_dir col_dir col_dir col_dir col_dir col_dir col_dir col_dir col_dir 
col_dir col_dir col_dir col_dir col_dir col_dir col_dir col_dir col_dir 
col_dir col_dir col_dir col_dir col_dir col_dir col_dir col_dir col_dir 
col_dir col_dir col_dir col_dir col_dir col_dir col_dir col_dir col_dir 
col_dir col_dir col_dir col_dir col_dir col_dir col_dir col_dir col_dir 
col_dir col_dir col_dir col_dir col_dir col_dir col_dir col_dir col_dir 
col_dir col_dir col_dir col_dir col_dir col_dir col_dir col_dir col_dir 
col_dir col_dir col_dir col_dir col_dir col_dir col_dir col_dir col_dir 
col_dir col_dir col_dir col_dir col_dir col_dir col_dir col_dir col_dir 
col_dir col_dir col_dir col_dir col_dir col_dir col_dir col_dir col_dir 
col_dir col_dir col_dir col_dir col_dir col_dir col_dir col_dir col_dir 
col_dir col_dir col_dir col_dir col_dir col_dir col_dir col_dir col_dir 
col_dir col_dir col_dir col_dir col_dir col_dir col_dir col_dir col_dir 
col_dir col_dir col_dir col_dir col_dir col_dir col_dir col_dir col_dir 
col_dir col_dir col_dir col_dir col_dir col_dir col_dir col_dir col_dir 
col_dir col_dir col_dir col_dir col_dir col_dir col_dir col_dir col_dir 
col_dir col_dir col_dir col_dir col_dir col_dir col_dir col_dir col_dir 
col_dir col_dir col_dir col_dir col_dir col_dir col_dir col_dir col_dir 
col_dir col_dir col_dir col_dir col_dir col_dir col_dir col_dir col_dir 
col_dir col_dir col_dir col_dir col_dir col_dir col_dir col_dir col_dir 
col_dir col_dir col_dir col_dir col_dir col_dir col_dir col_dir col_dir 
col_dir col_dir col_dir col_dir col_dir col_dir col_dir col_dir col_dir 
col_dir col_dir col_dir col_dir col_dir col_dir col_dir col_dir col_dir 
col_dir col_dir col_dir col_dir col_dir col_dir col_dir col_dir col_dir 
col_dir col_dir col_dir col_dir col_dir col_dir col_dir col_dir col_dir 
col_dir col_dir col_dir col_dir col_dir col_dir col_dir col_dir col_dir 
col_dir col_dir col_dir col_dir col_dir col_dir col_dir col_dir col_dir 
col_dir col_dir col_dir col_dir col_dir col_dir col_dir col_dir col_dir 
col_dir col_dir col_dir col_dir col_dir col_dir col_dir col_dir col_dir 
col_dir col_dir col_dir col_dir col_dir col_dir col_dir col_dir col_dir 
col_dir col_dir col_dir col_dir col_dir col_dir col_dir col_dir col_dir 
col_dir col_dir col_dir col_dir col_dir col_dir col_dir col_dir col_dir 
col_dir col_dir col_dir col_dir col_dir col_dir col_dir col_dir col_dir 
col_dir col_dir col_dir col_dir col_dir col_dir col_dir col_dir col_dir 
col_dir col_dir col_dir col_dir col_dir col_dir col_dir col_dir col_dir 
col_dir col_dir col_dir col_dir col_dir col_dir col_dir col_dir col_dir 
col_dir col_dir col_dir col_dir col_dir col_dir col_dir col_dir col_dir 
col_dir col_dir col_dir col_dir col_dir col_dir col_dir col_dir col_dir 
col_dir col_dir col_dir col_dir col_dir col_dir col_dir col_dir col_dir 
col_dir col_dir col_dir col_dir col_dir col_dir col_dir col_dir col_dir 
col_dir col_dir col_dir col_dir col_dir col_dir col_dir col_dir col_dir 
col_dir col_dir col_dir col_dir col_dir col_dir col_dir col_dir col_dir 
col_dir col_dir col_dir col_dir col_dir col_dir col_dir col_dir col_dir 
col_dir col_dir col_dir
##$VisuAcqEchoTime=( 1 )
1.9948
$$ @vis= VisuAcqSize VisuAcqImageSizeAccellerated VisuAcqImagePhaseEncDir
##$VisuAcquisitionProtocol=( 65 )
<PREinvivoCEST_GFC_20170614(modified)>
##$VisuAcqScanTime=333518
$$ @vis= VisuAcqEchoTime VisuAcquisitionProtocol VisuAcqScanTime
$$ @vis= VisuAcquisition Visu
##END=
