##TITLE=Parameter List
##JCAMPDX=4.24
##DATATYPE=Parameter Values
##ORIGIN=Bruker BioSpin MRI GmbH
##OWNER=agoldsher
$$ Wed Jun 14 15:28:34 2017 MST (UT-7h)  agoldsher
$$ /opt/PV51/data/agoldsher/nmr/AVG-uPA-T1-AR2.HY1/3/pdata/1/reco
##$RECO_mode=FT_MODE
##$RecoAutoDerive=Yes
##$RECO_inp_order=NO_REORDERING
##$RECO_inp_size=( 2 )
96 96
##$RECO_ft_size=( 2 )
96 96
##$RECO_fov=( 2 )
4.8 4.8
##$RECO_size=( 2 )
96 96
$$ @vis= RECO_mode RecoAutoDerive RECO_inp_order RECO_ft_size RECO_fov
##$RECO_offset=( 2, 1 )
0 0
##$RECO_regrid_mode=NO_REGRID
##$RECO_regrid_offset=0
##$RECO_ramp_gap=0
##$RECO_ramp_time=0
##$RECO_ne_mode=NO_NAV_DATA
##$RECO_ne_dist=NeNoInterleave
##$RECO_ne_dens=NeCorrPerScan
##$RECO_ne_type=NAV_PHASE
##$RECO_ne_vals=( 1, 2 )
0 0
##$RECO_bc_mode=( 2 )
NO_BC NO_BC
##$RECO_bc_start=( 2 )
72 72
##$RECO_bc_len=( 2 )
24 24
##$RECO_dc_offset=( 2 )
0 0
##$RECO_dc_divisor=1
##$RECO_bc_coroff=( 2 )
0 0
##$RECO_qopts=( 2 )
CONJ_AND_QNEG NO_QOPTS
##$RECO_wdw_mode=( 2 )
NO_WDW NO_WDW
$$ @vis= RECO_size RECO_regrid_mode RECO_ne_mode RECO_bc_mode RECO_qopts
##$RECO_lb=( 2 )
-0.5 -0.5
##$RECO_sw=( 2 )
92592.5925925926 1
##$RECO_gb=( 2 )
0.5 0.5
##$RECO_sbs=( 2 )
1 1
##$RECO_tm1=( 2 )
0.25 0.25
##$RECO_tm2=( 2 )
0.75 0.75
##$RECO_ft_mode=( 2 )
COMPLEX_FT COMPLEX_FT
##$RECO_pc_mode=( 2 )
NO_PC NO_PC
##$RECO_pc_lin=( 2 )
(0, 0) (0, 0)
##$RECO_rotate=( 2, 1 )
0 0.5
##$RECO_ppc_mode=NO_PPC
##$RECO_ref_image=0
##$RECO_nr_supports=0.4
##$RECO_sig_threshold=0.15
##$RECO_ppc_degree=1
##$RECO_ppc_coeffs=( 1, 2, 2 )
0 0 0 0
##$RECO_dc_elim=No
$$ @vis= RECO_wdw_mode RECO_ft_mode RECO_pc_mode RECO_rotate RECO_ppc_mode
##$RECO_transposition=( 1 )
0
##$RECO_image_type=MAGNITUDE_IMAGE
##$RECO_image_threshold=0.15
##$RECO_ir_scale=10
##$RECO_wordtype=_16BIT_SGN_INT
##$RECO_map_mode=ABSOLUTE_MAPPING
$$ @vis= RECO_dc_elim RECO_transposition RECO_image_type RECO_wordtype
##$RECO_map_range=( 2 )
-2147483647 2147483647
##$RECO_map_percentile=( 2 )
1 99.99
##$RECO_map_error=0.0025
##$RECO_globex=( 552 )
0 0 0 0 0 0 0 0 0 0 0 0 0 0 0 0 0 0 0 0 0 0 0 0 0 0 0 0 0 0 0 0 0 0 0 0 0 0 0 
0 0 0 0 0 0 0 0 0 0 0 0 0 0 0 0 0 0 0 0 0 0 0 0 0 0 0 0 0 0 0 0 0 0 0 0 0 0 0 
0 0 0 0 0 0 0 0 0 0 0 0 0 0 0 0 0 0 0 0 0 0 0 0 0 0 0 0 0 0 0 0 0 0 0 0 0 0 0 
0 0 0 0 0 0 0 0 0 0 0 0 0 0 0 0 0 0 0 0 0 0 0 0 0 0 0 0 0 0 0 0 0 0 0 0 0 0 0 
0 0 0 0 0 0 0 0 0 0 0 0 0 0 0 0 0 0 0 0 0 0 0 0 0 0 0 0 0 0 0 0 0 0 0 0 0 0 0 
0 0 0 0 0 0 0 0 0 0 0 0 0 0 0 0 0 0 0 0 0 0 0 0 0 0 0 0 0 0 0 0 0 0 0 0 0 0 0 
0 0 0 0 0 0 0 0 0 0 0 0 0 0 0 0 0 0 0 0 0 0 0 0 0 0 0 0 0 0 0 0 0 0 0 0 0 0 0 
0 0 0 0 0 0 0 0 0 0 0 0 0 0 0 0 0 0 0 0 0 0 0 0 0 0 0 0 0 0 0 0 0 0 0 0 0 0 0 
0 0 0 0 0 0 0 0 0 0 0 0 0 0 0 0 0 0 0 0 0 0 0 0 0 0 0 0 0 0 0 0 0 0 0 0 0 0 0 
0 0 0 0 0 0 0 0 0 0 0 0 0 0 0 0 0 0 0 0 0 0 0 0 0 0 0 0 0 0 0 0 0 0 0 0 0 0 0 
0 0 0 0 0 0 0 0 0 0 0 0 0 0 0 0 0 0 0 0 0 0 0 0 0 0 0 0 0 0 0 0 0 0 0 0 0 0 0 
0 0 0 0 0 0 0 0 0 0 0 0 0 0 0 0 0 0 0 0 0 0 0 0 0 0 0 0 0 0 0 0 0 0 0 0 0 0 0 
0 0 0 0 0 0 0 0 0 0 0 0 0 0 0 0 0 0 0 0 0 0 0 0 0 0 0 0 0 0 0 0 0 0 0 0 0 0 0 
0 0 0 0 0 0 0 0 0 0 0 0 0 0 0 0 0 0 0 0 0 0 0 0 0 0 0 0 0 0 0 0 0 0 0 0 0 0 0 
0 0 0 0 0 0
##$RECO_minima=( 552 )
0 0 0 0 0 0 0 0 0 0 0 0 0 0 0 0 0 0 0 0 0 0 0 0 0 0 0 0 0 0 0 0 0 0 0 0 0 0 0 
0 0 0 0 0 0 0 0 0 0 0 0 0 0 0 0 0 0 0 0 0 0 0 0 0 0 0 0 0 0 0 0 0 0 0 0 0 0 0 
0 0 0 0 0 0 0 0 0 0 0 0 0 0 0 0 0 0 0 0 0 0 0 0 0 0 0 0 0 0 0 0 0 0 0 0 0 0 0 
0 0 0 0 0 0 0 0 0 0 0 0 0 0 0 0 0 0 0 0 0 0 0 0 0 0 0 0 0 0 0 0 0 0 0 0 0 0 0 
0 0 0 0 0 0 0 0 0 0 0 0 0 0 0 0 0 0 0 0 0 0 0 0 0 0 0 0 0 0 0 0 0 0 0 0 0 0 0 
0 0 0 0 0 0 0 0 0 0 0 0 0 0 0 0 0 0 0 0 0 0 0 0 0 0 0 0 0 0 0 0 0 0 0 0 0 0 0 
0 0 0 0 0 0 0 0 0 0 0 0 0 0 0 0 0 0 0 0 0 0 0 0 0 0 0 0 0 0 0 0 0 0 0 0 0 0 0 
0 0 0 0 0 0 0 0 0 0 0 0 0 0 0 0 0 0 0 0 0 0 0 0 0 0 0 0 0 0 0 0 0 0 0 0 0 0 0 
0 0 0 0 0 0 0 0 0 0 0 0 0 0 0 0 0 0 0 0 0 0 0 0 0 0 0 0 0 0 0 0 0 0 0 0 0 0 0 
0 0 0 0 0 0 0 0 0 0 0 0 0 0 0 0 0 0 0 0 0 0 0 0 0 0 0 0 0 0 0 0 0 0 0 0 0 0 0 
0 0 0 0 0 0 0 0 0 0 0 0 0 0 0 0 0 0 0 0 0 0 0 0 0 0 0 0 0 0 0 0 0 0 0 0 0 0 0 
0 0 0 0 0 0 0 0 0 0 0 0 0 0 0 0 0 0 0 0 0 0 0 0 0 0 0 0 0 0 0 0 0 0 0 0 0 0 0 
0 0 0 0 0 0 0 0 0 0 0 0 0 0 0 0 0 0 0 0 0 0 0 0 0 0 0 0 0 0 0 0 0 0 0 0 0 0 0 
0 0 0 0 0 0 0 0 0 0 0 0 0 0 0 0 0 0 0 0 0 0 0 0 0 0 0 0 0 0 0 0 0 0 0 0 0 0 0 
0 0 0 0 0 0
##$RECO_maxima=( 552 )
32767 28573 28595 26954 26833 25036 24387 25020 24441 24686 25045 24794 24283 
24043 23147 21881 19793 19139 18679 18676 18748 18315 18151 18267 18119 17565 
18091 18061 18177 18505 18366 17933 16163 16711 16067 18212 21406 22990 23968 
25521 26510 27075 28174 29551 29888 30594 29559 27484 27602 26179 25253 24417 
24907 24421 24564 24022 24574 25064 24726 23501 23370 20825 19493 19249 18778 
18643 18498 18234 17732 18188 17708 17516 17046 17837 18355 18145 18059 18142 
17099 16310 15832 17687 20173 23211 23149 25923 25589 25768 27538 28282 29242 
29298 29119 27938 26349 25920 25355 24508 25375 24314 24097 24632 25306 24541 
24622 24134 23399 21627 22197 19794 18514 18729 18586 18176 17925 18206 18662 
17188 17563 17167 17666 17881 18022 18410 16974 16242 16028 17453 20781 21512 
23113 24578 24317 25922 27012 28828 29483 29338 27693 26995 26767 26225 25032 
25148 23747 23842 24921 25063 24239 24290 23754 23167 23214 21720 20076 19530 
19251 18573 18434 18487 17941 18051 17380 17676 17582 17668 17749 18085 18732 
19520 16744 16656 16088 17967 20371 22074 22652 24380 24546 25451 27536 28094 
28264 28417 27995 27371 26508 25258 25816 25352 24747 23885 23608 25017 24586 
24469 24076 23587 23090 22230 20556 20112 18953 18845 18475 18331 17869 17242 
17670 17405 17617 17166 17612 17653 18058 18738 16989 16618 15903 17162 19193 
21735 23417 23352 23927 24940 25811 26552 27526 27520 26930 26283 26383 25289 
24566 24656 23720 24058 24446 23849 24007 24160 24003 23701 23091 22918 20930 
19701 19147 18943 19221 18313 18996 17618 17533 17674 16779 17448 18699 17944 
18063 17786 17517 16959 15921 16750 19479 21068 21565 23134 24260 23956 24452 
26605 27922 27941 27949 25851 25872 25013 24537 24168 24846 23431 23235 23544 
24564 24325 23582 22323 22335 21365 20006 20649 18850 19373 18373 17815 17632 
18134 18059 17116 16948 17338 17493 17724 17854 17825 16715 16546 16409 16712 
18889 20443 22220 22272 23855 24372 24593 26438 26050 27158 25908 25830 25890 
25088 24804 23891 25136 24053 24365 23302 23784 24007 23138 23412 23505 21784 
20681 19088 19979 19711 18477 18582 17739 18776 17010 17299 17169 17000 17851 
17560 17996 18024 17931 16333 15917 15792 17931 20219 20685 21722 23162 23153 
24441 26272 26645 26833 26074 25999 25851 24634 24829 24085 23988 23072 22650 
23654 23266 23208 22264 22595 22585 21347 21537 20562 19866 18996 18079 18651 
18702 18813 17549 16956 17673 18043 17601 17733 18542 17945 17184 16290 15986 
15397 17951 20329 21202 22982 23598 23728 24138 25743 26711 27502 26949 26251 
25092 26255 24262 24111 23367 23613 23326 23400 23834 23779 23253 23923 23221 
21584 21129 20525 19575 19713 19087 18804 19449 18517 18682 18433 17125 17877 
17272 18057 18070 17530 16665 17193 16414 16245 19329 20700 22028 22796 24394 
24166 24957 26241 27558 27524 28070 26052 26075 25711 25603 24987 24279 25148 
24486 23924 24604 24594 24172 23280 22909 22383 21817 22001 20687 20497 20493 
19880 19680 18860 18733 18450 17873 17961 17691 19199 18376 18634 17515 16344 
15887 17005 19414 20604 21906 22588 23830 23780 24680 26276 26917 28133 27393 
27074 26397 24335 24873 23842 23559 24393 24030 24900 24066 24062 24339 23642 
23456 23464 21588 20689 21095 20000 18996 19161 19896 18636 18098 18167 17915 
17570 17763 17872 18174 18464 16783 16002 15836 16879 19183 20321 21190 22752 
23123 24610 25286 26989 27786 27455
##$RECO_map_min=( 552 )
-1257118 -1257118 -1257118 -1257118 -1257118 -1257118 -1257118 -1257118 
-1257118 -1257118 -1257118 -1257118 -1257118 -1257118 -1257118 -1257118 
-1257118 -1257118 -1257118 -1257118 -1257118 -1257118 -1257118 -1257118 
-1257118 -1257118 -1257118 -1257118 -1257118 -1257118 -1257118 -1257118 
-1257118 -1257118 -1257118 -1257118 -1257118 -1257118 -1257118 -1257118 
-1257118 -1257118 -1257118 -1257118 -1257118 -1257118 -1257118 -1257118 
-1257118 -1257118 -1257118 -1257118 -1257118 -1257118 -1257118 -1257118 
-1257118 -1257118 -1257118 -1257118 -1257118 -1257118 -1257118 -1257118 
-1257118 -1257118 -1257118 -1257118 -1257118 -1257118 -1257118 -1257118 
-1257118 -1257118 -1257118 -1257118 -1257118 -1257118 -1257118 -1257118 
-1257118 -1257118 -1257118 -1257118 -1257118 -1257118 -1257118 -1257118 
-1257118 -1257118 -1257118 -1257118 -1257118 -1257118 -1257118 -1257118 
-1257118 -1257118 -1257118 -1257118 -1257118 -1257118 -1257118 -1257118 
-1257118 -1257118 -1257118 -1257118 -1257118 -1257118 -1257118 -1257118 
-1257118 -1257118 -1257118 -1257118 -1257118 -1257118 -1257118 -1257118 
-1257118 -1257118 -1257118 -1257118 -1257118 -1257118 -1257118 -1257118 
-1257118 -1257118 -1257118 -1257118 -1257118 -1257118 -1257118 -1257118 
-1257118 -1257118 -1257118 -1257118 -1257118 -1257118 -1257118 -1257118 
-1257118 -1257118 -1257118 -1257118 -1257118 -1257118 -1257118 -1257118 
-1257118 -1257118 -1257118 -1257118 -1257118 -1257118 -1257118 -1257118 
-1257118 -1257118 -1257118 -1257118 -1257118 -1257118 -1257118 -1257118 
-1257118 -1257118 -1257118 -1257118 -1257118 -1257118 -1257118 -1257118 
-1257118 -1257118 -1257118 -1257118 -1257118 -1257118 -1257118 -1257118 
-1257118 -1257118 -1257118 -1257118 -1257118 -1257118 -1257118 -1257118 
-1257118 -1257118 -1257118 -1257118 -1257118 -1257118 -1257118 -1257118 
-1257118 -1257118 -1257118 -1257118 -1257118 -1257118 -1257118 -1257118 
-1257118 -1257118 -1257118 -1257118 -1257118 -1257118 -1257118 -1257118 
-1257118 -1257118 -1257118 -1257118 -1257118 -1257118 -1257118 -1257118 
-1257118 -1257118 -1257118 -1257118 -1257118 -1257118 -1257118 -1257118 
-1257118 -1257118 -1257118 -1257118 -1257118 -1257118 -1257118 -1257118 
-1257118 -1257118 -1257118 -1257118 -1257118 -1257118 -1257118 -1257118 
-1257118 -1257118 -1257118 -1257118 -1257118 -1257118 -1257118 -1257118 
-1257118 -1257118 -1257118 -1257118 -1257118 -1257118 -1257118 -1257118 
-1257118 -1257118 -1257118 -1257118 -1257118 -1257118 -1257118 -1257118 
-1257118 -1257118 -1257118 -1257118 -1257118 -1257118 -1257118 -1257118 
-1257118 -1257118 -1257118 -1257118 -1257118 -1257118 -1257118 -1257118 
-1257118 -1257118 -1257118 -1257118 -1257118 -1257118 -1257118 -1257118 
-1257118 -1257118 -1257118 -1257118 -1257118 -1257118 -1257118 -1257118 
-1257118 -1257118 -1257118 -1257118 -1257118 -1257118 -1257118 -1257118 
-1257118 -1257118 -1257118 -1257118 -1257118 -1257118 -1257118 -1257118 
-1257118 -1257118 -1257118 -1257118 -1257118 -1257118 -1257118 -1257118 
-1257118 -1257118 -1257118 -1257118 -1257118 -1257118 -1257118 -1257118 
-1257118 -1257118 -1257118 -1257118 -1257118 -1257118 -1257118 -1257118 
-1257118 -1257118 -1257118 -1257118 -1257118 -1257118 -1257118 -1257118 
-1257118 -1257118 -1257118 -1257118 -1257118 -1257118 -1257118 -1257118 
-1257118 -1257118 -1257118 -1257118 -1257118 -1257118 -1257118 -1257118 
-1257118 -1257118 -1257118 -1257118 -1257118 -1257118 -1257118 -1257118 
-1257118 -1257118 -1257118 -1257118 -1257118 -1257118 -1257118 -1257118 
-1257118 -1257118 -1257118 -1257118 -1257118 -1257118 -1257118 -1257118 
-1257118 -1257118 -1257118 -1257118 -1257118 -1257118 -1257118 -1257118 
-1257118 -1257118 -1257118 -1257118 -1257118 -1257118 -1257118 -1257118 
-1257118 -1257118 -1257118 -1257118 -1257118 -1257118 -1257118 -1257118 
-1257118 -1257118 -1257118 -1257118 -1257118 -1257118 -1257118 -1257118 
-1257118 -1257118 -1257118 -1257118 -1257118 -1257118 -1257118 -1257118 
-1257118 -1257118 -1257118 -1257118 -1257118 -1257118 -1257118 -1257118 
-1257118 -1257118 -1257118 -1257118 -1257118 -1257118 -1257118 -1257118 
-1257118 -1257118 -1257118 -1257118 -1257118 -1257118 -1257118 -1257118 
-1257118 -1257118 -1257118 -1257118 -1257118 -1257118 -1257118 -1257118 
-1257118 -1257118 -1257118 -1257118 -1257118 -1257118 -1257118 -1257118 
-1257118 -1257118 -1257118 -1257118 -1257118 -1257118 -1257118 -1257118 
-1257118 -1257118 -1257118 -1257118 -1257118 -1257118 -1257118 -1257118 
-1257118 -1257118 -1257118 -1257118 -1257118 -1257118 -1257118 -1257118 
-1257118 -1257118 -1257118 -1257118 -1257118 -1257118 -1257118 -1257118 
-1257118 -1257118 -1257118 -1257118 -1257118 -1257118 -1257118 -1257118 
-1257118 -1257118 -1257118 -1257118 -1257118 -1257118 -1257118 -1257118 
-1257118 -1257118 -1257118 -1257118 -1257118 -1257118 -1257118 -1257118 
-1257118 -1257118 -1257118 -1257118 -1257118 -1257118 -1257118 -1257118 
-1257118 -1257118 -1257118 -1257118 -1257118 -1257118 -1257118 -1257118 
-1257118 -1257118 -1257118 -1257118 -1257118 -1257118 -1257118 -1257118
##$RECO_map_max=( 552 )
1257118 1257118 1257118 1257118 1257118 1257118 1257118 1257118 1257118 
1257118 1257118 1257118 1257118 1257118 1257118 1257118 1257118 1257118 
1257118 1257118 1257118 1257118 1257118 1257118 1257118 1257118 1257118 
1257118 1257118 1257118 1257118 1257118 1257118 1257118 1257118 1257118 
1257118 1257118 1257118 1257118 1257118 1257118 1257118 1257118 1257118 
1257118 1257118 1257118 1257118 1257118 1257118 1257118 1257118 1257118 
1257118 1257118 1257118 1257118 1257118 1257118 1257118 1257118 1257118 
1257118 1257118 1257118 1257118 1257118 1257118 1257118 1257118 1257118 
1257118 1257118 1257118 1257118 1257118 1257118 1257118 1257118 1257118 
1257118 1257118 1257118 1257118 1257118 1257118 1257118 1257118 1257118 
1257118 1257118 1257118 1257118 1257118 1257118 1257118 1257118 1257118 
1257118 1257118 1257118 1257118 1257118 1257118 1257118 1257118 1257118 
1257118 1257118 1257118 1257118 1257118 1257118 1257118 1257118 1257118 
1257118 1257118 1257118 1257118 1257118 1257118 1257118 1257118 1257118 
1257118 1257118 1257118 1257118 1257118 1257118 1257118 1257118 1257118 
1257118 1257118 1257118 1257118 1257118 1257118 1257118 1257118 1257118 
1257118 1257118 1257118 1257118 1257118 1257118 1257118 1257118 1257118 
1257118 1257118 1257118 1257118 1257118 1257118 1257118 1257118 1257118 
1257118 1257118 1257118 1257118 1257118 1257118 1257118 1257118 1257118 
1257118 1257118 1257118 1257118 1257118 1257118 1257118 1257118 1257118 
1257118 1257118 1257118 1257118 1257118 1257118 1257118 1257118 1257118 
1257118 1257118 1257118 1257118 1257118 1257118 1257118 1257118 1257118 
1257118 1257118 1257118 1257118 1257118 1257118 1257118 1257118 1257118 
1257118 1257118 1257118 1257118 1257118 1257118 1257118 1257118 1257118 
1257118 1257118 1257118 1257118 1257118 1257118 1257118 1257118 1257118 
1257118 1257118 1257118 1257118 1257118 1257118 1257118 1257118 1257118 
1257118 1257118 1257118 1257118 1257118 1257118 1257118 1257118 1257118 
1257118 1257118 1257118 1257118 1257118 1257118 1257118 1257118 1257118 
1257118 1257118 1257118 1257118 1257118 1257118 1257118 1257118 1257118 
1257118 1257118 1257118 1257118 1257118 1257118 1257118 1257118 1257118 
1257118 1257118 1257118 1257118 1257118 1257118 1257118 1257118 1257118 
1257118 1257118 1257118 1257118 1257118 1257118 1257118 1257118 1257118 
1257118 1257118 1257118 1257118 1257118 1257118 1257118 1257118 1257118 
1257118 1257118 1257118 1257118 1257118 1257118 1257118 1257118 1257118 
1257118 1257118 1257118 1257118 1257118 1257118 1257118 1257118 1257118 
1257118 1257118 1257118 1257118 1257118 1257118 1257118 1257118 1257118 
1257118 1257118 1257118 1257118 1257118 1257118 1257118 1257118 1257118 
1257118 1257118 1257118 1257118 1257118 1257118 1257118 1257118 1257118 
1257118 1257118 1257118 1257118 1257118 1257118 1257118 1257118 1257118 
1257118 1257118 1257118 1257118 1257118 1257118 1257118 1257118 1257118 
1257118 1257118 1257118 1257118 1257118 1257118 1257118 1257118 1257118 
1257118 1257118 1257118 1257118 1257118 1257118 1257118 1257118 1257118 
1257118 1257118 1257118 1257118 1257118 1257118 1257118 1257118 1257118 
1257118 1257118 1257118 1257118 1257118 1257118 1257118 1257118 1257118 
1257118 1257118 1257118 1257118 1257118 1257118 1257118 1257118 1257118 
1257118 1257118 1257118 1257118 1257118 1257118 1257118 1257118 1257118 
1257118 1257118 1257118 1257118 1257118 1257118 1257118 1257118 1257118 
1257118 1257118 1257118 1257118 1257118 1257118 1257118 1257118 1257118 
1257118 1257118 1257118 1257118 1257118 1257118 1257118 1257118 1257118 
1257118 1257118 1257118 1257118 1257118 1257118 1257118 1257118 1257118 
1257118 1257118 1257118 1257118 1257118 1257118 1257118 1257118 1257118 
1257118 1257118 1257118 1257118 1257118 1257118 1257118 1257118 1257118 
1257118 1257118 1257118 1257118 1257118 1257118 1257118 1257118 1257118 
1257118 1257118 1257118 1257118 1257118 1257118 1257118 1257118 1257118 
1257118 1257118 1257118 1257118 1257118 1257118 1257118 1257118 1257118 
1257118 1257118 1257118 1257118 1257118 1257118 1257118 1257118 1257118 
1257118 1257118 1257118 1257118 1257118 1257118 1257118 1257118 1257118 
1257118 1257118 1257118 1257118 1257118 1257118 1257118 1257118 1257118 
1257118 1257118 1257118 1257118 1257118 1257118 1257118 1257118 1257118 
1257118 1257118 1257118 1257118 1257118 1257118 1257118 1257118 1257118 
1257118 1257118 1257118 1257118 1257118 1257118 1257118 1257118 1257118 
1257118 1257118 1257118
$$ @vis= RECO_map_mode RECO_globex RECO_minima RECO_maxima RECO_map_min
##$RECO_map_offset=( 552 )
0 0 0 0 0 0 0 0 0 0 0 0 0 0 0 0 0 0 0 0 0 0 0 0 0 0 0 0 0 0 0 0 0 0 0 0 0 0 0 
0 0 0 0 0 0 0 0 0 0 0 0 0 0 0 0 0 0 0 0 0 0 0 0 0 0 0 0 0 0 0 0 0 0 0 0 0 0 0 
0 0 0 0 0 0 0 0 0 0 0 0 0 0 0 0 0 0 0 0 0 0 0 0 0 0 0 0 0 0 0 0 0 0 0 0 0 0 0 
0 0 0 0 0 0 0 0 0 0 0 0 0 0 0 0 0 0 0 0 0 0 0 0 0 0 0 0 0 0 0 0 0 0 0 0 0 0 0 
0 0 0 0 0 0 0 0 0 0 0 0 0 0 0 0 0 0 0 0 0 0 0 0 0 0 0 0 0 0 0 0 0 0 0 0 0 0 0 
0 0 0 0 0 0 0 0 0 0 0 0 0 0 0 0 0 0 0 0 0 0 0 0 0 0 0 0 0 0 0 0 0 0 0 0 0 0 0 
0 0 0 0 0 0 0 0 0 0 0 0 0 0 0 0 0 0 0 0 0 0 0 0 0 0 0 0 0 0 0 0 0 0 0 0 0 0 0 
0 0 0 0 0 0 0 0 0 0 0 0 0 0 0 0 0 0 0 0 0 0 0 0 0 0 0 0 0 0 0 0 0 0 0 0 0 0 0 
0 0 0 0 0 0 0 0 0 0 0 0 0 0 0 0 0 0 0 0 0 0 0 0 0 0 0 0 0 0 0 0 0 0 0 0 0 0 0 
0 0 0 0 0 0 0 0 0 0 0 0 0 0 0 0 0 0 0 0 0 0 0 0 0 0 0 0 0 0 0 0 0 0 0 0 0 0 0 
0 0 0 0 0 0 0 0 0 0 0 0 0 0 0 0 0 0 0 0 0 0 0 0 0 0 0 0 0 0 0 0 0 0 0 0 0 0 0 
0 0 0 0 0 0 0 0 0 0 0 0 0 0 0 0 0 0 0 0 0 0 0 0 0 0 0 0 0 0 0 0 0 0 0 0 0 0 0 
0 0 0 0 0 0 0 0 0 0 0 0 0 0 0 0 0 0 0 0 0 0 0 0 0 0 0 0 0 0 0 0 0 0 0 0 0 0 0 
0 0 0 0 0 0 0 0 0 0 0 0 0 0 0 0 0 0 0 0 0 0 0 0 0 0 0 0 0 0 0 0 0 0 0 0 0 0 0 
0 0 0 0 0 0
##$RECO_map_slope=( 552 )
0.0260651744902134 0.0260651744902134 0.0260651744902134 0.0260651744902134 
0.0260651744902134 0.0260651744902134 0.0260651744902134 0.0260651744902134 
0.0260651744902134 0.0260651744902134 0.0260651744902134 0.0260651744902134 
0.0260651744902134 0.0260651744902134 0.0260651744902134 0.0260651744902134 
0.0260651744902134 0.0260651744902134 0.0260651744902134 0.0260651744902134 
0.0260651744902134 0.0260651744902134 0.0260651744902134 0.0260651744902134 
0.0260651744902134 0.0260651744902134 0.0260651744902134 0.0260651744902134 
0.0260651744902134 0.0260651744902134 0.0260651744902134 0.0260651744902134 
0.0260651744902134 0.0260651744902134 0.0260651744902134 0.0260651744902134 
0.0260651744902134 0.0260651744902134 0.0260651744902134 0.0260651744902134 
0.0260651744902134 0.0260651744902134 0.0260651744902134 0.0260651744902134 
0.0260651744902134 0.0260651744902134 0.0260651744902134 0.0260651744902134 
0.0260651744902134 0.0260651744902134 0.0260651744902134 0.0260651744902134 
0.0260651744902134 0.0260651744902134 0.0260651744902134 0.0260651744902134 
0.0260651744902134 0.0260651744902134 0.0260651744902134 0.0260651744902134 
0.0260651744902134 0.0260651744902134 0.0260651744902134 0.0260651744902134 
0.0260651744902134 0.0260651744902134 0.0260651744902134 0.0260651744902134 
0.0260651744902134 0.0260651744902134 0.0260651744902134 0.0260651744902134 
0.0260651744902134 0.0260651744902134 0.0260651744902134 0.0260651744902134 
0.0260651744902134 0.0260651744902134 0.0260651744902134 0.0260651744902134 
0.0260651744902134 0.0260651744902134 0.0260651744902134 0.0260651744902134 
0.0260651744902134 0.0260651744902134 0.0260651744902134 0.0260651744902134 
0.0260651744902134 0.0260651744902134 0.0260651744902134 0.0260651744902134 
0.0260651744902134 0.0260651744902134 0.0260651744902134 0.0260651744902134 
0.0260651744902134 0.0260651744902134 0.0260651744902134 0.0260651744902134 
0.0260651744902134 0.0260651744902134 0.0260651744902134 0.0260651744902134 
0.0260651744902134 0.0260651744902134 0.0260651744902134 0.0260651744902134 
0.0260651744902134 0.0260651744902134 0.0260651744902134 0.0260651744902134 
0.0260651744902134 0.0260651744902134 0.0260651744902134 0.0260651744902134 
0.0260651744902134 0.0260651744902134 0.0260651744902134 0.0260651744902134 
0.0260651744902134 0.0260651744902134 0.0260651744902134 0.0260651744902134 
0.0260651744902134 0.0260651744902134 0.0260651744902134 0.0260651744902134 
0.0260651744902134 0.0260651744902134 0.0260651744902134 0.0260651744902134 
0.0260651744902134 0.0260651744902134 0.0260651744902134 0.0260651744902134 
0.0260651744902134 0.0260651744902134 0.0260651744902134 0.0260651744902134 
0.0260651744902134 0.0260651744902134 0.0260651744902134 0.0260651744902134 
0.0260651744902134 0.0260651744902134 0.0260651744902134 0.0260651744902134 
0.0260651744902134 0.0260651744902134 0.0260651744902134 0.0260651744902134 
0.0260651744902134 0.0260651744902134 0.0260651744902134 0.0260651744902134 
0.0260651744902134 0.0260651744902134 0.0260651744902134 0.0260651744902134 
0.0260651744902134 0.0260651744902134 0.0260651744902134 0.0260651744902134 
0.0260651744902134 0.0260651744902134 0.0260651744902134 0.0260651744902134 
0.0260651744902134 0.0260651744902134 0.0260651744902134 0.0260651744902134 
0.0260651744902134 0.0260651744902134 0.0260651744902134 0.0260651744902134 
0.0260651744902134 0.0260651744902134 0.0260651744902134 0.0260651744902134 
0.0260651744902134 0.0260651744902134 0.0260651744902134 0.0260651744902134 
0.0260651744902134 0.0260651744902134 0.0260651744902134 0.0260651744902134 
0.0260651744902134 0.0260651744902134 0.0260651744902134 0.0260651744902134 
0.0260651744902134 0.0260651744902134 0.0260651744902134 0.0260651744902134 
0.0260651744902134 0.0260651744902134 0.0260651744902134 0.0260651744902134 
0.0260651744902134 0.0260651744902134 0.0260651744902134 0.0260651744902134 
0.0260651744902134 0.0260651744902134 0.0260651744902134 0.0260651744902134 
0.0260651744902134 0.0260651744902134 0.0260651744902134 0.0260651744902134 
0.0260651744902134 0.0260651744902134 0.0260651744902134 0.0260651744902134 
0.0260651744902134 0.0260651744902134 0.0260651744902134 0.0260651744902134 
0.0260651744902134 0.0260651744902134 0.0260651744902134 0.0260651744902134 
0.0260651744902134 0.0260651744902134 0.0260651744902134 0.0260651744902134 
0.0260651744902134 0.0260651744902134 0.0260651744902134 0.0260651744902134 
0.0260651744902134 0.0260651744902134 0.0260651744902134 0.0260651744902134 
0.0260651744902134 0.0260651744902134 0.0260651744902134 0.0260651744902134 
0.0260651744902134 0.0260651744902134 0.0260651744902134 0.0260651744902134 
0.0260651744902134 0.0260651744902134 0.0260651744902134 0.0260651744902134 
0.0260651744902134 0.0260651744902134 0.0260651744902134 0.0260651744902134 
0.0260651744902134 0.0260651744902134 0.0260651744902134 0.0260651744902134 
0.0260651744902134 0.0260651744902134 0.0260651744902134 0.0260651744902134 
0.0260651744902134 0.0260651744902134 0.0260651744902134 0.0260651744902134 
0.0260651744902134 0.0260651744902134 0.0260651744902134 0.0260651744902134 
0.0260651744902134 0.0260651744902134 0.0260651744902134 0.0260651744902134 
0.0260651744902134 0.0260651744902134 0.0260651744902134 0.0260651744902134 
0.0260651744902134 0.0260651744902134 0.0260651744902134 0.0260651744902134 
0.0260651744902134 0.0260651744902134 0.0260651744902134 0.0260651744902134 
0.0260651744902134 0.0260651744902134 0.0260651744902134 0.0260651744902134 
0.0260651744902134 0.0260651744902134 0.0260651744902134 0.0260651744902134 
0.0260651744902134 0.0260651744902134 0.0260651744902134 0.0260651744902134 
0.0260651744902134 0.0260651744902134 0.0260651744902134 0.0260651744902134 
0.0260651744902134 0.0260651744902134 0.0260651744902134 0.0260651744902134 
0.0260651744902134 0.0260651744902134 0.0260651744902134 0.0260651744902134 
0.0260651744902134 0.0260651744902134 0.0260651744902134 0.0260651744902134 
0.0260651744902134 0.0260651744902134 0.0260651744902134 0.0260651744902134 
0.0260651744902134 0.0260651744902134 0.0260651744902134 0.0260651744902134 
0.0260651744902134 0.0260651744902134 0.0260651744902134 0.0260651744902134 
0.0260651744902134 0.0260651744902134 0.0260651744902134 0.0260651744902134 
0.0260651744902134 0.0260651744902134 0.0260651744902134 0.0260651744902134 
0.0260651744902134 0.0260651744902134 0.0260651744902134 0.0260651744902134 
0.0260651744902134 0.0260651744902134 0.0260651744902134 0.0260651744902134 
0.0260651744902134 0.0260651744902134 0.0260651744902134 0.0260651744902134 
0.0260651744902134 0.0260651744902134 0.0260651744902134 0.0260651744902134 
0.0260651744902134 0.0260651744902134 0.0260651744902134 0.0260651744902134 
0.0260651744902134 0.0260651744902134 0.0260651744902134 0.0260651744902134 
0.0260651744902134 0.0260651744902134 0.0260651744902134 0.0260651744902134 
0.0260651744902134 0.0260651744902134 0.0260651744902134 0.0260651744902134 
0.0260651744902134 0.0260651744902134 0.0260651744902134 0.0260651744902134 
0.0260651744902134 0.0260651744902134 0.0260651744902134 0.0260651744902134 
0.0260651744902134 0.0260651744902134 0.0260651744902134 0.0260651744902134 
0.0260651744902134 0.0260651744902134 0.0260651744902134 0.0260651744902134 
0.0260651744902134 0.0260651744902134 0.0260651744902134 0.0260651744902134 
0.0260651744902134 0.0260651744902134 0.0260651744902134 0.0260651744902134 
0.0260651744902134 0.0260651744902134 0.0260651744902134 0.0260651744902134 
0.0260651744902134 0.0260651744902134 0.0260651744902134 0.0260651744902134 
0.0260651744902134 0.0260651744902134 0.0260651744902134 0.0260651744902134 
0.0260651744902134 0.0260651744902134 0.0260651744902134 0.0260651744902134 
0.0260651744902134 0.0260651744902134 0.0260651744902134 0.0260651744902134 
0.0260651744902134 0.0260651744902134 0.0260651744902134 0.0260651744902134 
0.0260651744902134 0.0260651744902134 0.0260651744902134 0.0260651744902134 
0.0260651744902134 0.0260651744902134 0.0260651744902134 0.0260651744902134 
0.0260651744902134 0.0260651744902134 0.0260651744902134 0.0260651744902134 
0.0260651744902134 0.0260651744902134 0.0260651744902134 0.0260651744902134 
0.0260651744902134 0.0260651744902134 0.0260651744902134 0.0260651744902134 
0.0260651744902134 0.0260651744902134 0.0260651744902134 0.0260651744902134 
0.0260651744902134 0.0260651744902134 0.0260651744902134 0.0260651744902134 
0.0260651744902134 0.0260651744902134 0.0260651744902134 0.0260651744902134 
0.0260651744902134 0.0260651744902134 0.0260651744902134 0.0260651744902134 
0.0260651744902134 0.0260651744902134 0.0260651744902134 0.0260651744902134 
0.0260651744902134 0.0260651744902134 0.0260651744902134 0.0260651744902134 
0.0260651744902134 0.0260651744902134 0.0260651744902134 0.0260651744902134 
0.0260651744902134 0.0260651744902134 0.0260651744902134 0.0260651744902134 
0.0260651744902134 0.0260651744902134 0.0260651744902134 0.0260651744902134 
0.0260651744902134 0.0260651744902134 0.0260651744902134 0.0260651744902134 
0.0260651744902134 0.0260651744902134 0.0260651744902134 0.0260651744902134 
0.0260651744902134 0.0260651744902134 0.0260651744902134 0.0260651744902134 
0.0260651744902134 0.0260651744902134 0.0260651744902134 0.0260651744902134 
0.0260651744902134 0.0260651744902134 0.0260651744902134 0.0260651744902134 
0.0260651744902134 0.0260651744902134 0.0260651744902134 0.0260651744902134 
0.0260651744902134 0.0260651744902134 0.0260651744902134 0.0260651744902134 
0.0260651744902134 0.0260651744902134 0.0260651744902134 0.0260651744902134 
0.0260651744902134 0.0260651744902134 0.0260651744902134 0.0260651744902134 
0.0260651744902134 0.0260651744902134 0.0260651744902134 0.0260651744902134 
0.0260651744902134 0.0260651744902134 0.0260651744902134 0.0260651744902134 
0.0260651744902134 0.0260651744902134 0.0260651744902134 0.0260651744902134 
0.0260651744902134 0.0260651744902134 0.0260651744902134 0.0260651744902134 
0.0260651744902134 0.0260651744902134 0.0260651744902134 0.0260651744902134 
0.0260651744902134 0.0260651744902134 0.0260651744902134 0.0260651744902134 
0.0260651744902134 0.0260651744902134 0.0260651744902134 0.0260651744902134 
0.0260651744902134 0.0260651744902134 0.0260651744902134 0.0260651744902134 
0.0260651744902134 0.0260651744902134 0.0260651744902134 0.0260651744902134 
0.0260651744902134 0.0260651744902134 0.0260651744902134 0.0260651744902134 
0.0260651744902134 0.0260651744902134 0.0260651744902134 0.0260651744902134 
0.0260651744902134 0.0260651744902134 0.0260651744902134 0.0260651744902134
##$RECO_byte_order=littleEndian
##$RECO_time=( 24 )
<14:36:53 14 Jun 2017>
##$RECO_abs_time=1497476213
$$ @vis= RECO_map_max RECO_map_offset RECO_map_slope RECO_byte_order RECO_time
##$RECO_base_image_uid=( 65 )
<2.16.756.5.5.100.4167689927.15715.1497479314.1708>
##$GS_reco_display=Yes
$$ @vis= RECO_abs_time RECO_base_image_uid RecoRegridNGroup GS_reco_display
##$GO_reco_display=Yes
##$GO_reco_each_nr=No
##$GO_max_reco_mem=0
$$ @vis= RECO_GS GO_reco_display GO_reco_each_nr GO_max_reco_mem RECO_GO RECO
##END=
