##TITLE=Parameter List
##JCAMPDX=4.24
##DATATYPE=Parameter Values
##ORIGIN=Bruker BioSpin MRI GmbH
##OWNER=agoldsher
$$ Wed Jun 14 14:26:50 2017 MST (UT-7h)  agoldsher
$$ /opt/PV51/data/agoldsher/nmr/AVG-uPA-T1-AR2.HY1/1/pdata/1/reco
##$RECO_mode=FT_MODE
##$RecoAutoDerive=Yes
##$RECO_inp_order=NO_REORDERING
##$RECO_inp_size=( 2 )
96 96
##$RECO_ft_size=( 2 )
96 96
##$RECO_fov=( 2 )
4.8 4.8
##$RECO_size=( 2 )
96 96
$$ @vis= RECO_mode RecoAutoDerive RECO_inp_order RECO_ft_size RECO_fov
##$RECO_offset=( 2, 40 )
0 0 0 0 0 0 0 0 0 0 0 0 0 0 0 0 0 0 0 0 0 0 0 0 0 0 0 0 0 0 0 0 0 0 0 0 0 0 0 
0 0 0 0 0 0 0 0 0 0 0 0 0 0 0 0 0 0 0 0 0 0 0 0 0 0 0 0 0 0 0 0 0 0 0 0 0 0 0 
0 0
##$RECO_regrid_mode=NO_REGRID
##$RECO_regrid_offset=0
##$RECO_ramp_gap=0
##$RECO_ramp_time=0
##$RECO_ne_mode=NO_NAV_DATA
##$RECO_ne_dist=NeNoInterleave
##$RECO_ne_dens=NeCorrPerScan
##$RECO_ne_type=NAV_PHASE
##$RECO_ne_vals=( 1, 2 )
0 0
##$RECO_bc_mode=( 2 )
NO_BC NO_BC
##$RECO_bc_start=( 2 )
72 72
##$RECO_bc_len=( 2 )
24 24
##$RECO_dc_offset=( 2 )
0 0
##$RECO_dc_divisor=1
##$RECO_bc_coroff=( 2 )
0 0
##$RECO_qopts=( 2 )
CONJ_AND_QNEG NO_QOPTS
##$RECO_wdw_mode=( 2 )
NO_WDW NO_WDW
$$ @vis= RECO_size RECO_regrid_mode RECO_ne_mode RECO_bc_mode RECO_qopts
##$RECO_lb=( 2 )
-0.5 -0.5
##$RECO_sw=( 2 )
50000 1
##$RECO_gb=( 2 )
0.5 0.5
##$RECO_sbs=( 2 )
1 1
##$RECO_tm1=( 2 )
0.25 0.25
##$RECO_tm2=( 2 )
0.75 0.75
##$RECO_ft_mode=( 2 )
COMPLEX_FT COMPLEX_FT
##$RECO_pc_mode=( 2 )
NO_PC NO_PC
##$RECO_pc_lin=( 2 )
(0, 0) (0, 0)
##$RECO_rotate=( 2, 40 )
0 0 0 0 0 0 0 0 0 0 0 0 0 0 0 0 0 0 0 0 0 0 0 0 0 0 0 0 0 0 0 0 0 0 0 0 0 0 0 
0 0.5 0.5 0.5 0.5 0.5 0.5 0.5 0.5 0.5 0.5 0.5 0.5 0.5 0.5 0.5 0.5 0.5 0.5 0.5 
0.5 0.5 0.5 0.5 0.5 0.5 0.5 0.5 0.5 0.5 0.5 0.5 0.5 0.5 0.5 0.5 0.5 0.5 0.5 
0.5 0.5
##$RECO_ppc_mode=NO_PPC
##$RECO_ref_image=0
##$RECO_nr_supports=0.4
##$RECO_sig_threshold=0.15
##$RECO_ppc_degree=1
##$RECO_ppc_coeffs=( 40, 2, 2 )
0 0 0 0 0 0 0 0 0 0 0 0 0 0 0 0 0 0 0 0 0 0 0 0 0 0 0 0 0 0 0 0 0 0 0 0 0 0 0 
0 0 0 0 0 0 0 0 0 0 0 0 0 0 0 0 0 0 0 0 0 0 0 0 0 0 0 0 0 0 0 0 0 0 0 0 0 0 0 
0 0 0 0 0 0 0 0 0 0 0 0 0 0 0 0 0 0 0 0 0 0 0 0 0 0 0 0 0 0 0 0 0 0 0 0 0 0 0 
0 0 0 0 0 0 0 0 0 0 0 0 0 0 0 0 0 0 0 0 0 0 0 0 0 0 0 0 0 0 0 0 0 0 0 0 0 0 0 
0 0 0 0
##$RECO_dc_elim=No
$$ @vis= RECO_wdw_mode RECO_ft_mode RECO_pc_mode RECO_rotate RECO_ppc_mode
##$RECO_transposition=( 40 )
0 0 0 0 0 0 0 0 0 0 0 0 0 0 0 0 0 0 0 0 0 0 0 0 0 0 0 0 0 0 0 0 0 0 0 0 0 0 0 
0
##$RECO_image_type=MAGNITUDE_IMAGE
##$RECO_image_threshold=0.15
##$RECO_ir_scale=10
##$RECO_wordtype=_16BIT_SGN_INT
##$RECO_map_mode=PERCENTILE_MAPPING
$$ @vis= RECO_dc_elim RECO_transposition RECO_image_type RECO_wordtype
##$RECO_map_range=( 2 )
-2147483647 2147483647
##$RECO_map_percentile=( 2 )
1 99.99
##$RECO_map_error=0.0025
##$RECO_globex=( 40 )
0 0 0 0 0 0 0 0 0 0 0 0 0 0 0 0 0 0 0 0 0 0 0 0 0 0 0 0 0 0 0 0 0 0 0 0 0 0 0 
0
##$RECO_minima=( 40 )
2 3 2 1 1 5 1 1 0 2 5 0 2 0 2 2 1 3 3 0 2 2 3 1 0 0 3 0 2 1 6 3 3 0 3 4 2 2 0 
2
$$ @vis= RECO_map_mode RECO_map_percentile RECO_map_error RECO_globex
##$RECO_maxima=( 40 )
8526 20334 24580 16029 17211 23704 21506 12877 25761 26022 16621 21000 27177 
20834 26149 28102 17622 25540 28414 32767 32767 32767 30831 29999 29996 29467 
31315 30778 30024 31396 32767 31569 32767 32743 32199 31997 32767 32767 32767 
32767
##$RECO_map_min=( 40 )
-3009061.5 -3009061.5 -3009061.5 -3009061.5 -3009061.5 -3009061.5 -3009061.5 
-3009061.5 -3009061.5 -3009061.5 -3009061.5 -3009061.5 -3009061.5 -3009061.5 
-3009061.5 -3009061.5 -3009061.5 -3009061.5 -3009061.5 -3009061.5 -3009061.5 
-3009061.5 -3009061.5 -3009061.5 -3009061.5 -3009061.5 -3009061.5 -3009061.5 
-3009061.5 -3009061.5 -3009061.5 -3009061.5 -3009061.5 -3009061.5 -3009061.5 
-3009061.5 -3009061.5 -3009061.5 -3009061.5 -3009061.5
##$RECO_map_max=( 40 )
3009061.5 3009061.5 3009061.5 3009061.5 3009061.5 3009061.5 3009061.5 
3009061.5 3009061.5 3009061.5 3009061.5 3009061.5 3009061.5 3009061.5 
3009061.5 3009061.5 3009061.5 3009061.5 3009061.5 3009061.5 3009061.5 
3009061.5 3009061.5 3009061.5 3009061.5 3009061.5 3009061.5 3009061.5 
3009061.5 3009061.5 3009061.5 3009061.5 3009061.5 3009061.5 3009061.5 
3009061.5 3009061.5 3009061.5 3009061.5 3009061.5
##$RECO_map_offset=( 40 )
0 0 0 0 0 0 0 0 0 0 0 0 0 0 0 0 0 0 0 0 0 0 0 0 0 0 0 0 0 0 0 0 0 0 0 0 0 0 0 
0
##$RECO_map_slope=( 40 )
0.0108894417062402 0.0108894417062402 0.0108894417062402 0.0108894417062402 
0.0108894417062402 0.0108894417062402 0.0108894417062402 0.0108894417062402 
0.0108894417062402 0.0108894417062402 0.0108894417062402 0.0108894417062402 
0.0108894417062402 0.0108894417062402 0.0108894417062402 0.0108894417062402 
0.0108894417062402 0.0108894417062402 0.0108894417062402 0.0108894417062402 
0.0108894417062402 0.0108894417062402 0.0108894417062402 0.0108894417062402 
0.0108894417062402 0.0108894417062402 0.0108894417062402 0.0108894417062402 
0.0108894417062402 0.0108894417062402 0.0108894417062402 0.0108894417062402 
0.0108894417062402 0.0108894417062402 0.0108894417062402 0.0108894417062402 
0.0108894417062402 0.0108894417062402 0.0108894417062402 0.0108894417062402
$$ @vis= RECO_minima RECO_maxima RECO_map_min RECO_map_max RECO_map_offset
##$RECO_byte_order=littleEndian
##$RECO_time=( 24 )
<14:25:44 14 Jun 2017>
##$RECO_abs_time=1497475544
##$RECO_base_image_uid=( 65 )
<2.16.756.5.5.100.4167689927.15715.1497475609.1155>
$$ @vis= RECO_map_slope RECO_byte_order RECO_time RECO_abs_time
##$GS_reco_display=Yes
##$GO_reco_display=Yes
$$ @vis= RECO_base_image_uid RecoRegridNGroup GS_reco_display RECO_GS
##$GO_reco_each_nr=No
##$GO_max_reco_mem=0
$$ @vis= GO_reco_display GO_reco_each_nr GO_max_reco_mem RECO_GO RECO
##END=
